{
  "aor": 0.001269504132231405,
  "aqi": 0.019547441322314053,
  "bids_meta": {
    "AcquisitionMatrixPE": 64,
    "AcquisitionNumber": 1,
    "AcquisitionTime": "11:53:26.025000",
    "BandwidthPerPixelPhaseEncode": 56.818,
    "CoilString": "NN",
    "ConversionSoftware": "dcm2niix",
    "ConversionSoftwareVersion": "v1.0.20200331",
    "DerivedVendorReportedEchoSpacing": 0.000550002,
    "DeviceSerialNumber": "51066",
    "EchoTime": 0.03,
    "EffectiveEchoSpacing": 0.000275001,
    "FlipAngle": 90,
    "ImageOrientationPatientDICOM": [
      1,
      -2.05103e-10,
      0,
      2.05103e-10,
      1,
      0
    ],
    "ImageType": [
      "ORIGINAL",
      "PRIMARY",
      "M",
      "ND",
      "NORM",
      "MOSAIC"
    ],
    "ImagingFrequency": 123.24,
    "InPlanePhaseEncodingDirectionDICOM": "ROW",
    "InstitutionAddress": "Blackburn_Road_770_Clayton_Victoria_AU_3168",
    "InstitutionName": "Monash_Biomedical_Imaging",
    "MRAcquisitionType": "2D",
    "MagneticFieldStrength": 3,
    "Manufacturer": "Siemens",
    "ManufacturersModelName": "Biograph_mMR",
    "Modality": "MR",
    "ParallelReductionFactorInPlane": 2,
    "PatientPosition": "HFS",
    "PercentPhaseFOV": 100,
    "PercentSampling": 100,
    "PhaseEncodingDirection": "i",
    "PixelBandwidth": 2367,
    "ProcedureStepDescription": "MR-PET_Scan",
    "ProtocolName": "Resting_5_ep2d_task_bold",
    "ReceiveCoilActiveElements": "T:HEA;HEP",
    "ReconMatrixPE": 64,
    "RepetitionTime": 2.45,
    "ScanOptions": "FS",
    "ScanningSequence": "EP",
    "SequenceVariant": "SK",
    "SeriesDescription": "Resting_5_ep2d_task_bold",
    "SeriesNumber": 34,
    "SliceThickness": 3,
    "SliceTiming": [
      1.225,
      0.0,
      1.2806818181818183,
      0.055681818181818186,
      1.3363636363636364,
      0.11136363636363637,
      1.3920454545454546,
      0.16704545454545455,
      1.4477272727272728,
      0.22272727272727275,
      1.5034090909090911,
      0.27840909090909094,
      1.5590909090909093,
      0.3340909090909091,
      1.6147727272727275,
      0.3897727272727273,
      1.6704545454545456,
      0.4454545454545455,
      1.7261363636363638,
      0.5011363636363637,
      1.781818181818182,
      0.5568181818181819,
      1.8375000000000001,
      0.6125,
      1.8931818181818183,
      0.6681818181818182,
      1.9488636363636365,
      0.7238636363636364,
      2.004545454545455,
      0.7795454545454547,
      2.060227272727273,
      0.8352272727272728,
      2.115909090909091,
      0.890909090909091,
      2.1715909090909093,
      0.9465909090909091,
      2.2272727272727275,
      1.0022727272727274,
      2.2829545454545457,
      1.0579545454545456,
      2.338636363636364,
      1.1136363636363638,
      2.394318181818182,
      1.169318181818182
    ],
    "SoftwareVersions": "syngo_MR_B20P",
    "SpacingBetweenSlices": 3,
    "StationName": "MRC51066",
    "TaskName": "rest",
    "TotalReadoutTime": 0.0173251,
    "dataset": "ds002898",
    "modality": "bold",
    "run_id": 5,
    "subject_id": "19",
    "task_id": "rest"
  },
  "dummy_trs": 0,
  "dvars_nstd": 36.42781967564316,
  "dvars_std": 1.0931048396680503,
  "dvars_vstd": 1.0195343955601652,
  "efc": 0.5345966361642901,
  "fber": 817.3934326171875,
  "fd_mean": 0.13223306387216063,
  "fd_num": 32,
  "fd_perc": 13.223140495867769,
  "fwhm_avg": 1.6112815087719297,
  "fwhm_x": 1.563216842105263,
  "fwhm_y": 1.6711376842105263,
  "fwhm_z": 1.59949,
  "gcor": 0.0322428,
  "gsr_x": 0.007860066369175911,
  "gsr_y": 0.014203748665750027,
  "provenance": {
    "md5sum": "def1ac20a81bb11d070c04a2b66cb5b1",
    "settings": {
      "fd_thres": 0.2,
      "testing": false
    },
    "software": "mriqc",
    "version": "21.0.0rc2",
    "webapi_port": null,
    "webapi_url": "https://mriqc.nimh.nih.gov/api/v1"
  },
  "size_t": 242,
  "size_x": 64,
  "size_y": 64,
  "size_z": 44,
  "snr": 6.996679818340311,
  "spacing_tr": 2.450000047683716,
  "spacing_x": 2.96875,
  "spacing_y": 2.96875,
  "spacing_z": 3.0,
  "summary_bg_k": 48.90120688963045,
  "summary_bg_mad": 13.612983749202407,
  "summary_bg_mean": 44.48944854736328,
  "summary_bg_median": 26.780990600585938,
  "summary_bg_n": 110253.0,
  "summary_bg_p05": 13.4297513961792,
  "summary_bg_p95": 136.00991210937485,
  "summary_bg_stdv": 60.63970184326172,
  "summary_fg_k": 1.7914523838991272,
  "summary_fg_mad": 104.17429742880853,
  "summary_fg_mean": 766.5347290039062,
  "summary_fg_median": 759.5123901367188,
  "summary_fg_n": 33144.0,
  "summary_fg_p05": 610.7014068603515,
  "summary_fg_p95": 942.5989318847655,
  "summary_fg_stdv": 108.55162048339844,
  "tsnr": 38.642534371465445
}