{
  "aor": 0.00047582644628099176,
  "aqi": 0.015233486363636363,
  "bids_meta": {
    "AcquisitionMatrixPE": 64,
    "AcquisitionNumber": 1,
    "AcquisitionTime": "12:30:10.287500",
    "BandwidthPerPixelPhaseEncode": 56.818,
    "CoilString": "NN",
    "ConversionSoftware": "dcm2niix",
    "ConversionSoftwareVersion": "v1.0.20200331",
    "DerivedVendorReportedEchoSpacing": 0.000550002,
    "DeviceSerialNumber": "51066",
    "EchoTime": 0.03,
    "EffectiveEchoSpacing": 0.000275001,
    "FlipAngle": 90,
    "ImageOrientationPatientDICOM": [
      0.992591,
      0.121499,
      0.00145522,
      -0.120117,
      0.982967,
      -0.139098
    ],
    "ImageType": [
      "ORIGINAL",
      "PRIMARY",
      "M",
      "ND",
      "NORM",
      "MOSAIC"
    ],
    "ImagingFrequency": 123.24,
    "InPlanePhaseEncodingDirectionDICOM": "ROW",
    "InstitutionAddress": "Blackburn_Road_770_Clayton_Victoria_AU_3168",
    "InstitutionName": "Monash_Biomedical_Imaging",
    "MRAcquisitionType": "2D",
    "MagneticFieldStrength": 3,
    "Manufacturer": "Siemens",
    "ManufacturersModelName": "Biograph_mMR",
    "Modality": "MR",
    "ParallelReductionFactorInPlane": 2,
    "PatientPosition": "HFS",
    "PercentPhaseFOV": 100,
    "PercentSampling": 100,
    "PhaseEncodingDirection": "i",
    "PixelBandwidth": 2367,
    "ProcedureStepDescription": "MR-PET_Scan",
    "ProtocolName": "Resting_6_ep2d_task_bold",
    "ReceiveCoilActiveElements": "T:HEA;HEP",
    "ReconMatrixPE": 64,
    "RepetitionTime": 2.45,
    "ScanOptions": "FS",
    "ScanningSequence": "EP",
    "SequenceVariant": "SK",
    "SeriesDescription": "Resting_6_ep2d_task_bold",
    "SeriesNumber": 35,
    "SliceThickness": 3,
    "SliceTiming": [
      1.225,
      0.0,
      1.2806818181818183,
      0.055681818181818186,
      1.3363636363636364,
      0.11136363636363637,
      1.3920454545454546,
      0.16704545454545455,
      1.4477272727272728,
      0.22272727272727275,
      1.5034090909090911,
      0.27840909090909094,
      1.5590909090909093,
      0.3340909090909091,
      1.6147727272727275,
      0.3897727272727273,
      1.6704545454545456,
      0.4454545454545455,
      1.7261363636363638,
      0.5011363636363637,
      1.781818181818182,
      0.5568181818181819,
      1.8375000000000001,
      0.6125,
      1.8931818181818183,
      0.6681818181818182,
      1.9488636363636365,
      0.7238636363636364,
      2.004545454545455,
      0.7795454545454547,
      2.060227272727273,
      0.8352272727272728,
      2.115909090909091,
      0.890909090909091,
      2.1715909090909093,
      0.9465909090909091,
      2.2272727272727275,
      1.0022727272727274,
      2.2829545454545457,
      1.0579545454545456,
      2.338636363636364,
      1.1136363636363638,
      2.394318181818182,
      1.169318181818182
    ],
    "SoftwareVersions": "syngo_MR_B20P",
    "SpacingBetweenSlices": 3,
    "StationName": "MRC51066",
    "TaskName": "rest",
    "TotalReadoutTime": 0.0173251,
    "dataset": "ds002898",
    "modality": "bold",
    "run_id": 6,
    "subject_id": "15",
    "task_id": "rest"
  },
  "dummy_trs": 0,
  "dvars_nstd": 37.91607129414935,
  "dvars_std": 1.114145659502075,
  "dvars_vstd": 1.0110765723236517,
  "efc": 0.561623744783227,
  "fber": 713.7442016601562,
  "fd_mean": 0.10175863527392223,
  "fd_num": 29,
  "fd_perc": 11.983471074380166,
  "fwhm_avg": 1.650235216374269,
  "fwhm_x": 1.5946846315789474,
  "fwhm_y": 1.7242576842105264,
  "fwhm_z": 1.6317633333333335,
  "gcor": 0.0210763,
  "gsr_x": 0.007310518063604832,
  "gsr_y": 0.009786541573703289,
  "provenance": {
    "md5sum": "23309396d89f7bbfd4fa9a276928a84e",
    "settings": {
      "fd_thres": 0.2,
      "testing": false
    },
    "software": "mriqc",
    "version": "21.0.0rc2",
    "webapi_port": null,
    "webapi_url": "https://mriqc.nimh.nih.gov/api/v1"
  },
  "size_t": 242,
  "size_x": 64,
  "size_y": 64,
  "size_z": 44,
  "snr": 7.05362811029641,
  "spacing_tr": 2.450000047683716,
  "spacing_x": 2.96875,
  "spacing_y": 2.96875,
  "spacing_z": 3.0,
  "summary_bg_k": 26.007181922756068,
  "summary_bg_mad": 14.605470513402448,
  "summary_bg_mean": 45.11436080932617,
  "summary_bg_median": 27.148759841918945,
  "summary_bg_n": 104602.0,
  "summary_bg_p05": 13.454545021057129,
  "summary_bg_p95": 139.53511962890613,
  "summary_bg_stdv": 59.13134765625,
  "summary_fg_k": 1.3626038912263532,
  "summary_fg_mad": 101.76348523372081,
  "summary_fg_mean": 734.3253784179688,
  "summary_fg_median": 726.9586181640625,
  "summary_fg_n": 37770.0,
  "summary_fg_p05": 586.2600860595703,
  "summary_fg_p95": 899.5043182373045,
  "summary_fg_stdv": 103.06029510498047,
  "tsnr": 40.663328766822815
}