{
  "aor": 0.00027099173553719007,
  "aqi": 0.018835907851239668,
  "bids_meta": {
    "AcquisitionMatrixPE": 64,
    "AcquisitionNumber": 1,
    "AcquisitionTime": "15:01:22.485000",
    "BandwidthPerPixelPhaseEncode": 56.818,
    "CoilString": "NN",
    "ConversionSoftware": "dcm2niix",
    "ConversionSoftwareVersion": "v1.0.20200331",
    "DerivedVendorReportedEchoSpacing": 0.000550002,
    "DeviceSerialNumber": "51066",
    "EchoTime": 0.03,
    "EffectiveEchoSpacing": 0.000275001,
    "FlipAngle": 90,
    "ImageOrientationPatientDICOM": [
      0.999053,
      0.000984778,
      0.043494,
      2.21746e-10,
      0.999744,
      -0.0226359
    ],
    "ImageType": [
      "ORIGINAL",
      "PRIMARY",
      "M",
      "ND",
      "NORM",
      "MOSAIC"
    ],
    "ImagingFrequency": 123.24,
    "InPlanePhaseEncodingDirectionDICOM": "ROW",
    "InstitutionAddress": "Blackburn_Road_770_Clayton_Victoria_AU_3168",
    "InstitutionName": "Monash_Biomedical_Imaging",
    "MRAcquisitionType": "2D",
    "MagneticFieldStrength": 3,
    "Manufacturer": "Siemens",
    "ManufacturersModelName": "Biograph_mMR",
    "Modality": "MR",
    "ParallelReductionFactorInPlane": 2,
    "PatientPosition": "HFS",
    "PercentPhaseFOV": 100,
    "PercentSampling": 100,
    "PhaseEncodingDirection": "i",
    "PixelBandwidth": 2367,
    "ProcedureStepDescription": "MR-PET_Scan",
    "ProtocolName": "Resting_1_ep2d_task_bold",
    "ReceiveCoilActiveElements": "T:HEA;HEP",
    "ReconMatrixPE": 64,
    "RepetitionTime": 2.45,
    "ScanOptions": "FS",
    "ScanningSequence": "EP",
    "SequenceVariant": "SK",
    "SeriesDescription": "Resting_1_ep2d_task_bold",
    "SeriesNumber": 31,
    "SliceThickness": 3,
    "SliceTiming": [
      1.225,
      0.0,
      1.2806818181818183,
      0.055681818181818186,
      1.3363636363636364,
      0.11136363636363637,
      1.3920454545454546,
      0.16704545454545455,
      1.4477272727272728,
      0.22272727272727275,
      1.5034090909090911,
      0.27840909090909094,
      1.5590909090909093,
      0.3340909090909091,
      1.6147727272727275,
      0.3897727272727273,
      1.6704545454545456,
      0.4454545454545455,
      1.7261363636363638,
      0.5011363636363637,
      1.781818181818182,
      0.5568181818181819,
      1.8375000000000001,
      0.6125,
      1.8931818181818183,
      0.6681818181818182,
      1.9488636363636365,
      0.7238636363636364,
      2.004545454545455,
      0.7795454545454547,
      2.060227272727273,
      0.8352272727272728,
      2.115909090909091,
      0.890909090909091,
      2.1715909090909093,
      0.9465909090909091,
      2.2272727272727275,
      1.0022727272727274,
      2.2829545454545457,
      1.0579545454545456,
      2.338636363636364,
      1.1136363636363638,
      2.394318181818182,
      1.169318181818182
    ],
    "SoftwareVersions": "syngo_MR_B20P",
    "SpacingBetweenSlices": 3,
    "StationName": "MRC51066",
    "TaskName": "rest",
    "TotalReadoutTime": 0.0173251,
    "dataset": "ds002898",
    "modality": "bold",
    "run_id": 1,
    "subject_id": "04",
    "task_id": "rest"
  },
  "dummy_trs": 0,
  "dvars_nstd": 37.956981975352704,
  "dvars_std": 1.1250955173858912,
  "dvars_vstd": 0.9959202197925316,
  "efc": 0.5729466182885935,
  "fber": 732.890380859375,
  "fd_mean": 0.09300838610239065,
  "fd_num": 14,
  "fd_perc": 5.785123966942149,
  "fwhm_avg": 1.635964292397661,
  "fwhm_x": 1.5744606315789473,
  "fwhm_y": 1.7224555789473686,
  "fwhm_z": 1.6109766666666667,
  "gcor": 0.0434825,
  "gsr_x": 0.003753523575142026,
  "gsr_y": 0.019615693017840385,
  "provenance": {
    "md5sum": "3408ac886e7764255c2591ae55531bdc",
    "settings": {
      "fd_thres": 0.2,
      "testing": false
    },
    "software": "mriqc",
    "version": "21.0.0rc2",
    "webapi_port": null,
    "webapi_url": "https://mriqc.nimh.nih.gov/api/v1"
  },
  "size_t": 242,
  "size_x": 64,
  "size_y": 64,
  "size_z": 44,
  "snr": 7.160599574924124,
  "spacing_tr": 2.450000047683716,
  "spacing_x": 2.96875,
  "spacing_y": 2.96875,
  "spacing_z": 3.0,
  "summary_bg_k": 37.82312939848932,
  "summary_bg_mad": 14.207248525459951,
  "summary_bg_mean": 42.206974029541016,
  "summary_bg_median": 26.40082550048828,
  "summary_bg_n": 100792.0,
  "summary_bg_p05": 13.462809562683105,
  "summary_bg_p95": 122.39214591979979,
  "summary_bg_stdv": 53.71670150756836,
  "summary_fg_k": 2.014357708687733,
  "summary_fg_mad": 90.65926154994146,
  "summary_fg_mean": 722.8524169921875,
  "summary_fg_median": 714.54541015625,
  "summary_fg_n": 41183.0,
  "summary_fg_p05": 582.5086547851563,
  "summary_fg_p95": 891.4743469238282,
  "summary_fg_stdv": 99.78727722167969,
  "tsnr": 39.88304352143314
}