{
  "bids_meta": {
    "AcquisitionMatrixPE": 256,
    "AcquisitionNumber": 1,
    "AcquisitionTime": "12:59:47.405000",
    "CoilString": "T:HEA;HEP;NEP",
    "ConversionSoftware": "dcm2niix",
    "ConversionSoftwareVersion": "v1.0.20200331",
    "DeviceSerialNumber": "51066",
    "DwellTime": 1.03e-05,
    "EchoTime": 0.00234,
    "FlipAngle": 8,
    "ImageOrientationPatientDICOM": [
      0.135758,
      0.990742,
      -1.44599e-08,
      0.0310015,
      -0.00424805,
      -0.99951
    ],
    "ImageType": [
      "ORIGINAL",
      "PRIMARY",
      "M",
      "ND",
      "NORM"
    ],
    "ImagingFrequency": 123.24,
    "InPlanePhaseEncodingDirectionDICOM": "ROW",
    "InstitutionAddress": "Blackburn_Road_770_Clayton_Victoria_AU_3168",
    "InstitutionName": "Monash_Biomedical_Imaging",
    "InstitutionalDepartmentName": "Department",
    "InversionTime": 0.9,
    "MRAcquisitionType": "3D",
    "MagneticFieldStrength": 3,
    "Manufacturer": "Siemens",
    "ManufacturersModelName": "Biograph_mMR",
    "Modality": "MR",
    "ParallelReductionFactorInPlane": 2,
    "PatientPosition": "HFS",
    "PercentPhaseFOV": 100,
    "PercentSampling": 100,
    "PhaseEncodingSteps": 255,
    "PixelBandwidth": 190,
    "ProcedureStepDescription": "MR-PET_Scan",
    "ProtocolName": "Head_t1_mprage_sag_1_iso",
    "ReconMatrixPE": 256,
    "RepetitionTime": 1.64,
    "SAR": 0.0452021,
    "ScanOptions": "IR",
    "ScanningSequence": "GR_IR",
    "SequenceName": "_tfl3d1_ns",
    "SequenceVariant": "SP_MP",
    "SeriesDescription": "Head_t1_mprage_sag_1_iso",
    "SeriesNumber": 10,
    "SliceThickness": 1,
    "SoftwareVersions": "syngo_MR_B20P",
    "StationName": "MRC51066",
    "dataset": "ds002898",
    "modality": "T1w",
    "subject_id": "11"
  },
  "cjv": 0.4702493715128146,
  "cnr": 2.9273630295073088,
  "efc": 0.54098628736736,
  "fber": 2289.882158524127,
  "fwhm_avg": 3.8667866666666666,
  "fwhm_x": 3.83723,
  "fwhm_y": 3.76548,
  "fwhm_z": 3.99765,
  "icvs_csf": 0.19636310083173206,
  "icvs_gm": 0.43531284626281613,
  "icvs_wm": 0.36832405290545184,
  "inu_med": 1.3893485069274902,
  "inu_range": 0.4790477454662323,
  "provenance": {
    "md5sum": "00c0bd0c8ef649a20a4d99f2eb21ebd0",
    "settings": {
      "testing": false
    },
    "software": "mriqc",
    "version": "21.0.0rc2",
    "warnings": {
      "large_rot_frame": true,
      "small_air_mask": false
    },
    "webapi_port": null,
    "webapi_url": "https://mriqc.nimh.nih.gov/api/v1"
  },
  "qi_1": 0.0,
  "qi_2": 0.0037839431265076287,
  "rpve_csf": 33.32505325811805,
  "rpve_gm": 16.279734040882076,
  "rpve_wm": 22.36638377470591,
  "size_x": 176,
  "size_y": 256,
  "size_z": 256,
  "snr_csf": 1.860247579912384,
  "snr_gm": 12.479253335893413,
  "snr_total": 10.636309547881728,
  "snr_wm": 17.569427727839386,
  "snrd_csf": 31.79778266541289,
  "snrd_gm": 61.558841291399126,
  "snrd_total": 58.3107489641838,
  "snrd_wm": 81.57562293573939,
  "spacing_x": 1.0,
  "spacing_y": 1.0,
  "spacing_z": 1.0,
  "summary_bg_k": 9.729597138794746,
  "summary_bg_mad": 8.031031353871718,
  "summary_bg_mean": 16.35325915254593,
  "summary_bg_median": 13.448726892471313,
  "summary_bg_n": 3300028.0,
  "summary_bg_p05": 2.6772928535938263,
  "summary_bg_p95": 37.60662519931793,
  "summary_bg_stdv": 11.40686561170328,
  "summary_csf_k": 42.832654011994926,
  "summary_csf_mad": 109.15740891900352,
  "summary_csf_mean": 432.12816985291374,
  "summary_csf_median": 389.79516069591045,
  "summary_csf_n": 14696.0,
  "summary_csf_p05": 260.9426592886448,
  "summary_csf_p95": 638.005113273859,
  "summary_csf_stdv": 209.53227018371612,
  "summary_gm_k": -0.060552090237811385,
  "summary_gm_mad": 60.648133327514,
  "summary_gm_mean": 754.3641750350002,
  "summary_gm_median": 754.6230089664459,
  "summary_gm_n": 19245.0,
  "summary_gm_p05": 654.6416865408421,
  "summary_gm_p95": 855.1024323880672,
  "summary_gm_stdv": 60.4686340368863,
  "summary_wm_k": 0.2196300118030976,
  "summary_wm_mad": 54.74024819363136,
  "summary_wm_mean": 999.848650056045,
  "summary_wm_median": 1000.0000121295452,
  "summary_wm_n": 167194.0,
  "summary_wm_p05": 905.4230855107307,
  "summary_wm_p95": 1094.0788377523422,
  "summary_wm_stdv": 56.916880679190726,
  "tpm_overlap_csf": 0.15389642119407654,
  "tpm_overlap_gm": 0.43761399388313293,
  "tpm_overlap_wm": 0.4921424984931946,
  "wm2max": 0.4673401309241793
}