{
  "aor": 0.004280826446280992,
  "aqi": 0.020118928925619832,
  "bids_meta": {
    "AcquisitionMatrixPE": 64,
    "AcquisitionNumber": 1,
    "AcquisitionTime": "15:26:14.282500",
    "BandwidthPerPixelPhaseEncode": 56.818,
    "CoilString": "NN",
    "ConversionSoftware": "dcm2niix",
    "ConversionSoftwareVersion": "v1.0.20200331",
    "DerivedVendorReportedEchoSpacing": 0.000550002,
    "DeviceSerialNumber": "51066",
    "EchoTime": 0.03,
    "EffectiveEchoSpacing": 0.000275001,
    "FlipAngle": 90,
    "ImageOrientationPatientDICOM": [
      0.999994,
      -0.000633818,
      -0.00332339,
      1.94988e-10,
      0.982296,
      -0.187338
    ],
    "ImageType": [
      "ORIGINAL",
      "PRIMARY",
      "M",
      "ND",
      "NORM",
      "MOSAIC"
    ],
    "ImagingFrequency": 123.24,
    "InPlanePhaseEncodingDirectionDICOM": "ROW",
    "InstitutionAddress": "Blackburn_Road_770_Clayton_Victoria_AU_3168",
    "InstitutionName": "Monash_Biomedical_Imaging",
    "MRAcquisitionType": "2D",
    "MagneticFieldStrength": 3,
    "Manufacturer": "Siemens",
    "ManufacturersModelName": "Biograph_mMR",
    "Modality": "MR",
    "ParallelReductionFactorInPlane": 2,
    "PatientPosition": "HFS",
    "PercentPhaseFOV": 100,
    "PercentSampling": 100,
    "PhaseEncodingDirection": "i",
    "PixelBandwidth": 2367,
    "ProcedureStepDescription": "MR-PET_Scan",
    "ProtocolName": "Resting_2_ep2d_task_bold",
    "ReceiveCoilActiveElements": "T:HEA;HEP",
    "ReconMatrixPE": 64,
    "RepetitionTime": 2.45,
    "ScanOptions": "FS",
    "ScanningSequence": "EP",
    "SequenceVariant": "SK",
    "SeriesDescription": "Resting_2_ep2d_task_bold",
    "SeriesNumber": 38,
    "SliceThickness": 3,
    "SliceTiming": [
      1.225,
      0.0,
      1.2806818181818183,
      0.055681818181818186,
      1.3363636363636364,
      0.11136363636363637,
      1.3920454545454546,
      0.16704545454545455,
      1.4477272727272728,
      0.22272727272727275,
      1.5034090909090911,
      0.27840909090909094,
      1.5590909090909093,
      0.3340909090909091,
      1.6147727272727275,
      0.3897727272727273,
      1.6704545454545456,
      0.4454545454545455,
      1.7261363636363638,
      0.5011363636363637,
      1.781818181818182,
      0.5568181818181819,
      1.8375000000000001,
      0.6125,
      1.8931818181818183,
      0.6681818181818182,
      1.9488636363636365,
      0.7238636363636364,
      2.004545454545455,
      0.7795454545454547,
      2.060227272727273,
      0.8352272727272728,
      2.115909090909091,
      0.890909090909091,
      2.1715909090909093,
      0.9465909090909091,
      2.2272727272727275,
      1.0022727272727274,
      2.2829545454545457,
      1.0579545454545456,
      2.338636363636364,
      1.1136363636363638,
      2.394318181818182,
      1.169318181818182
    ],
    "SoftwareVersions": "syngo_MR_B20P",
    "SpacingBetweenSlices": 3,
    "StationName": "MRC51066",
    "TaskName": "rest",
    "TotalReadoutTime": 0.0173251,
    "dataset": "ds002898",
    "modality": "bold",
    "run_id": 2,
    "subject_id": "16",
    "task_id": "rest"
  },
  "dummy_trs": 0,
  "dvars_nstd": 42.477302978506216,
  "dvars_std": 1.1772480387551865,
  "dvars_vstd": 1.0417095295435685,
  "efc": 0.5533953861143707,
  "fber": 721.2665405273438,
  "fd_mean": 0.135687828611379,
  "fd_num": 28,
  "fd_perc": 11.570247933884298,
  "fwhm_avg": 1.6158966666666668,
  "fwhm_x": 1.618229894736842,
  "fwhm_y": 1.640650105263158,
  "fwhm_z": 1.5888099999999998,
  "gcor": 0.0627313,
  "gsr_x": 0.0005517944227904081,
  "gsr_y": 0.017712971195578575,
  "provenance": {
    "md5sum": "889556332273c621b3135cbb744ad089",
    "settings": {
      "fd_thres": 0.2,
      "testing": false
    },
    "software": "mriqc",
    "version": "21.0.0rc2",
    "webapi_port": null,
    "webapi_url": "https://mriqc.nimh.nih.gov/api/v1"
  },
  "size_t": 242,
  "size_x": 64,
  "size_y": 64,
  "size_z": 44,
  "snr": 7.1746046408125705,
  "spacing_tr": 2.450000047683716,
  "spacing_x": 2.96875,
  "spacing_y": 2.96875,
  "spacing_z": 3.0,
  "summary_bg_k": 77.382113691895,
  "summary_bg_mad": 14.047961992554404,
  "summary_bg_mean": 45.61311340332031,
  "summary_bg_median": 27.202478408813477,
  "summary_bg_n": 106733.0,
  "summary_bg_p05": 13.351239204406738,
  "summary_bg_p95": 139.43635864257791,
  "summary_bg_stdv": 68.31532287597656,
  "summary_fg_k": 1.6647937738154175,
  "summary_fg_mad": 99.94697174896243,
  "summary_fg_mean": 733.7406005859375,
  "summary_fg_median": 729.3057250976562,
  "summary_fg_n": 36075.0,
  "summary_fg_p05": 586.5995544433594,
  "summary_fg_p95": 898.3565734863281,
  "summary_fg_stdv": 101.64958953857422,
  "tsnr": 35.86519828834571
}