{
  "aor": 0.0019871900826446283,
  "aqi": 0.02452593140495868,
  "bids_meta": {
    "AcquisitionMatrixPE": 64,
    "AcquisitionNumber": 1,
    "AcquisitionTime": "14:05:41.735000",
    "BandwidthPerPixelPhaseEncode": 56.818,
    "CoilString": "NN",
    "ConversionSoftware": "dcm2niix",
    "ConversionSoftwareVersion": "v1.0.20200331",
    "DerivedVendorReportedEchoSpacing": 0.000550002,
    "DeviceSerialNumber": "51066",
    "EchoTime": 0.03,
    "EffectiveEchoSpacing": 0.000275001,
    "FlipAngle": 90,
    "ImageOrientationPatientDICOM": [
      1,
      -4.28441e-05,
      -0.000791409,
      2.06354e-10,
      0.998538,
      -0.054057
    ],
    "ImageType": [
      "ORIGINAL",
      "PRIMARY",
      "M",
      "ND",
      "NORM",
      "MOSAIC"
    ],
    "ImagingFrequency": 123.24,
    "InPlanePhaseEncodingDirectionDICOM": "ROW",
    "InstitutionAddress": "Blackburn_Road_770_Clayton_Victoria_AU_3168",
    "InstitutionName": "Monash_Biomedical_Imaging",
    "MRAcquisitionType": "2D",
    "MagneticFieldStrength": 3,
    "Manufacturer": "Siemens",
    "ManufacturersModelName": "Biograph_mMR",
    "Modality": "MR",
    "ParallelReductionFactorInPlane": 2,
    "PatientPosition": "HFS",
    "PercentPhaseFOV": 100,
    "PercentSampling": 100,
    "PhaseEncodingDirection": "i",
    "PixelBandwidth": 2367,
    "ProcedureStepDescription": "MR-PET_Scan",
    "ProtocolName": "Resting_5_ep2d_task_bold",
    "ReceiveCoilActiveElements": "T:HEA;HEP",
    "ReconMatrixPE": 64,
    "RepetitionTime": 2.45,
    "ScanOptions": "FS",
    "ScanningSequence": "EP",
    "SequenceVariant": "SK",
    "SeriesDescription": "Resting_5_ep2d_task_bold",
    "SeriesNumber": 35,
    "SliceThickness": 3,
    "SliceTiming": [
      1.225,
      0.0,
      1.2806818181818183,
      0.055681818181818186,
      1.3363636363636364,
      0.11136363636363637,
      1.3920454545454546,
      0.16704545454545455,
      1.4477272727272728,
      0.22272727272727275,
      1.5034090909090911,
      0.27840909090909094,
      1.5590909090909093,
      0.3340909090909091,
      1.6147727272727275,
      0.3897727272727273,
      1.6704545454545456,
      0.4454545454545455,
      1.7261363636363638,
      0.5011363636363637,
      1.781818181818182,
      0.5568181818181819,
      1.8375000000000001,
      0.6125,
      1.8931818181818183,
      0.6681818181818182,
      1.9488636363636365,
      0.7238636363636364,
      2.004545454545455,
      0.7795454545454547,
      2.060227272727273,
      0.8352272727272728,
      2.115909090909091,
      0.890909090909091,
      2.1715909090909093,
      0.9465909090909091,
      2.2272727272727275,
      1.0022727272727274,
      2.2829545454545457,
      1.0579545454545456,
      2.338636363636364,
      1.1136363636363638,
      2.394318181818182,
      1.169318181818182
    ],
    "SoftwareVersions": "syngo_MR_B20P",
    "SpacingBetweenSlices": 3,
    "StationName": "MRC51066",
    "TaskName": "rest",
    "TotalReadoutTime": 0.0173251,
    "dataset": "ds002898",
    "modality": "bold",
    "run_id": 5,
    "subject_id": "02",
    "task_id": "rest"
  },
  "dummy_trs": 0,
  "dvars_nstd": 43.84805987958507,
  "dvars_std": 1.194225562904564,
  "dvars_vstd": 1.0205090042323652,
  "efc": 0.6015302507630262,
  "fber": 698.009033203125,
  "fd_mean": 0.10983851648655406,
  "fd_num": 16,
  "fd_perc": 6.6115702479338845,
  "fwhm_avg": 1.6040107368421053,
  "fwhm_x": 1.5636143157894737,
  "fwhm_y": 1.697717894736842,
  "fwhm_z": 1.5507,
  "gcor": 0.0278972,
  "gsr_x": 0.01860281638801098,
  "gsr_y": 0.026176776736974716,
  "provenance": {
    "md5sum": "b0049259812231602ef547682deadf41",
    "settings": {
      "fd_thres": 0.2,
      "testing": false
    },
    "software": "mriqc",
    "version": "21.0.0rc2",
    "webapi_port": null,
    "webapi_url": "https://mriqc.nimh.nih.gov/api/v1"
  },
  "size_t": 242,
  "size_x": 64,
  "size_y": 64,
  "size_z": 44,
  "snr": 7.8028209585417985,
  "spacing_tr": 2.450000047683716,
  "spacing_x": 2.96875,
  "spacing_y": 2.96875,
  "spacing_z": 3.0,
  "summary_bg_k": 31.107317552362517,
  "summary_bg_mad": 17.264349256673533,
  "summary_bg_mean": 57.73860168457031,
  "summary_bg_median": 28.342973709106445,
  "summary_bg_n": 96870.0,
  "summary_bg_p05": 13.772727012634277,
  "summary_bg_p95": 212.44379119873057,
  "summary_bg_stdv": 83.7756118774414,
  "summary_fg_k": 3.571036675987635,
  "summary_fg_mad": 81.84337068486143,
  "summary_fg_mean": 753.2273559570312,
  "summary_fg_median": 748.7396240234375,
  "summary_fg_n": 44071.0,
  "summary_fg_p05": 612.9400634765625,
  "summary_fg_p95": 906.8098754882812,
  "summary_fg_stdv": 95.95646667480469,
  "tsnr": 38.38000174355693
}