{
  "aor": 0.003140165289256198,
  "aqi": 0.030164359504132234,
  "bids_meta": {
    "AcquisitionMatrixPE": 64,
    "AcquisitionNumber": 1,
    "AcquisitionTime": "13:34:54.312500",
    "BandwidthPerPixelPhaseEncode": 56.818,
    "CoilString": "NN",
    "ConversionSoftware": "dcm2niix",
    "ConversionSoftwareVersion": "v1.0.20200331",
    "DerivedVendorReportedEchoSpacing": 0.000550002,
    "DeviceSerialNumber": "51066",
    "EchoTime": 0.03,
    "EffectiveEchoSpacing": 0.000275001,
    "FlipAngle": 90,
    "ImageOrientationPatientDICOM": [
      1,
      -4.28441e-05,
      -0.000791409,
      2.06354e-10,
      0.998538,
      -0.054057
    ],
    "ImageType": [
      "ORIGINAL",
      "PRIMARY",
      "M",
      "ND",
      "NORM",
      "MOSAIC"
    ],
    "ImagingFrequency": 123.239,
    "InPlanePhaseEncodingDirectionDICOM": "ROW",
    "InstitutionAddress": "Blackburn_Road_770_Clayton_Victoria_AU_3168",
    "InstitutionName": "Monash_Biomedical_Imaging",
    "MRAcquisitionType": "2D",
    "MagneticFieldStrength": 3,
    "Manufacturer": "Siemens",
    "ManufacturersModelName": "Biograph_mMR",
    "Modality": "MR",
    "ParallelReductionFactorInPlane": 2,
    "PatientPosition": "HFS",
    "PercentPhaseFOV": 100,
    "PercentSampling": 100,
    "PhaseEncodingDirection": "i",
    "PixelBandwidth": 2367,
    "ProcedureStepDescription": "MR-PET_Scan",
    "ProtocolName": "Resting_2_ep2d_task_bold",
    "ReceiveCoilActiveElements": "T:HEA;HEP",
    "ReconMatrixPE": 64,
    "RepetitionTime": 2.45,
    "ScanOptions": "FS",
    "ScanningSequence": "EP",
    "SequenceVariant": "SK",
    "SeriesDescription": "Resting_2_ep2d_task_bold",
    "SeriesNumber": 32,
    "SliceThickness": 3,
    "SliceTiming": [
      1.225,
      0.0,
      1.2806818181818183,
      0.055681818181818186,
      1.3363636363636364,
      0.11136363636363637,
      1.3920454545454546,
      0.16704545454545455,
      1.4477272727272728,
      0.22272727272727275,
      1.5034090909090911,
      0.27840909090909094,
      1.5590909090909093,
      0.3340909090909091,
      1.6147727272727275,
      0.3897727272727273,
      1.6704545454545456,
      0.4454545454545455,
      1.7261363636363638,
      0.5011363636363637,
      1.781818181818182,
      0.5568181818181819,
      1.8375000000000001,
      0.6125,
      1.8931818181818183,
      0.6681818181818182,
      1.9488636363636365,
      0.7238636363636364,
      2.004545454545455,
      0.7795454545454547,
      2.060227272727273,
      0.8352272727272728,
      2.115909090909091,
      0.890909090909091,
      2.1715909090909093,
      0.9465909090909091,
      2.2272727272727275,
      1.0022727272727274,
      2.2829545454545457,
      1.0579545454545456,
      2.338636363636364,
      1.1136363636363638,
      2.394318181818182,
      1.169318181818182
    ],
    "SoftwareVersions": "syngo_MR_B20P",
    "SpacingBetweenSlices": 3,
    "StationName": "MRC51066",
    "TaskName": "rest",
    "TotalReadoutTime": 0.0173251,
    "dataset": "ds002898",
    "modality": "bold",
    "run_id": 2,
    "subject_id": "02",
    "task_id": "rest"
  },
  "dummy_trs": 0,
  "dvars_nstd": 45.10811714692943,
  "dvars_std": 1.1789117754356844,
  "dvars_vstd": 1.0182568929045643,
  "efc": 0.6020822928216217,
  "fber": 689.6053466796875,
  "fd_mean": 0.174738461849517,
  "fd_num": 41,
  "fd_perc": 16.94214876033058,
  "fwhm_avg": 1.6204766666666666,
  "fwhm_x": 1.5714829473684209,
  "fwhm_y": 1.712357052631579,
  "fwhm_z": 1.57759,
  "gcor": 0.0541702,
  "gsr_x": 0.01735200546681881,
  "gsr_y": 0.025478683412075043,
  "provenance": {
    "md5sum": "c7f2093bcc412fb7beaa46b58a9d9085",
    "settings": {
      "fd_thres": 0.2,
      "testing": false
    },
    "software": "mriqc",
    "version": "21.0.0rc2",
    "webapi_port": null,
    "webapi_url": "https://mriqc.nimh.nih.gov/api/v1"
  },
  "size_t": 242,
  "size_x": 64,
  "size_y": 64,
  "size_z": 44,
  "snr": 7.802433242461391,
  "spacing_tr": 2.450000047683716,
  "spacing_x": 2.96875,
  "spacing_y": 2.96875,
  "spacing_z": 3.0,
  "summary_bg_k": 31.693917746809667,
  "summary_bg_mad": 17.619687061412073,
  "summary_bg_mean": 57.800201416015625,
  "summary_bg_median": 28.727272033691406,
  "summary_bg_n": 96747.0,
  "summary_bg_p05": 13.834710121154785,
  "summary_bg_p95": 210.6471023559568,
  "summary_bg_stdv": 83.1056900024414,
  "summary_fg_k": 3.351943134515447,
  "summary_fg_mad": 81.85554170527091,
  "summary_fg_mean": 755.1704711914062,
  "summary_fg_median": 750.665283203125,
  "summary_fg_n": 44226.0,
  "summary_fg_p05": 615.218994140625,
  "summary_fg_p95": 908.4472961425781,
  "summary_fg_stdv": 96.20803833007812,
  "tsnr": 34.938228975981474
}