{
  "bids_meta": {
    "AcquisitionMatrixPE": 256,
    "AcquisitionNumber": 1,
    "AcquisitionTime": "10:26:25.067500",
    "BaseResolution": 256,
    "CoilString": "T:HEA;HEP",
    "ConversionSoftware": "dcm2niix",
    "ConversionSoftwareVersion": "v1.0.20200331",
    "DeviceSerialNumber": "51066",
    "DwellTime": 1.03e-05,
    "EchoTime": 0.00234,
    "FlipAngle": 8,
    "ImageOrientationPatientDICOM": [
      0.0227301,
      0.999742,
      2.50677e-09,
      0.0312831,
      -0.000711251,
      -0.99951
    ],
    "ImageType": [
      "ORIGINAL",
      "PRIMARY",
      "M",
      "ND",
      "NORM"
    ],
    "ImagingFrequency": 123.24,
    "InPlanePhaseEncodingDirectionDICOM": "ROW",
    "InstitutionAddress": "Blackburn_Road_770_Clayton_Victoria_AU_3168",
    "InstitutionName": "Monash_Biomedical_Imaging",
    "InstitutionalDepartmentName": "Department",
    "InversionTime": 0.9,
    "MRAcquisitionType": "3D",
    "MagneticFieldStrength": 3,
    "Manufacturer": "Siemens",
    "ManufacturersModelName": "Biograph_mMR",
    "Modality": "MR",
    "ParallelReductionFactorInPlane": 2,
    "PartialFourier": 1,
    "PatientPosition": "HFS",
    "PercentPhaseFOV": 100,
    "PercentSampling": 100,
    "PhaseEncodingSteps": 255,
    "PhaseResolution": 1,
    "PixelBandwidth": 190,
    "ProcedureStepDescription": "MR-PET_Scan",
    "ProtocolName": "Head_t1_mprage_sag_1_iso",
    "PulseSequenceDetails": "%SiemensSeq%_tfl",
    "ReceiveCoilName": "HeadNeck_MRPET",
    "ReconMatrixPE": 256,
    "RefLinesPE": 24,
    "RepetitionTime": 1.64,
    "SAR": 0.0497082,
    "ScanOptions": "IR",
    "ScanningSequence": "GR_IR",
    "SequenceName": "_tfl3d1_ns",
    "SequenceVariant": "SP_MP",
    "SeriesDescription": "Head_t1_mprage_sag_1_iso",
    "SeriesNumber": 10,
    "ShimSetting": [
      -8356,
      -914,
      -4234,
      -36,
      -238,
      48,
      -320,
      -142
    ],
    "SliceThickness": 1,
    "SoftwareVersions": "syngo_MR_B20P",
    "StationName": "MRC51066",
    "TxRefAmp": 304.133,
    "dataset": "ds002898",
    "modality": "T1w",
    "subject_id": "10"
  },
  "cjv": 0.5232449513962515,
  "cnr": 2.615634159614009,
  "efc": 0.5930937320231084,
  "fber": 2628.004797511291,
  "fwhm_avg": 3.8835466666666663,
  "fwhm_x": 3.85106,
  "fwhm_y": 3.94596,
  "fwhm_z": 3.85362,
  "icvs_csf": 0.1560590908702131,
  "icvs_gm": 0.4573022064624447,
  "icvs_wm": 0.38663870266734224,
  "inu_med": 1.6160651445388794,
  "inu_range": 0.7500008761882779,
  "provenance": {
    "md5sum": "c586c85f1fadfb34ad98c502a82e6868",
    "settings": {
      "testing": false
    },
    "software": "mriqc",
    "version": "21.0.0rc2",
    "warnings": {
      "large_rot_frame": true,
      "small_air_mask": false
    },
    "webapi_port": null,
    "webapi_url": "https://mriqc.nimh.nih.gov/api/v1"
  },
  "qi_1": 0.0,
  "qi_2": 0.007025700822502665,
  "rpve_csf": 27.69871337447116,
  "rpve_gm": 10.706379581715037,
  "rpve_wm": 14.141979128506224,
  "size_x": 176,
  "size_y": 256,
  "size_z": 256,
  "snr_csf": 2.2468345060995256,
  "snr_gm": 12.483919451170307,
  "snr_total": 10.436040635353583,
  "snr_wm": 16.577367948790915,
  "snrd_csf": 31.3196688925666,
  "snrd_gm": 54.94566774991579,
  "snrd_total": 52.47276083155512,
  "snrd_wm": 71.15294585218297,
  "spacing_x": 1.0,
  "spacing_y": 1.0,
  "spacing_z": 1.0,
  "summary_bg_k": 2.7604704162555276,
  "summary_bg_mad": 9.208074002166477,
  "summary_bg_mean": 16.02458245188279,
  "summary_bg_median": 15.18183708190918,
  "summary_bg_n": 3065100.0,
  "summary_bg_p05": 3.1053757667541504,
  "summary_bg_p95": 36.643434047698975,
  "summary_bg_stdv": 10.890989994057906,
  "summary_csf_k": 18.876744380378785,
  "summary_csf_mad": 119.39802622809198,
  "summary_csf_mean": 472.7714879788983,
  "summary_csf_median": 440.2042670249939,
  "summary_csf_n": 11783.0,
  "summary_csf_p05": 280.11869583129885,
  "summary_csf_p95": 700.9730214118957,
  "summary_csf_stdv": 195.91366689409205,
  "summary_gm_k": 0.10154689677170081,
  "summary_gm_mad": 60.77328841429874,
  "summary_gm_mean": 774.6998870749928,
  "summary_gm_median": 772.272449016571,
  "summary_gm_n": 44067.0,
  "summary_gm_p05": 676.4888586997986,
  "summary_gm_p95": 879.9944839477539,
  "summary_gm_stdv": 61.860675207580506,
  "summary_wm_k": 0.25223309041527164,
  "summary_wm_mad": 58.42011394707842,
  "summary_wm_mean": 1000.645866337059,
  "summary_wm_median": 1000.069013595581,
  "summary_wm_n": 248184.0,
  "summary_wm_p05": 902.0875073194504,
  "summary_wm_p95": 1100.8212051391602,
  "summary_wm_stdv": 60.32724868685512,
  "tpm_overlap_csf": 0.15373432636260986,
  "tpm_overlap_gm": 0.4631662368774414,
  "tpm_overlap_wm": 0.47386449575424194,
  "wm2max": 0.3963027783854736
}