{
  "bids_meta": {
    "AcquisitionMatrixPE": 256,
    "AcquisitionNumber": 1,
    "AcquisitionTime": "15:01:13.415000",
    "BaseResolution": 256,
    "CoilString": "T:HEA;HEP;NEP",
    "ConversionSoftware": "dcm2niix",
    "ConversionSoftwareVersion": "v1.0.20200331",
    "DeviceSerialNumber": "51066",
    "DwellTime": 1.03e-05,
    "EchoTime": 0.00234,
    "FlipAngle": 8,
    "ImageOrientationPatientDICOM": [
      0.0263075,
      0.999654,
      -1.59988e-08,
      0.0625942,
      -0.00164728,
      -0.998038
    ],
    "ImageType": [
      "ORIGINAL",
      "PRIMARY",
      "M",
      "ND",
      "NORM"
    ],
    "ImagingFrequency": 123.239,
    "InPlanePhaseEncodingDirectionDICOM": "ROW",
    "InstitutionAddress": "Blackburn_Road_770_Clayton_Victoria_AU_3168",
    "InstitutionName": "Monash_Biomedical_Imaging",
    "InstitutionalDepartmentName": "Department",
    "InversionTime": 0.9,
    "MRAcquisitionType": "3D",
    "MagneticFieldStrength": 3,
    "Manufacturer": "Siemens",
    "ManufacturersModelName": "Biograph_mMR",
    "Modality": "MR",
    "ParallelReductionFactorInPlane": 2,
    "PartialFourier": 1,
    "PatientPosition": "HFS",
    "PercentPhaseFOV": 100,
    "PercentSampling": 100,
    "PhaseEncodingSteps": 255,
    "PhaseResolution": 1,
    "PixelBandwidth": 190,
    "ProcedureStepDescription": "MR-PET_Scan",
    "ProtocolName": "Head_t1_mprage_sag_1_iso",
    "PulseSequenceDetails": "%SiemensSeq%_tfl",
    "ReceiveCoilName": "HeadNeck_MRPET",
    "ReconMatrixPE": 256,
    "RefLinesPE": 24,
    "RepetitionTime": 1.64,
    "SAR": 0.0511284,
    "ScanOptions": "IR",
    "ScanningSequence": "GR_IR",
    "SequenceName": "_tfl3d1_ns",
    "SequenceVariant": "SP_MP",
    "SeriesDescription": "Head_t1_mprage_sag_1_iso",
    "SeriesNumber": 10,
    "ShimSetting": [
      -8356,
      -914,
      -4234,
      -36,
      -238,
      48,
      -320,
      -142
    ],
    "SliceThickness": 1,
    "SoftwareVersions": "syngo_MR_B20P",
    "StationName": "MRC51066",
    "TxRefAmp": 288.281,
    "dataset": "ds002898",
    "modality": "T1w",
    "subject_id": "23"
  },
  "cjv": 0.4306520188756345,
  "cnr": 3.171867148228165,
  "efc": 0.5692759010421236,
  "fber": 2581.725162597794,
  "fwhm_avg": 3.890703333333333,
  "fwhm_x": 3.82458,
  "fwhm_y": 3.83806,
  "fwhm_z": 4.00947,
  "icvs_csf": 0.17614749661739015,
  "icvs_gm": 0.42938159500012946,
  "icvs_wm": 0.3944709083824804,
  "inu_med": 1.530206322669983,
  "inu_range": 0.5143422484397888,
  "provenance": {
    "md5sum": "cf3297e3c1cf1d86c6c9a499a9851a76",
    "settings": {
      "testing": false
    },
    "software": "mriqc",
    "version": "21.0.0rc2",
    "warnings": {
      "large_rot_frame": true,
      "small_air_mask": false
    },
    "webapi_port": null,
    "webapi_url": "https://mriqc.nimh.nih.gov/api/v1"
  },
  "qi_1": 0.0,
  "qi_2": 0.004845394246706953,
  "rpve_csf": 27.704115382661147,
  "rpve_gm": 12.53118254902242,
  "rpve_wm": 16.015533078460237,
  "size_x": 176,
  "size_y": 256,
  "size_z": 256,
  "snr_csf": 1.4011133834408427,
  "snr_gm": 13.206544942440381,
  "snr_total": 11.699511432683316,
  "snr_wm": 20.490875972168723,
  "snrd_csf": 34.00603558368545,
  "snrd_gm": 64.95045482096522,
  "snrd_total": 61.524811238870065,
  "snrd_wm": 85.61794331195951,
  "spacing_x": 1.0,
  "spacing_y": 1.0,
  "spacing_z": 1.0,
  "summary_bg_k": 3.7564037762666453,
  "summary_bg_mad": 7.651858243863866,
  "summary_bg_mean": 15.327335505922216,
  "summary_bg_median": 12.755289889872074,
  "summary_bg_n": 3009086.0,
  "summary_bg_p05": 2.5068199783563614,
  "summary_bg_p95": 35.39039969444275,
  "summary_bg_stdv": 10.525409173160579,
  "summary_csf_k": 21.24329021699281,
  "summary_csf_mad": 119.80623764678282,
  "summary_csf_mean": 464.5152674376965,
  "summary_csf_median": 397.18350657075644,
  "summary_csf_n": 14935.0,
  "summary_csf_p05": 271.10520765930414,
  "summary_csf_p95": 697.9650389738379,
  "summary_csf_stdv": 283.4675722688052,
  "summary_gm_k": -0.023713216236370016,
  "summary_gm_mad": 57.388936828979,
  "summary_gm_mean": 759.4209522867244,
  "summary_gm_median": 758.607963450253,
  "summary_gm_n": 20363.0,
  "summary_gm_p05": 666.0104572497308,
  "summary_gm_p95": 856.3739426061511,
  "summary_gm_stdv": 57.440408480105354,
  "summary_wm_k": 0.47705794017313696,
  "summary_wm_mad": 46.567023026942955,
  "summary_wm_mean": 999.4418397906089,
  "summary_wm_median": 999.9999813660979,
  "summary_wm_n": 241358.0,
  "summary_wm_p05": 918.4546020701528,
  "summary_wm_p95": 1078.0800506919622,
  "summary_wm_stdv": 48.80210641608248,
  "tpm_overlap_csf": 0.15839967131614685,
  "tpm_overlap_gm": 0.4326048791408539,
  "tpm_overlap_wm": 0.4981885254383087,
  "wm2max": 0.4620206223073165
}