{
  "aor": 0.0024054545454545453,
  "aqi": 0.036828153719008265,
  "bids_meta": {
    "AcquisitionMatrixPE": 64,
    "AcquisitionNumber": 1,
    "AcquisitionTime": "13:52:29.575000",
    "BandwidthPerPixelPhaseEncode": 56.818,
    "CoilString": "NN",
    "ConversionSoftware": "dcm2niix",
    "ConversionSoftwareVersion": "v1.0.20200331",
    "DerivedVendorReportedEchoSpacing": 0.000550002,
    "DeviceSerialNumber": "51066",
    "EchoTime": 0.03,
    "EffectiveEchoSpacing": 0.000275001,
    "FlipAngle": 90,
    "ImageOrientationPatientDICOM": [
      0.999987,
      -0.0003001,
      0.00507,
      2.18686e-10,
      0.998253,
      0.0590878
    ],
    "ImageType": [
      "ORIGINAL",
      "PRIMARY",
      "M",
      "ND",
      "NORM",
      "MOSAIC"
    ],
    "ImagingFrequency": 123.24,
    "InPlanePhaseEncodingDirectionDICOM": "ROW",
    "InstitutionAddress": "Blackburn_Road_770_Clayton_Victoria_AU_3168",
    "InstitutionName": "Monash_Biomedical_Imaging",
    "MRAcquisitionType": "2D",
    "MagneticFieldStrength": 3,
    "Manufacturer": "Siemens",
    "ManufacturersModelName": "Biograph_mMR",
    "Modality": "MR",
    "ParallelReductionFactorInPlane": 2,
    "PatientPosition": "HFS",
    "PercentPhaseFOV": 100,
    "PercentSampling": 100,
    "PhaseEncodingDirection": "i",
    "PixelBandwidth": 2367,
    "ProcedureStepDescription": "MR-PET_Scan",
    "ProtocolName": "Resting_5_ep2d_task_bold",
    "ReceiveCoilActiveElements": "T:HEA;HEP",
    "ReconMatrixPE": 64,
    "RepetitionTime": 2.45,
    "ScanOptions": "FS",
    "ScanningSequence": "EP",
    "SequenceVariant": "SK",
    "SeriesDescription": "Resting_5_ep2d_task_bold",
    "SeriesNumber": 35,
    "SliceThickness": 3,
    "SliceTiming": [
      1.225,
      0.0,
      1.2806818181818183,
      0.055681818181818186,
      1.3363636363636364,
      0.11136363636363637,
      1.3920454545454546,
      0.16704545454545455,
      1.4477272727272728,
      0.22272727272727275,
      1.5034090909090911,
      0.27840909090909094,
      1.5590909090909093,
      0.3340909090909091,
      1.6147727272727275,
      0.3897727272727273,
      1.6704545454545456,
      0.4454545454545455,
      1.7261363636363638,
      0.5011363636363637,
      1.781818181818182,
      0.5568181818181819,
      1.8375000000000001,
      0.6125,
      1.8931818181818183,
      0.6681818181818182,
      1.9488636363636365,
      0.7238636363636364,
      2.004545454545455,
      0.7795454545454547,
      2.060227272727273,
      0.8352272727272728,
      2.115909090909091,
      0.890909090909091,
      2.1715909090909093,
      0.9465909090909091,
      2.2272727272727275,
      1.0022727272727274,
      2.2829545454545457,
      1.0579545454545456,
      2.338636363636364,
      1.1136363636363638,
      2.394318181818182,
      1.169318181818182
    ],
    "SoftwareVersions": "syngo_MR_B20P",
    "SpacingBetweenSlices": 3,
    "StationName": "MRC51066",
    "TaskName": "rest",
    "TotalReadoutTime": 0.0173251,
    "dataset": "ds002898",
    "modality": "bold",
    "run_id": 5,
    "subject_id": "26",
    "task_id": "rest"
  },
  "dummy_trs": 0,
  "dvars_nstd": 44.56178742701242,
  "dvars_std": 1.1536438748547713,
  "dvars_vstd": 1.0130644757676348,
  "efc": 0.5634281339548659,
  "fber": 684.7801513671875,
  "fd_mean": 0.32510103935451523,
  "fd_num": 118,
  "fd_perc": 48.760330578512395,
  "fwhm_avg": 1.610087029239766,
  "fwhm_x": 1.571722105263158,
  "fwhm_y": 1.6744623157894736,
  "fwhm_z": 1.5840766666666666,
  "gcor": 0.0254372,
  "gsr_x": 0.00897855032235384,
  "gsr_y": 0.008729804307222366,
  "provenance": {
    "md5sum": "25381eb875dbdfce5611cb0b8f693eb0",
    "settings": {
      "fd_thres": 0.2,
      "testing": false
    },
    "software": "mriqc",
    "version": "21.0.0rc2",
    "webapi_port": null,
    "webapi_url": "https://mriqc.nimh.nih.gov/api/v1"
  },
  "size_t": 242,
  "size_x": 64,
  "size_y": 64,
  "size_z": 44,
  "snr": 7.74848403105803,
  "spacing_tr": 2.450000047683716,
  "spacing_x": 2.96875,
  "spacing_y": 2.96875,
  "spacing_z": 3.0,
  "summary_bg_k": 28.982817234189188,
  "summary_bg_mad": 15.646966560761594,
  "summary_bg_mean": 47.17957305908203,
  "summary_bg_median": 27.764461517333984,
  "summary_bg_n": 105181.0,
  "summary_bg_p05": 13.458677291870117,
  "summary_bg_p95": 154.34710693359375,
  "summary_bg_stdv": 62.63142395019531,
  "summary_fg_k": 2.2201852478125366,
  "summary_fg_mad": 86.05829911715288,
  "summary_fg_mean": 727.8610229492188,
  "summary_fg_median": 723.9710693359375,
  "summary_fg_n": 37128.0,
  "summary_fg_p05": 589.199755859375,
  "summary_fg_p95": 877.7640319824219,
  "summary_fg_stdv": 93.4326400756836,
  "tsnr": 31.073131960176397
}