{
  "aor": 0.0008064462809917356,
  "aqi": 0.03752727272727273,
  "bids_meta": {
    "AcquisitionMatrixPE": 64,
    "AcquisitionNumber": 1,
    "AcquisitionTime": "13:21:21.260000",
    "BandwidthPerPixelPhaseEncode": 56.818,
    "CoilString": "NN",
    "ConversionSoftware": "dcm2niix",
    "ConversionSoftwareVersion": "v1.0.20200331",
    "DerivedVendorReportedEchoSpacing": 0.000550002,
    "DeviceSerialNumber": "51066",
    "EchoTime": 0.03,
    "EffectiveEchoSpacing": 0.000275001,
    "FlipAngle": 90,
    "ImageOrientationPatientDICOM": [
      0.999987,
      -0.0003001,
      0.00507,
      2.18686e-10,
      0.998253,
      0.0590878
    ],
    "ImageType": [
      "ORIGINAL",
      "PRIMARY",
      "M",
      "ND",
      "NORM",
      "MOSAIC"
    ],
    "ImagingFrequency": 123.24,
    "InPlanePhaseEncodingDirectionDICOM": "ROW",
    "InstitutionAddress": "Blackburn_Road_770_Clayton_Victoria_AU_3168",
    "InstitutionName": "Monash_Biomedical_Imaging",
    "MRAcquisitionType": "2D",
    "MagneticFieldStrength": 3,
    "Manufacturer": "Siemens",
    "ManufacturersModelName": "Biograph_mMR",
    "Modality": "MR",
    "ParallelReductionFactorInPlane": 2,
    "PatientPosition": "HFS",
    "PercentPhaseFOV": 100,
    "PercentSampling": 100,
    "PhaseEncodingDirection": "i",
    "PixelBandwidth": 2367,
    "ProcedureStepDescription": "MR-PET_Scan",
    "ProtocolName": "Resting_2_ep2d_task_bold",
    "ReceiveCoilActiveElements": "T:HEA;HEP",
    "ReconMatrixPE": 64,
    "RepetitionTime": 2.45,
    "ScanOptions": "FS",
    "ScanningSequence": "EP",
    "SequenceVariant": "SK",
    "SeriesDescription": "Resting_2_ep2d_task_bold",
    "SeriesNumber": 32,
    "SliceThickness": 3,
    "SliceTiming": [
      1.225,
      0.0,
      1.2806818181818183,
      0.055681818181818186,
      1.3363636363636364,
      0.11136363636363637,
      1.3920454545454546,
      0.16704545454545455,
      1.4477272727272728,
      0.22272727272727275,
      1.5034090909090911,
      0.27840909090909094,
      1.5590909090909093,
      0.3340909090909091,
      1.6147727272727275,
      0.3897727272727273,
      1.6704545454545456,
      0.4454545454545455,
      1.7261363636363638,
      0.5011363636363637,
      1.781818181818182,
      0.5568181818181819,
      1.8375000000000001,
      0.6125,
      1.8931818181818183,
      0.6681818181818182,
      1.9488636363636365,
      0.7238636363636364,
      2.004545454545455,
      0.7795454545454547,
      2.060227272727273,
      0.8352272727272728,
      2.115909090909091,
      0.890909090909091,
      2.1715909090909093,
      0.9465909090909091,
      2.2272727272727275,
      1.0022727272727274,
      2.2829545454545457,
      1.0579545454545456,
      2.338636363636364,
      1.1136363636363638,
      2.394318181818182,
      1.169318181818182
    ],
    "SoftwareVersions": "syngo_MR_B20P",
    "SpacingBetweenSlices": 3,
    "StationName": "MRC51066",
    "TaskName": "rest",
    "TotalReadoutTime": 0.0173251,
    "dataset": "ds002898",
    "modality": "bold",
    "run_id": 2,
    "subject_id": "26",
    "task_id": "rest"
  },
  "dummy_trs": 0,
  "dvars_nstd": 46.900017987759334,
  "dvars_std": 1.1056207762240673,
  "dvars_vstd": 0.9861109331535274,
  "efc": 0.5601525196705373,
  "fber": 731.3990478515625,
  "fd_mean": 0.2476335682812038,
  "fd_num": 121,
  "fd_perc": 50.0,
  "fwhm_avg": 1.6226749122807018,
  "fwhm_x": 1.5614012631578948,
  "fwhm_y": 1.6704134736842104,
  "fwhm_z": 1.63621,
  "gcor": 0.0237445,
  "gsr_x": 0.0094067407771945,
  "gsr_y": 0.013550628907978535,
  "provenance": {
    "md5sum": "afece9dc1853416355aaa890b2041223",
    "settings": {
      "fd_thres": 0.2,
      "testing": false
    },
    "software": "mriqc",
    "version": "21.0.0rc2",
    "webapi_port": null,
    "webapi_url": "https://mriqc.nimh.nih.gov/api/v1"
  },
  "size_t": 242,
  "size_x": 64,
  "size_y": 64,
  "size_z": 44,
  "snr": 7.899944559699,
  "spacing_tr": 2.450000047683716,
  "spacing_x": 2.96875,
  "spacing_y": 2.96875,
  "spacing_z": 3.0,
  "summary_bg_k": 40.152555098382166,
  "summary_bg_mad": 14.740253818648101,
  "summary_bg_mean": 45.644744873046875,
  "summary_bg_median": 27.07851219177246,
  "summary_bg_n": 105085.0,
  "summary_bg_p05": 13.727272033691406,
  "summary_bg_p95": 141.7140472412109,
  "summary_bg_stdv": 62.776214599609375,
  "summary_fg_k": 1.8902068437140516,
  "summary_fg_mad": 87.46737751348223,
  "summary_fg_mean": 737.013427734375,
  "summary_fg_median": 733.6425170898438,
  "summary_fg_n": 37268.0,
  "summary_fg_p05": 597.4090576171875,
  "summary_fg_p95": 885.3464660644531,
  "summary_fg_stdv": 92.86554718017578,
  "tsnr": 31.244470560341142
}