{
  "aor": 0.00067,
  "aqi": 0.03187567727272727,
  "bids_meta": {
    "AcquisitionMatrixPE": 64,
    "AcquisitionNumber": 1,
    "AcquisitionTime": "11:31:44.827500",
    "BandwidthPerPixelPhaseEncode": 56.818,
    "CoilString": "NN",
    "ConversionSoftware": "dcm2niix",
    "ConversionSoftwareVersion": "v1.0.20200331",
    "DerivedVendorReportedEchoSpacing": 0.000550002,
    "DeviceSerialNumber": "51066",
    "EchoTime": 0.03,
    "EffectiveEchoSpacing": 0.000275001,
    "FlipAngle": 90,
    "ImageOrientationPatientDICOM": [
      0.999818,
      7.82895e-06,
      0.0190766,
      2.05209e-10,
      1,
      -0.000410405
    ],
    "ImageType": [
      "ORIGINAL",
      "PRIMARY",
      "M",
      "ND",
      "NORM",
      "MOSAIC"
    ],
    "ImagingFrequency": 123.24,
    "InPlanePhaseEncodingDirectionDICOM": "ROW",
    "InstitutionAddress": "Blackburn_Road_770_Clayton_Victoria_AU_3168",
    "InstitutionName": "Monash_Biomedical_Imaging",
    "MRAcquisitionType": "2D",
    "MagneticFieldStrength": 3,
    "Manufacturer": "Siemens",
    "ManufacturersModelName": "Biograph_mMR",
    "Modality": "MR",
    "ParallelReductionFactorInPlane": 2,
    "PatientPosition": "HFS",
    "PercentPhaseFOV": 100,
    "PercentSampling": 100,
    "PhaseEncodingDirection": "i",
    "PixelBandwidth": 2367,
    "ProcedureStepDescription": "MR-PET_Scan",
    "ProtocolName": "Resting_3_ep2d_task_bold",
    "ReceiveCoilActiveElements": "T:HEA;HEP",
    "ReconMatrixPE": 64,
    "RepetitionTime": 2.45,
    "ScanOptions": "FS",
    "ScanningSequence": "EP",
    "SequenceVariant": "SK",
    "SeriesDescription": "Resting_3_ep2d_task_bold",
    "SeriesNumber": 32,
    "SliceThickness": 3,
    "SliceTiming": [
      1.225,
      0.0,
      1.2806818181818183,
      0.055681818181818186,
      1.3363636363636364,
      0.11136363636363637,
      1.3920454545454546,
      0.16704545454545455,
      1.4477272727272728,
      0.22272727272727275,
      1.5034090909090911,
      0.27840909090909094,
      1.5590909090909093,
      0.3340909090909091,
      1.6147727272727275,
      0.3897727272727273,
      1.6704545454545456,
      0.4454545454545455,
      1.7261363636363638,
      0.5011363636363637,
      1.781818181818182,
      0.5568181818181819,
      1.8375000000000001,
      0.6125,
      1.8931818181818183,
      0.6681818181818182,
      1.9488636363636365,
      0.7238636363636364,
      2.004545454545455,
      0.7795454545454547,
      2.060227272727273,
      0.8352272727272728,
      2.115909090909091,
      0.890909090909091,
      2.1715909090909093,
      0.9465909090909091,
      2.2272727272727275,
      1.0022727272727274,
      2.2829545454545457,
      1.0579545454545456,
      2.338636363636364,
      1.1136363636363638,
      2.394318181818182,
      1.169318181818182
    ],
    "SoftwareVersions": "syngo_MR_B20P",
    "SpacingBetweenSlices": 3,
    "StationName": "MRC51066",
    "TaskName": "rest",
    "TotalReadoutTime": 0.0173251,
    "dataset": "ds002898",
    "modality": "bold",
    "run_id": 3,
    "subject_id": "09",
    "task_id": "rest"
  },
  "dummy_trs": 0,
  "dvars_nstd": 37.635950508174275,
  "dvars_std": 1.071583310871369,
  "dvars_vstd": 0.9907574735269706,
  "efc": 0.5404790655651182,
  "fber": 791.4111328125,
  "fd_mean": 0.1496073231342916,
  "fd_num": 57,
  "fd_perc": 23.553719008264462,
  "fwhm_avg": 1.5860640233918126,
  "fwhm_x": 1.5389911578947368,
  "fwhm_y": 1.6573675789473683,
  "fwhm_z": 1.5618333333333334,
  "gcor": 0.0384615,
  "gsr_x": 0.006510019302368164,
  "gsr_y": 0.012207401916384697,
  "provenance": {
    "md5sum": "6559212018221e8e9ad0a0b703b5ed9e",
    "settings": {
      "fd_thres": 0.2,
      "testing": false
    },
    "software": "mriqc",
    "version": "21.0.0rc2",
    "webapi_port": null,
    "webapi_url": "https://mriqc.nimh.nih.gov/api/v1"
  },
  "size_t": 242,
  "size_x": 64,
  "size_y": 64,
  "size_z": 44,
  "snr": 7.746800740448347,
  "spacing_tr": 2.450000047683716,
  "spacing_x": 2.96875,
  "spacing_y": 2.96875,
  "spacing_z": 3.0,
  "summary_bg_k": 67.67459001811343,
  "summary_bg_mad": 12.252911808192852,
  "summary_bg_mean": 35.82299041748047,
  "summary_bg_median": 24.37190055847168,
  "summary_bg_n": 107634.0,
  "summary_bg_p05": 12.29751968383789,
  "summary_bg_p95": 86.72871665954587,
  "summary_bg_stdv": 45.13303756713867,
  "summary_fg_k": 2.0437077200261857,
  "summary_fg_mad": 84.47769529936497,
  "summary_fg_mean": 676.2655029296875,
  "summary_fg_median": 672.43798828125,
  "summary_fg_n": 35562.0,
  "summary_fg_p05": 548.992318725586,
  "summary_fg_p95": 815.6648681640625,
  "summary_fg_stdv": 86.8008041381836,
  "tsnr": 33.48208812775556
}