{
  "aor": 0.000673099173553719,
  "aqi": 0.03058773842975207,
  "bids_meta": {
    "AcquisitionMatrixPE": 64,
    "AcquisitionNumber": 1,
    "AcquisitionTime": "11:52:42.522500",
    "BandwidthPerPixelPhaseEncode": 56.818,
    "CoilString": "NN",
    "ConversionSoftware": "dcm2niix",
    "ConversionSoftwareVersion": "v1.0.20200331",
    "DerivedVendorReportedEchoSpacing": 0.000550002,
    "DeviceSerialNumber": "51066",
    "EchoTime": 0.03,
    "EffectiveEchoSpacing": 0.000275001,
    "FlipAngle": 90,
    "ImageOrientationPatientDICOM": [
      0.999818,
      7.82895e-06,
      0.0190766,
      2.05209e-10,
      1,
      -0.000410405
    ],
    "ImageType": [
      "ORIGINAL",
      "PRIMARY",
      "M",
      "ND",
      "NORM",
      "MOSAIC"
    ],
    "ImagingFrequency": 123.24,
    "InPlanePhaseEncodingDirectionDICOM": "ROW",
    "InstitutionAddress": "Blackburn_Road_770_Clayton_Victoria_AU_3168",
    "InstitutionName": "Monash_Biomedical_Imaging",
    "MRAcquisitionType": "2D",
    "MagneticFieldStrength": 3,
    "Manufacturer": "Siemens",
    "ManufacturersModelName": "Biograph_mMR",
    "Modality": "MR",
    "ParallelReductionFactorInPlane": 2,
    "PatientPosition": "HFS",
    "PercentPhaseFOV": 100,
    "PercentSampling": 100,
    "PhaseEncodingDirection": "i",
    "PixelBandwidth": 2367,
    "ProcedureStepDescription": "MR-PET_Scan",
    "ProtocolName": "Resting_5_ep2d_task_bold",
    "ReceiveCoilActiveElements": "T:HEA;HEP",
    "ReconMatrixPE": 64,
    "RepetitionTime": 2.45,
    "ScanOptions": "FS",
    "ScanningSequence": "EP",
    "SequenceVariant": "SK",
    "SeriesDescription": "Resting_5_ep2d_task_bold",
    "SeriesNumber": 34,
    "SliceThickness": 3,
    "SliceTiming": [
      1.225,
      0.0,
      1.2806818181818183,
      0.055681818181818186,
      1.3363636363636364,
      0.11136363636363637,
      1.3920454545454546,
      0.16704545454545455,
      1.4477272727272728,
      0.22272727272727275,
      1.5034090909090911,
      0.27840909090909094,
      1.5590909090909093,
      0.3340909090909091,
      1.6147727272727275,
      0.3897727272727273,
      1.6704545454545456,
      0.4454545454545455,
      1.7261363636363638,
      0.5011363636363637,
      1.781818181818182,
      0.5568181818181819,
      1.8375000000000001,
      0.6125,
      1.8931818181818183,
      0.6681818181818182,
      1.9488636363636365,
      0.7238636363636364,
      2.004545454545455,
      0.7795454545454547,
      2.060227272727273,
      0.8352272727272728,
      2.115909090909091,
      0.890909090909091,
      2.1715909090909093,
      0.9465909090909091,
      2.2272727272727275,
      1.0022727272727274,
      2.2829545454545457,
      1.0579545454545456,
      2.338636363636364,
      1.1136363636363638,
      2.394318181818182,
      1.169318181818182
    ],
    "SoftwareVersions": "syngo_MR_B20P",
    "SpacingBetweenSlices": 3,
    "StationName": "MRC51066",
    "TaskName": "rest",
    "TotalReadoutTime": 0.0173251,
    "dataset": "ds002898",
    "modality": "bold",
    "run_id": 5,
    "subject_id": "09",
    "task_id": "rest"
  },
  "dummy_trs": 0,
  "dvars_nstd": 37.06402608473026,
  "dvars_std": 1.0753942801244811,
  "dvars_vstd": 0.9976008260580914,
  "efc": 0.538211972293923,
  "fber": 816.716796875,
  "fd_mean": 0.1401349319212023,
  "fd_num": 39,
  "fd_perc": 16.115702479338843,
  "fwhm_avg": 1.5865556608187135,
  "fwhm_x": 1.535525052631579,
  "fwhm_y": 1.6629052631578947,
  "fwhm_z": 1.5612366666666666,
  "gcor": 0.0250289,
  "gsr_x": 0.004003038629889488,
  "gsr_y": 0.013685506768524647,
  "provenance": {
    "md5sum": "26ccc012cbc564d6cd23ed6bd2ca1807",
    "settings": {
      "fd_thres": 0.2,
      "testing": false
    },
    "software": "mriqc",
    "version": "21.0.0rc2",
    "webapi_port": null,
    "webapi_url": "https://mriqc.nimh.nih.gov/api/v1"
  },
  "size_t": 242,
  "size_x": 64,
  "size_y": 64,
  "size_z": 44,
  "snr": 7.71493360528805,
  "spacing_tr": 2.450000047683716,
  "spacing_x": 2.96875,
  "spacing_y": 2.96875,
  "spacing_z": 3.0,
  "summary_bg_k": 68.81696265101381,
  "summary_bg_mad": 11.229792474618801,
  "summary_bg_mean": 34.56523513793945,
  "summary_bg_median": 23.5289249420166,
  "summary_bg_n": 107993.0,
  "summary_bg_p05": 12.45041275024414,
  "summary_bg_p95": 82.46446075439451,
  "summary_bg_stdv": 43.45335388183594,
  "summary_fg_k": 2.201714700961751,
  "summary_fg_mad": 83.77924161140503,
  "summary_fg_mean": 671.5536499023438,
  "summary_fg_median": 667.1611328125,
  "summary_fg_n": 35353.0,
  "summary_fg_p05": 545.850390625,
  "summary_fg_p95": 809.8594970703125,
  "summary_fg_stdv": 86.4753646850586,
  "tsnr": 34.563988423207775
}