{
  "bids_meta": {
    "AcquisitionMatrixPE": 256,
    "AcquisitionNumber": 1,
    "AcquisitionTime": "12:45:17.072500",
    "BaseResolution": 256,
    "ConversionSoftware": "dcm2niix",
    "ConversionSoftwareVersion": "v1.0.20200331",
    "DeviceSerialNumber": "51066",
    "EchoTime": 0.00234,
    "FlipAngle": 8,
    "ImageOrientationPatientDICOM": [
      0.00527883,
      0.999986,
      -4.10318e-08,
      0.0312908,
      -0.000165222,
      -0.99951
    ],
    "ImageType": [
      "ORIGINAL",
      "PRIMARY",
      "M",
      "ND",
      "NORM"
    ],
    "ImagingFrequency": 123.24,
    "InPlanePhaseEncodingDirectionDICOM": "ROW",
    "InstitutionAddress": "Blackburn_Road_770_Clayton_Victoria_AU_3168",
    "InstitutionName": "Monash_Biomedical_Imaging",
    "InversionTime": 0.9,
    "MRAcquisitionType": "3D",
    "MagneticFieldStrength": 3,
    "Manufacturer": "Siemens",
    "ManufacturersModelName": "Biograph_mMR",
    "Modality": "MR",
    "ParallelReductionFactorInPlane": 2,
    "PartialFourier": 1,
    "PatientPosition": "HFS",
    "PercentPhaseFOV": 100,
    "PercentSampling": 100,
    "PhaseEncodingSteps": 255,
    "PhaseResolution": 1,
    "PixelBandwidth": 190,
    "ProcedureStepDescription": "MR-PET_Scan",
    "ProtocolName": "Head_t1_mprage_sag_1_iso",
    "PulseSequenceDetails": "%SiemensSeq%_tfl",
    "ReceiveCoilName": "HeadNeck_MRPET",
    "ReconMatrixPE": 256,
    "RefLinesPE": 24,
    "RepetitionTime": 1.64,
    "SAR": 0.0618108,
    "ScanOptions": "IR",
    "ScanningSequence": "GR_IR",
    "SequenceName": "_tfl3d1_ns",
    "SequenceVariant": "SP_MP",
    "SeriesDescription": "Head_t1_mprage_sag_1_iso",
    "SeriesNumber": 22,
    "ShimSetting": [
      -8356,
      -914,
      -4234,
      -36,
      -238,
      48,
      -320,
      -142
    ],
    "SliceThickness": 1,
    "SoftwareVersions": "syngo_MR_B20P",
    "StationName": "MRC51066",
    "TxRefAmp": 298.071,
    "dataset": "ds002898",
    "modality": "T1w",
    "subject_id": "12"
  },
  "cjv": 0.6104832664434832,
  "cnr": 2.312263442740186,
  "efc": 0.5857598059955054,
  "fber": 1772.543653313177,
  "fwhm_avg": 3.7900166666666664,
  "fwhm_x": 3.74672,
  "fwhm_y": 3.74655,
  "fwhm_z": 3.87678,
  "icvs_csf": 0.18533286549202593,
  "icvs_gm": 0.43733230479435586,
  "icvs_wm": 0.3773348297136182,
  "inu_med": 1.298816204071045,
  "inu_range": 0.5894792139530183,
  "provenance": {
    "md5sum": "a4d44cfaf84b0d19cbc78637e9040bfe",
    "settings": {
      "testing": false
    },
    "software": "mriqc",
    "version": "21.0.0rc2",
    "warnings": {
      "large_rot_frame": true,
      "small_air_mask": false
    },
    "webapi_port": null,
    "webapi_url": "https://mriqc.nimh.nih.gov/api/v1"
  },
  "qi_1": 0.0,
  "qi_2": 0.005195329259384252,
  "rpve_csf": 24.891962246917338,
  "rpve_gm": 11.354473817996949,
  "rpve_wm": 15.014455293138004,
  "size_x": 176,
  "size_y": 256,
  "size_z": 256,
  "snr_csf": 1.7205531198812127,
  "snr_gm": 12.07483436370384,
  "snr_total": 9.468723058224427,
  "snr_wm": 14.61078169108823,
  "snrd_csf": 21.909471155352485,
  "snrd_gm": 42.252566814197976,
  "snrd_total": 39.4330909204854,
  "snrd_wm": 54.13723479190573,
  "spacing_x": 1.0,
  "spacing_y": 1.0,
  "spacing_z": 1.0,
  "summary_bg_k": 4.020805896937692,
  "summary_bg_mad": 12.10213771230621,
  "summary_bg_mean": 18.16760817635908,
  "summary_bg_median": 16.447368040680885,
  "summary_bg_n": 3235038.0,
  "summary_bg_p05": 2.8021441847085953,
  "summary_bg_p95": 41.42300099134445,
  "summary_bg_stdv": 12.320576218632478,
  "summary_csf_k": 28.404189639486386,
  "summary_csf_mad": 126.25961583435881,
  "summary_csf_mean": 448.4884069010283,
  "summary_csf_median": 404.7270861566067,
  "summary_csf_n": 19191.0,
  "summary_csf_p05": 254.17275240644813,
  "summary_csf_p95": 677.570647098124,
  "summary_csf_stdv": 235.22467085263702,
  "summary_gm_k": -0.1371422066088197,
  "summary_gm_mad": 65.74892727282777,
  "summary_gm_mean": 780.4987664428605,
  "summary_gm_median": 780.5189877972007,
  "summary_gm_n": 21021.0,
  "summary_gm_p05": 672.8191852197051,
  "summary_gm_p95": 886.6349697485566,
  "summary_gm_stdv": 64.63860280372302,
  "summary_wm_k": -0.01669160791786073,
  "summary_wm_mad": 68.27773216793652,
  "summary_wm_mean": 999.443418745734,
  "summary_wm_median": 1000.0608930513263,
  "summary_wm_n": 225358.0,
  "summary_wm_p05": 885.599394723773,
  "summary_wm_p95": 1111.2938339486718,
  "summary_wm_stdv": 68.44662355277718,
  "tpm_overlap_csf": 0.15710674226284027,
  "tpm_overlap_gm": 0.43134668469429016,
  "tpm_overlap_wm": 0.4728427827358246,
  "wm2max": 0.41740967257987677
}