{
  "aor": 0.0025066942148760326,
  "aqi": 0.02823880950413223,
  "bids_meta": {
    "AcquisitionMatrixPE": 64,
    "AcquisitionNumber": 1,
    "AcquisitionTime": "16:05:58.267500",
    "BandwidthPerPixelPhaseEncode": 56.818,
    "CoilString": "NN",
    "ConversionSoftware": "dcm2niix",
    "ConversionSoftwareVersion": "v1.0.20200331",
    "DerivedVendorReportedEchoSpacing": 0.000550002,
    "DeviceSerialNumber": "51066",
    "EchoTime": 0.03,
    "EffectiveEchoSpacing": 0.000275001,
    "FlipAngle": 90,
    "ImageOrientationPatientDICOM": [
      0.998232,
      0.00887157,
      0.0587653,
      4.62329e-10,
      0.988796,
      -0.149275
    ],
    "ImageType": [
      "ORIGINAL",
      "PRIMARY",
      "M",
      "ND",
      "NORM",
      "MOSAIC"
    ],
    "ImagingFrequency": 123.24,
    "InPlanePhaseEncodingDirectionDICOM": "ROW",
    "InstitutionAddress": "Blackburn_Road_770_Clayton_Victoria_AU_3168",
    "InstitutionName": "Monash_Biomedical_Imaging",
    "MRAcquisitionType": "2D",
    "MagneticFieldStrength": 3,
    "Manufacturer": "Siemens",
    "ManufacturersModelName": "Biograph_mMR",
    "Modality": "MR",
    "ParallelReductionFactorInPlane": 2,
    "PatientPosition": "HFS",
    "PercentPhaseFOV": 100,
    "PercentSampling": 100,
    "PhaseEncodingDirection": "i",
    "PixelBandwidth": 2367,
    "ProcedureStepDescription": "MR-PET_Scan",
    "ProtocolName": "Resting_4_ep2d_task_bold",
    "ReceiveCoilActiveElements": "T:HEA;HEP",
    "ReconMatrixPE": 64,
    "RepetitionTime": 2.45,
    "ScanOptions": "FS",
    "ScanningSequence": "EP",
    "SequenceVariant": "SK",
    "SeriesDescription": "Resting_4_ep2d_task_bold",
    "SeriesNumber": 33,
    "SliceThickness": 3,
    "SliceTiming": [
      1.225,
      0.0,
      1.2806818181818183,
      0.055681818181818186,
      1.3363636363636364,
      0.11136363636363637,
      1.3920454545454546,
      0.16704545454545455,
      1.4477272727272728,
      0.22272727272727275,
      1.5034090909090911,
      0.27840909090909094,
      1.5590909090909093,
      0.3340909090909091,
      1.6147727272727275,
      0.3897727272727273,
      1.6704545454545456,
      0.4454545454545455,
      1.7261363636363638,
      0.5011363636363637,
      1.781818181818182,
      0.5568181818181819,
      1.8375000000000001,
      0.6125,
      1.8931818181818183,
      0.6681818181818182,
      1.9488636363636365,
      0.7238636363636364,
      2.004545454545455,
      0.7795454545454547,
      2.060227272727273,
      0.8352272727272728,
      2.115909090909091,
      0.890909090909091,
      2.1715909090909093,
      0.9465909090909091,
      2.2272727272727275,
      1.0022727272727274,
      2.2829545454545457,
      1.0579545454545456,
      2.338636363636364,
      1.1136363636363638,
      2.394318181818182,
      1.169318181818182
    ],
    "SoftwareVersions": "syngo_MR_B20P",
    "SpacingBetweenSlices": 3,
    "StationName": "MRC51066",
    "TaskName": "rest",
    "TotalReadoutTime": 0.0173251,
    "dataset": "ds002898",
    "modality": "bold",
    "run_id": 4,
    "subject_id": "23",
    "task_id": "rest"
  },
  "dummy_trs": 0,
  "dvars_nstd": 37.848696522655594,
  "dvars_std": 1.1159828762655608,
  "dvars_vstd": 1.0236266293360992,
  "efc": 0.579078338611294,
  "fber": 765.5668334960938,
  "fd_mean": 0.14601482749978698,
  "fd_num": 35,
  "fd_perc": 14.462809917355372,
  "fwhm_avg": 1.6443461754385966,
  "fwhm_x": 1.5970357894736842,
  "fwhm_y": 1.7196227368421053,
  "fwhm_z": 1.6163800000000001,
  "gcor": 0.0265916,
  "gsr_x": 0.009333333000540733,
  "gsr_y": 0.017112841829657555,
  "provenance": {
    "md5sum": "33083be56ad054845cb2bc524ee30d5a",
    "settings": {
      "fd_thres": 0.2,
      "testing": false
    },
    "software": "mriqc",
    "version": "21.0.0rc2",
    "webapi_port": null,
    "webapi_url": "https://mriqc.nimh.nih.gov/api/v1"
  },
  "size_t": 242,
  "size_x": 64,
  "size_y": 64,
  "size_z": 44,
  "snr": 7.737900506305767,
  "spacing_tr": 2.450000047683716,
  "spacing_x": 2.96875,
  "spacing_y": 2.96875,
  "spacing_z": 3.0,
  "summary_bg_k": 52.97802322652833,
  "summary_bg_mad": 15.3283934949505,
  "summary_bg_mean": 45.001731872558594,
  "summary_bg_median": 27.070247650146484,
  "summary_bg_n": 99394.0,
  "summary_bg_p05": 13.21900749206543,
  "summary_bg_p95": 132.91631927490215,
  "summary_bg_stdv": 63.119232177734375,
  "summary_fg_k": 2.766105806544841,
  "summary_fg_mad": 87.21925158067324,
  "summary_fg_mean": 755.2003784179688,
  "summary_fg_median": 749.0061645507812,
  "summary_fg_n": 42094.0,
  "summary_fg_p05": 619.9115692138672,
  "summary_fg_p95": 911.4627685546875,
  "summary_fg_stdv": 96.79592895507812,
  "tsnr": 37.19181317277253
}