{
  "aor": 0.0002942561983471074,
  "aqi": 0.022019051239669424,
  "bids_meta": {
    "AcquisitionMatrixPE": 64,
    "AcquisitionNumber": 1,
    "AcquisitionTime": "12:48:8.862500",
    "BandwidthPerPixelPhaseEncode": 56.818,
    "CoilString": "NN",
    "ConversionSoftware": "dcm2niix",
    "ConversionSoftwareVersion": "v1.0.20200331",
    "DerivedVendorReportedEchoSpacing": 0.000550002,
    "DeviceSerialNumber": "51066",
    "EchoTime": 0.03,
    "EffectiveEchoSpacing": 0.000275001,
    "FlipAngle": 90,
    "ImageOrientationPatientDICOM": [
      0.996182,
      -0.00639474,
      0.0870651,
      0.00869355,
      0.999623,
      -0.0260499
    ],
    "ImageType": [
      "ORIGINAL",
      "PRIMARY",
      "M",
      "ND",
      "NORM",
      "MOSAIC"
    ],
    "ImagingFrequency": 123.24,
    "InPlanePhaseEncodingDirectionDICOM": "ROW",
    "InstitutionAddress": "Blackburn_Road_770_Clayton_Victoria_AU_3168",
    "InstitutionName": "Monash_Biomedical_Imaging",
    "MRAcquisitionType": "2D",
    "MagneticFieldStrength": 3,
    "Manufacturer": "Siemens",
    "ManufacturersModelName": "Biograph_mMR",
    "Modality": "MR",
    "ParallelReductionFactorInPlane": 2,
    "PatientPosition": "HFS",
    "PercentPhaseFOV": 100,
    "PercentSampling": 100,
    "PhaseEncodingDirection": "i",
    "PixelBandwidth": 2367,
    "ProcedureStepDescription": "MR-PET_Scan",
    "ProtocolName": "Resting_3_ep2d_task_bold",
    "ReceiveCoilActiveElements": "T:HEA;HEP",
    "ReconMatrixPE": 64,
    "RepetitionTime": 2.45,
    "ScanOptions": "FS",
    "ScanningSequence": "EP",
    "SequenceVariant": "SK",
    "SeriesDescription": "Resting_3_ep2d_task_bold",
    "SeriesNumber": 32,
    "SliceThickness": 3,
    "SliceTiming": [
      1.225,
      0.0,
      1.2806818181818183,
      0.055681818181818186,
      1.3363636363636364,
      0.11136363636363637,
      1.3920454545454546,
      0.16704545454545455,
      1.4477272727272728,
      0.22272727272727275,
      1.5034090909090911,
      0.27840909090909094,
      1.5590909090909093,
      0.3340909090909091,
      1.6147727272727275,
      0.3897727272727273,
      1.6704545454545456,
      0.4454545454545455,
      1.7261363636363638,
      0.5011363636363637,
      1.781818181818182,
      0.5568181818181819,
      1.8375000000000001,
      0.6125,
      1.8931818181818183,
      0.6681818181818182,
      1.9488636363636365,
      0.7238636363636364,
      2.004545454545455,
      0.7795454545454547,
      2.060227272727273,
      0.8352272727272728,
      2.115909090909091,
      0.890909090909091,
      2.1715909090909093,
      0.9465909090909091,
      2.2272727272727275,
      1.0022727272727274,
      2.2829545454545457,
      1.0579545454545456,
      2.338636363636364,
      1.1136363636363638,
      2.394318181818182,
      1.169318181818182
    ],
    "SoftwareVersions": "syngo_MR_B20P",
    "SpacingBetweenSlices": 3,
    "StationName": "MRC51066",
    "TaskName": "rest",
    "TotalReadoutTime": 0.0173251,
    "dataset": "ds002898",
    "modality": "bold",
    "run_id": 3,
    "subject_id": "17",
    "task_id": "rest"
  },
  "dummy_trs": 0,
  "dvars_nstd": 39.63045177203321,
  "dvars_std": 1.1142217175933609,
  "dvars_vstd": 0.9947681992531118,
  "efc": 0.5565305782343584,
  "fber": 714.5847778320312,
  "fd_mean": 0.07190230819069383,
  "fd_num": 1,
  "fd_perc": 0.4132231404958678,
  "fwhm_avg": 1.6003651514444586,
  "fwhm_x": 1.5305027368421054,
  "fwhm_y": 1.7064759265197693,
  "fwhm_z": 1.564116790971501,
  "gcor": 0.0193616,
  "gsr_x": -0.0006511908723041415,
  "gsr_y": 0.01917276903986931,
  "provenance": {
    "md5sum": "9f31392c0aedd64cbd448e7a8f159cb5",
    "settings": {
      "fd_thres": 0.2,
      "testing": false
    },
    "software": "mriqc",
    "version": "21.0.0rc2",
    "webapi_port": null,
    "webapi_url": "https://mriqc.nimh.nih.gov/api/v1"
  },
  "size_t": 242,
  "size_x": 64,
  "size_y": 64,
  "size_z": 44,
  "snr": 7.396553598759166,
  "spacing_tr": 2.450000047683716,
  "spacing_x": 2.96875,
  "spacing_y": 2.968749761581421,
  "spacing_z": 2.999999761581421,
  "summary_bg_k": 46.028697779515696,
  "summary_bg_mad": 14.335903902911143,
  "summary_bg_mean": 43.61170959472656,
  "summary_bg_median": 26.479337692260742,
  "summary_bg_n": 106039.0,
  "summary_bg_p05": 13.202478408813477,
  "summary_bg_p95": 134.3524673461913,
  "summary_bg_stdv": 58.933807373046875,
  "summary_fg_k": 2.494628867280812,
  "summary_fg_mad": 90.23657875192879,
  "summary_fg_mean": 708.2053833007812,
  "summary_fg_median": 704.549560546875,
  "summary_fg_n": 36901.0,
  "summary_fg_p05": 572.7974853515625,
  "summary_fg_p95": 857.8016357421875,
  "summary_fg_stdv": 95.25247192382812,
  "tsnr": 38.234934211708605
}