{
  "aor": 0.00039119834710743805,
  "aqi": 0.01881104917355372,
  "bids_meta": {
    "AcquisitionMatrixPE": 64,
    "AcquisitionNumber": 1,
    "AcquisitionTime": "12:27:31.930000",
    "BandwidthPerPixelPhaseEncode": 56.818,
    "CoilString": "NN",
    "ConversionSoftware": "dcm2niix",
    "ConversionSoftwareVersion": "v1.0.20200331",
    "DerivedVendorReportedEchoSpacing": 0.000550002,
    "DeviceSerialNumber": "51066",
    "EchoTime": 0.03,
    "EffectiveEchoSpacing": 0.000275001,
    "FlipAngle": 90,
    "ImageOrientationPatientDICOM": [
      0.996182,
      -0.00639474,
      0.0870651,
      0.00869355,
      0.999623,
      -0.0260499
    ],
    "ImageType": [
      "ORIGINAL",
      "PRIMARY",
      "M",
      "ND",
      "NORM",
      "MOSAIC"
    ],
    "ImagingFrequency": 123.239,
    "InPlanePhaseEncodingDirectionDICOM": "ROW",
    "InstitutionAddress": "Blackburn_Road_770_Clayton_Victoria_AU_3168",
    "InstitutionName": "Monash_Biomedical_Imaging",
    "MRAcquisitionType": "2D",
    "MagneticFieldStrength": 3,
    "Manufacturer": "Siemens",
    "ManufacturersModelName": "Biograph_mMR",
    "Modality": "MR",
    "ParallelReductionFactorInPlane": 2,
    "PatientPosition": "HFS",
    "PercentPhaseFOV": 100,
    "PercentSampling": 100,
    "PhaseEncodingDirection": "i",
    "PixelBandwidth": 2367,
    "ProcedureStepDescription": "MR-PET_Scan",
    "ProtocolName": "Resting_1_ep2d_task_bold",
    "ReceiveCoilActiveElements": "T:HEA;HEP",
    "ReconMatrixPE": 64,
    "RepetitionTime": 2.45,
    "ScanOptions": "FS",
    "ScanningSequence": "EP",
    "SequenceVariant": "SK",
    "SeriesDescription": "Resting_1_ep2d_task_bold",
    "SeriesNumber": 30,
    "SliceThickness": 3,
    "SliceTiming": [
      1.225,
      0.0,
      1.2806818181818183,
      0.055681818181818186,
      1.3363636363636364,
      0.11136363636363637,
      1.3920454545454546,
      0.16704545454545455,
      1.4477272727272728,
      0.22272727272727275,
      1.5034090909090911,
      0.27840909090909094,
      1.5590909090909093,
      0.3340909090909091,
      1.6147727272727275,
      0.3897727272727273,
      1.6704545454545456,
      0.4454545454545455,
      1.7261363636363638,
      0.5011363636363637,
      1.781818181818182,
      0.5568181818181819,
      1.8375000000000001,
      0.6125,
      1.8931818181818183,
      0.6681818181818182,
      1.9488636363636365,
      0.7238636363636364,
      2.004545454545455,
      0.7795454545454547,
      2.060227272727273,
      0.8352272727272728,
      2.115909090909091,
      0.890909090909091,
      2.1715909090909093,
      0.9465909090909091,
      2.2272727272727275,
      1.0022727272727274,
      2.2829545454545457,
      1.0579545454545456,
      2.338636363636364,
      1.1136363636363638,
      2.394318181818182,
      1.169318181818182
    ],
    "SoftwareVersions": "syngo_MR_B20P",
    "SpacingBetweenSlices": 3,
    "StationName": "MRC51066",
    "TaskName": "rest",
    "TotalReadoutTime": 0.0173251,
    "dataset": "ds002898",
    "modality": "bold",
    "run_id": 1,
    "subject_id": "17",
    "task_id": "rest"
  },
  "dummy_trs": 0,
  "dvars_nstd": 40.555541913278,
  "dvars_std": 1.1375404868049788,
  "dvars_vstd": 1.0112545955601657,
  "efc": 0.5559812923468396,
  "fber": 720.958740234375,
  "fd_mean": 0.0747048645062541,
  "fd_num": 1,
  "fd_perc": 0.4132231404958678,
  "fwhm_avg": 1.597577689222229,
  "fwhm_x": 1.5308934736842104,
  "fwhm_y": 1.699136136456631,
  "fwhm_z": 1.562703457525846,
  "gcor": 0.0391018,
  "gsr_x": 0.0010618009837344289,
  "gsr_y": 0.01889107935130596,
  "provenance": {
    "md5sum": "034196471d418431882546aec8bd99ab",
    "settings": {
      "fd_thres": 0.2,
      "testing": false
    },
    "software": "mriqc",
    "version": "21.0.0rc2",
    "webapi_port": null,
    "webapi_url": "https://mriqc.nimh.nih.gov/api/v1"
  },
  "size_t": 242,
  "size_x": 64,
  "size_y": 64,
  "size_z": 44,
  "snr": 7.363719390912476,
  "spacing_tr": 2.450000047683716,
  "spacing_x": 2.96875,
  "spacing_y": 2.968749761581421,
  "spacing_z": 2.999999761581421,
  "summary_bg_k": 43.83815958772084,
  "summary_bg_mad": 14.11841760907446,
  "summary_bg_mean": 43.4577522277832,
  "summary_bg_median": 26.37603187561035,
  "summary_bg_n": 106016.0,
  "summary_bg_p05": 13.223139762878418,
  "summary_bg_p95": 132.18387603759766,
  "summary_bg_stdv": 58.80496597290039,
  "summary_fg_k": 2.3190090866003192,
  "summary_fg_mad": 91.26582177153833,
  "summary_fg_mean": 709.3325805664062,
  "summary_fg_median": 705.6693725585938,
  "summary_fg_n": 36833.0,
  "summary_fg_p05": 573.1884033203125,
  "summary_fg_p95": 860.52392578125,
  "summary_fg_stdv": 95.82926177978516,
  "tsnr": 39.549634475726634
}