{
  "aor": 0.00036380165289256203,
  "aqi": 0.019250997933884295,
  "bids_meta": {
    "AcquisitionMatrixPE": 64,
    "AcquisitionNumber": 1,
    "AcquisitionTime": "12:58:19.297500",
    "BandwidthPerPixelPhaseEncode": 56.818,
    "CoilString": "NN",
    "ConversionSoftware": "dcm2niix",
    "ConversionSoftwareVersion": "v1.0.20200331",
    "DerivedVendorReportedEchoSpacing": 0.000550002,
    "DeviceSerialNumber": "51066",
    "EchoTime": 0.03,
    "EffectiveEchoSpacing": 0.000275001,
    "FlipAngle": 90,
    "ImageOrientationPatientDICOM": [
      0.996182,
      -0.00639474,
      0.0870651,
      0.00869355,
      0.999623,
      -0.0260499
    ],
    "ImageType": [
      "ORIGINAL",
      "PRIMARY",
      "M",
      "ND",
      "NORM",
      "MOSAIC"
    ],
    "ImagingFrequency": 123.24,
    "InPlanePhaseEncodingDirectionDICOM": "ROW",
    "InstitutionAddress": "Blackburn_Road_770_Clayton_Victoria_AU_3168",
    "InstitutionName": "Monash_Biomedical_Imaging",
    "MRAcquisitionType": "2D",
    "MagneticFieldStrength": 3,
    "Manufacturer": "Siemens",
    "ManufacturersModelName": "Biograph_mMR",
    "Modality": "MR",
    "ParallelReductionFactorInPlane": 2,
    "PatientPosition": "HFS",
    "PercentPhaseFOV": 100,
    "PercentSampling": 100,
    "PhaseEncodingDirection": "i",
    "PixelBandwidth": 2367,
    "ProcedureStepDescription": "MR-PET_Scan",
    "ProtocolName": "Resting_4_ep2d_task_bold",
    "ReceiveCoilActiveElements": "T:HEA;HEP",
    "ReconMatrixPE": 64,
    "RepetitionTime": 2.45,
    "ScanOptions": "FS",
    "ScanningSequence": "EP",
    "SequenceVariant": "SK",
    "SeriesDescription": "Resting_4_ep2d_task_bold",
    "SeriesNumber": 33,
    "SliceThickness": 3,
    "SliceTiming": [
      1.225,
      0.0,
      1.2806818181818183,
      0.055681818181818186,
      1.3363636363636364,
      0.11136363636363637,
      1.3920454545454546,
      0.16704545454545455,
      1.4477272727272728,
      0.22272727272727275,
      1.5034090909090911,
      0.27840909090909094,
      1.5590909090909093,
      0.3340909090909091,
      1.6147727272727275,
      0.3897727272727273,
      1.6704545454545456,
      0.4454545454545455,
      1.7261363636363638,
      0.5011363636363637,
      1.781818181818182,
      0.5568181818181819,
      1.8375000000000001,
      0.6125,
      1.8931818181818183,
      0.6681818181818182,
      1.9488636363636365,
      0.7238636363636364,
      2.004545454545455,
      0.7795454545454547,
      2.060227272727273,
      0.8352272727272728,
      2.115909090909091,
      0.890909090909091,
      2.1715909090909093,
      0.9465909090909091,
      2.2272727272727275,
      1.0022727272727274,
      2.2829545454545457,
      1.0579545454545456,
      2.338636363636364,
      1.1136363636363638,
      2.394318181818182,
      1.169318181818182
    ],
    "SoftwareVersions": "syngo_MR_B20P",
    "SpacingBetweenSlices": 3,
    "StationName": "MRC51066",
    "TaskName": "rest",
    "TotalReadoutTime": 0.0173251,
    "dataset": "ds002898",
    "modality": "bold",
    "run_id": 4,
    "subject_id": "17",
    "task_id": "rest"
  },
  "dummy_trs": 0,
  "dvars_nstd": 40.133011038423234,
  "dvars_std": 1.1421726915352695,
  "dvars_vstd": 1.0052741009958506,
  "efc": 0.5561506067872954,
  "fber": 725.2586669921875,
  "fd_mean": 0.07234520760681121,
  "fd_num": 7,
  "fd_perc": 2.8925619834710745,
  "fwhm_avg": 1.5981065548128897,
  "fwhm_x": 1.5290475789473685,
  "fwhm_y": 1.7086552951158458,
  "fwhm_z": 1.5566167903754546,
  "gcor": 0.0310398,
  "gsr_x": -0.0012962429318577051,
  "gsr_y": 0.01966227777302265,
  "provenance": {
    "md5sum": "9bda0d3fb8a5d3f83e5a31c4317c3d67",
    "settings": {
      "fd_thres": 0.2,
      "testing": false
    },
    "software": "mriqc",
    "version": "21.0.0rc2",
    "webapi_port": null,
    "webapi_url": "https://mriqc.nimh.nih.gov/api/v1"
  },
  "size_t": 242,
  "size_x": 64,
  "size_y": 64,
  "size_z": 44,
  "snr": 7.408445626547768,
  "spacing_tr": 2.450000047683716,
  "spacing_x": 2.96875,
  "spacing_y": 2.968749761581421,
  "spacing_z": 2.999999761581421,
  "summary_bg_k": 46.47258805416897,
  "summary_bg_mad": 14.115352231257573,
  "summary_bg_mean": 43.49622344970703,
  "summary_bg_median": 26.190080642700195,
  "summary_bg_n": 106058.0,
  "summary_bg_p05": 13.041321754455566,
  "summary_bg_p95": 134.3223114013672,
  "summary_bg_stdv": 59.71109390258789,
  "summary_fg_k": 2.5112091533893386,
  "summary_fg_mad": 90.05279181920265,
  "summary_fg_mean": 706.6535034179688,
  "summary_fg_median": 703.0371704101562,
  "summary_fg_n": 36902.0,
  "summary_fg_p05": 572.5086517333984,
  "summary_fg_p95": 855.8689941406249,
  "summary_fg_stdv": 94.89543151855469,
  "tsnr": 39.81477720732801
}