{
  "bids_meta": {
    "AcquisitionMatrixPE": 256,
    "AcquisitionNumber": 1,
    "AcquisitionTime": "10:25:5.197500",
    "BaseResolution": 256,
    "CoilString": "T:HEA;HEP;NEP",
    "ConversionSoftware": "dcm2niix",
    "ConversionSoftwareVersion": "v1.0.20200331",
    "DeviceSerialNumber": "51066",
    "DwellTime": 1.03e-05,
    "EchoTime": 0.00234,
    "FlipAngle": 8,
    "ImageOrientationPatientDICOM": [
      -0.0557787,
      0.998443,
      1.07408e-08,
      0.0312425,
      0.00174539,
      -0.99951
    ],
    "ImageType": [
      "ORIGINAL",
      "PRIMARY",
      "M",
      "ND",
      "NORM"
    ],
    "ImagingFrequency": 123.239,
    "InPlanePhaseEncodingDirectionDICOM": "ROW",
    "InstitutionAddress": "Blackburn_Road_770_Clayton_Victoria_AU_3168",
    "InstitutionName": "Monash_Biomedical_Imaging",
    "InstitutionalDepartmentName": "Department",
    "InversionTime": 0.9,
    "MRAcquisitionType": "3D",
    "MagneticFieldStrength": 3,
    "Manufacturer": "Siemens",
    "ManufacturersModelName": "Biograph_mMR",
    "Modality": "MR",
    "ParallelReductionFactorInPlane": 2,
    "PartialFourier": 1,
    "PatientPosition": "HFS",
    "PercentPhaseFOV": 100,
    "PercentSampling": 100,
    "PhaseEncodingSteps": 255,
    "PhaseResolution": 1,
    "PixelBandwidth": 190,
    "ProcedureStepDescription": "MR-PET_Scan",
    "ProtocolName": "Head_t1_mprage_sag_1_iso",
    "PulseSequenceDetails": "%SiemensSeq%_tfl",
    "ReceiveCoilName": "HeadNeck_MRPET",
    "ReconMatrixPE": 256,
    "RefLinesPE": 24,
    "RepetitionTime": 1.64,
    "SAR": 0.0716278,
    "ScanOptions": "IR",
    "ScanningSequence": "GR_IR",
    "SequenceName": "_tfl3d1_ns",
    "SequenceVariant": "SP_MP",
    "SeriesDescription": "Head_t1_mprage_sag_1_iso",
    "SeriesNumber": 11,
    "ShimSetting": [
      -8356,
      -914,
      -4234,
      -36,
      -238,
      48,
      -320,
      -142
    ],
    "SliceThickness": 1,
    "SoftwareVersions": "syngo_MR_B20P",
    "StationName": "MRC51066",
    "TxRefAmp": 299.239,
    "dataset": "ds002898",
    "modality": "T1w",
    "subject_id": "21"
  },
  "cjv": 0.5518352475459102,
  "cnr": 2.505766408225179,
  "efc": 0.5897218619068866,
  "fber": 2064.255952688661,
  "fwhm_avg": 3.8923466666666666,
  "fwhm_x": 3.84404,
  "fwhm_y": 3.79805,
  "fwhm_z": 4.03495,
  "icvs_csf": 0.18499901220601012,
  "icvs_gm": 0.43651435394676796,
  "icvs_wm": 0.3784866338472219,
  "inu_med": 1.2461092472076416,
  "inu_range": 0.522186255455017,
  "provenance": {
    "md5sum": "82a3c93dac4c84bac9bd91942636eb00",
    "settings": {
      "testing": false
    },
    "software": "mriqc",
    "version": "21.0.0rc2",
    "warnings": {
      "large_rot_frame": true,
      "small_air_mask": false
    },
    "webapi_port": null,
    "webapi_url": "https://mriqc.nimh.nih.gov/api/v1"
  },
  "qi_1": 0.0,
  "qi_2": 0.004513803408412694,
  "rpve_csf": 30.954166576633032,
  "rpve_gm": 14.216658859387785,
  "rpve_wm": 18.901359640509664,
  "size_x": 176,
  "size_y": 256,
  "size_z": 256,
  "snr_csf": 2.8640079088609918,
  "snr_gm": 12.39096054349259,
  "snr_total": 10.12364040348575,
  "snr_wm": 15.115952758103665,
  "snrd_csf": 30.158499164851914,
  "snrd_gm": 55.95136020612535,
  "snrd_total": 52.9086427260555,
  "snrd_wm": 72.61606880718924,
  "spacing_x": 1.0,
  "spacing_y": 1.0,
  "spacing_z": 1.0,
  "summary_bg_k": 2.4962179190345104,
  "summary_bg_mad": 9.022428715068353,
  "summary_bg_mean": 17.78888479843013,
  "summary_bg_median": 14.650363698601723,
  "summary_bg_n": 2039675.0,
  "summary_bg_p05": 2.9300727397203445,
  "summary_bg_p95": 40.513890381902456,
  "summary_bg_stdv": 12.032277960292417,
  "summary_csf_k": 30.989767777289593,
  "summary_csf_mad": 143.0222033351576,
  "summary_csf_mean": 436.0522249722752,
  "summary_csf_median": 415.33781085535884,
  "summary_csf_n": 13871.0,
  "summary_csf_p05": 256.77579759433866,
  "summary_csf_p95": 660.3651437144727,
  "summary_csf_stdv": 145.01455734676276,
  "summary_gm_k": -0.0025309609256716215,
  "summary_gm_mad": 62.32159093926844,
  "summary_gm_mean": 771.7151779830195,
  "summary_gm_median": 770.5527829937637,
  "summary_gm_n": 20287.0,
  "summary_gm_p05": 670.5922245271504,
  "summary_gm_p95": 875.3423267256469,
  "summary_gm_stdv": 62.18515415012685,
  "summary_wm_k": 0.13529857739961137,
  "summary_wm_mad": 64.32657509817251,
  "summary_wm_mean": 999.0757897534833,
  "summary_wm_median": 1000.0563650876284,
  "summary_wm_n": 192234.0,
  "summary_wm_p05": 887.7556925825775,
  "summary_wm_p95": 1106.6659347712994,
  "summary_wm_stdv": 66.15883100089798,
  "tpm_overlap_csf": 0.16911812126636505,
  "tpm_overlap_gm": 0.46292153000831604,
  "tpm_overlap_wm": 0.5113012790679932,
  "wm2max": 0.45456603165171755
}