{
  "aor": 0.0003560330578512397,
  "aqi": 0.01828543181818182,
  "bids_meta": {
    "AcquisitionMatrixPE": 64,
    "AcquisitionNumber": 1,
    "AcquisitionTime": "16:18:0.320000",
    "BandwidthPerPixelPhaseEncode": 56.818,
    "CoilString": "NN",
    "ConversionSoftware": "dcm2niix",
    "ConversionSoftwareVersion": "v1.0.20200331",
    "DerivedVendorReportedEchoSpacing": 0.000550002,
    "DeviceSerialNumber": "51066",
    "EchoTime": 0.03,
    "EffectiveEchoSpacing": 0.000275001,
    "FlipAngle": 90,
    "ImageOrientationPatientDICOM": [
      1,
      -2.05103e-10,
      0,
      2.05103e-10,
      1,
      0
    ],
    "ImageType": [
      "ORIGINAL",
      "PRIMARY",
      "M",
      "ND",
      "NORM",
      "MOSAIC"
    ],
    "ImagingFrequency": 123.24,
    "InPlanePhaseEncodingDirectionDICOM": "ROW",
    "InstitutionAddress": "Blackburn_Road_770_Clayton_Victoria_AU_3168",
    "InstitutionName": "Monash_Biomedical_Imaging",
    "MRAcquisitionType": "2D",
    "MagneticFieldStrength": 3,
    "Manufacturer": "Siemens",
    "ManufacturersModelName": "Biograph_mMR",
    "Modality": "MR",
    "ParallelReductionFactorInPlane": 2,
    "PatientPosition": "HFS",
    "PercentPhaseFOV": 100,
    "PercentSampling": 100,
    "PhaseEncodingDirection": "i",
    "PixelBandwidth": 2367,
    "ProcedureStepDescription": "MR-PET_Scan",
    "ProtocolName": "Resting_3_ep2d_task_bold",
    "ReceiveCoilActiveElements": "T:HEA;HEP",
    "ReconMatrixPE": 64,
    "RepetitionTime": 2.45,
    "ScanOptions": "FS",
    "ScanningSequence": "EP",
    "SequenceVariant": "SK",
    "SeriesDescription": "Resting_3_ep2d_task_bold",
    "SeriesNumber": 33,
    "SliceThickness": 3,
    "SliceTiming": [
      1.225,
      0.0,
      1.2806818181818183,
      0.055681818181818186,
      1.3363636363636364,
      0.11136363636363637,
      1.3920454545454546,
      0.16704545454545455,
      1.4477272727272728,
      0.22272727272727275,
      1.5034090909090911,
      0.27840909090909094,
      1.5590909090909093,
      0.3340909090909091,
      1.6147727272727275,
      0.3897727272727273,
      1.6704545454545456,
      0.4454545454545455,
      1.7261363636363638,
      0.5011363636363637,
      1.781818181818182,
      0.5568181818181819,
      1.8375000000000001,
      0.6125,
      1.8931818181818183,
      0.6681818181818182,
      1.9488636363636365,
      0.7238636363636364,
      2.004545454545455,
      0.7795454545454547,
      2.060227272727273,
      0.8352272727272728,
      2.115909090909091,
      0.890909090909091,
      2.1715909090909093,
      0.9465909090909091,
      2.2272727272727275,
      1.0022727272727274,
      2.2829545454545457,
      1.0579545454545456,
      2.338636363636364,
      1.1136363636363638,
      2.394318181818182,
      1.169318181818182
    ],
    "SoftwareVersions": "syngo_MR_B20P",
    "SpacingBetweenSlices": 3,
    "StationName": "MRC51066",
    "TaskName": "rest",
    "TotalReadoutTime": 0.0173251,
    "dataset": "ds002898",
    "modality": "bold",
    "run_id": 3,
    "subject_id": "20",
    "task_id": "rest"
  },
  "dummy_trs": 0,
  "dvars_nstd": 35.78861455033194,
  "dvars_std": 1.1199086017012456,
  "dvars_vstd": 1.0087976026556018,
  "efc": 0.593154579502137,
  "fber": 704.7623291015625,
  "fd_mean": 0.0666597793098605,
  "fd_num": 1,
  "fd_perc": 0.4132231404958678,
  "fwhm_avg": 1.5611455906432752,
  "fwhm_x": 1.5116766315789476,
  "fwhm_y": 1.6390534736842106,
  "fwhm_z": 1.5327066666666667,
  "gcor": 0.0281037,
  "gsr_x": 0.008240588940680027,
  "gsr_y": 0.02180609293282032,
  "provenance": {
    "md5sum": "1f8b99c9219ec1e80848b61b86ae9e07",
    "settings": {
      "fd_thres": 0.2,
      "testing": false
    },
    "software": "mriqc",
    "version": "21.0.0rc2",
    "webapi_port": null,
    "webapi_url": "https://mriqc.nimh.nih.gov/api/v1"
  },
  "size_t": 242,
  "size_x": 64,
  "size_y": 64,
  "size_z": 44,
  "snr": 7.672417277592178,
  "spacing_tr": 2.450000047683716,
  "spacing_x": 2.96875,
  "spacing_y": 2.96875,
  "spacing_z": 3.0,
  "summary_bg_k": 35.78931675760452,
  "summary_bg_mad": 15.426414889108024,
  "summary_bg_mean": 47.71772003173828,
  "summary_bg_median": 27.6942138671875,
  "summary_bg_n": 97095.0,
  "summary_bg_p05": 13.971074104309082,
  "summary_bg_p95": 154.9061950683595,
  "summary_bg_stdv": 62.564266204833984,
  "summary_fg_k": 2.820544125176041,
  "summary_fg_mad": 89.4646012417926,
  "summary_fg_mean": 735.908935546875,
  "summary_fg_median": 733.2850952148438,
  "summary_fg_n": 44197.0,
  "summary_fg_p05": 595.2132202148438,
  "summary_fg_p95": 884.8024536132813,
  "summary_fg_stdv": 95.57311248779297,
  "tsnr": 42.682787610334344
}