{
  "aor": 0.00039648760330578516,
  "aqi": 0.019586706611570245,
  "bids_meta": {
    "AcquisitionMatrixPE": 64,
    "AcquisitionNumber": 1,
    "AcquisitionTime": "16:28:9.287500",
    "BandwidthPerPixelPhaseEncode": 56.818,
    "CoilString": "NN",
    "ConversionSoftware": "dcm2niix",
    "ConversionSoftwareVersion": "v1.0.20200331",
    "DerivedVendorReportedEchoSpacing": 0.000550002,
    "DeviceSerialNumber": "51066",
    "EchoTime": 0.03,
    "EffectiveEchoSpacing": 0.000275001,
    "FlipAngle": 90,
    "ImageOrientationPatientDICOM": [
      1,
      -2.05103e-10,
      0,
      2.05103e-10,
      1,
      0
    ],
    "ImageType": [
      "ORIGINAL",
      "PRIMARY",
      "M",
      "ND",
      "NORM",
      "MOSAIC"
    ],
    "ImagingFrequency": 123.24,
    "InPlanePhaseEncodingDirectionDICOM": "ROW",
    "InstitutionAddress": "Blackburn_Road_770_Clayton_Victoria_AU_3168",
    "InstitutionName": "Monash_Biomedical_Imaging",
    "MRAcquisitionType": "2D",
    "MagneticFieldStrength": 3,
    "Manufacturer": "Siemens",
    "ManufacturersModelName": "Biograph_mMR",
    "Modality": "MR",
    "ParallelReductionFactorInPlane": 2,
    "PatientPosition": "HFS",
    "PercentPhaseFOV": 100,
    "PercentSampling": 100,
    "PhaseEncodingDirection": "i",
    "PixelBandwidth": 2367,
    "ProcedureStepDescription": "MR-PET_Scan",
    "ProtocolName": "Resting_4_ep2d_task_bold",
    "ReceiveCoilActiveElements": "T:HEA;HEP",
    "ReconMatrixPE": 64,
    "RepetitionTime": 2.45,
    "ScanOptions": "FS",
    "ScanningSequence": "EP",
    "SequenceVariant": "SK",
    "SeriesDescription": "Resting_4_ep2d_task_bold",
    "SeriesNumber": 34,
    "SliceThickness": 3,
    "SliceTiming": [
      1.225,
      0.0,
      1.2806818181818183,
      0.055681818181818186,
      1.3363636363636364,
      0.11136363636363637,
      1.3920454545454546,
      0.16704545454545455,
      1.4477272727272728,
      0.22272727272727275,
      1.5034090909090911,
      0.27840909090909094,
      1.5590909090909093,
      0.3340909090909091,
      1.6147727272727275,
      0.3897727272727273,
      1.6704545454545456,
      0.4454545454545455,
      1.7261363636363638,
      0.5011363636363637,
      1.781818181818182,
      0.5568181818181819,
      1.8375000000000001,
      0.6125,
      1.8931818181818183,
      0.6681818181818182,
      1.9488636363636365,
      0.7238636363636364,
      2.004545454545455,
      0.7795454545454547,
      2.060227272727273,
      0.8352272727272728,
      2.115909090909091,
      0.890909090909091,
      2.1715909090909093,
      0.9465909090909091,
      2.2272727272727275,
      1.0022727272727274,
      2.2829545454545457,
      1.0579545454545456,
      2.338636363636364,
      1.1136363636363638,
      2.394318181818182,
      1.169318181818182
    ],
    "SoftwareVersions": "syngo_MR_B20P",
    "SpacingBetweenSlices": 3,
    "StationName": "MRC51066",
    "TaskName": "rest",
    "TotalReadoutTime": 0.0173251,
    "dataset": "ds002898",
    "modality": "bold",
    "run_id": 4,
    "subject_id": "20",
    "task_id": "rest"
  },
  "dummy_trs": 0,
  "dvars_nstd": 35.99733360572611,
  "dvars_std": 1.111775406016598,
  "dvars_vstd": 1.002802297095436,
  "efc": 0.5933175737571927,
  "fber": 716.0429077148438,
  "fd_mean": 0.08337335178611623,
  "fd_num": 13,
  "fd_perc": 5.371900826446281,
  "fwhm_avg": 1.5572128888888888,
  "fwhm_x": 1.5107840000000001,
  "fwhm_y": 1.625728,
  "fwhm_z": 1.5351266666666668,
  "gcor": 0.0235844,
  "gsr_x": 0.009219367988407612,
  "gsr_y": 0.02096942625939846,
  "provenance": {
    "md5sum": "bc04cfe7690d6713d1683993f9963dc5",
    "settings": {
      "fd_thres": 0.2,
      "testing": false
    },
    "software": "mriqc",
    "version": "21.0.0rc2",
    "webapi_port": null,
    "webapi_url": "https://mriqc.nimh.nih.gov/api/v1"
  },
  "size_t": 242,
  "size_x": 64,
  "size_y": 64,
  "size_z": 44,
  "snr": 7.703785338089584,
  "spacing_tr": 2.450000047683716,
  "spacing_x": 2.96875,
  "spacing_y": 2.96875,
  "spacing_z": 3.0,
  "summary_bg_k": 32.86104826479417,
  "summary_bg_mad": 15.493805127811193,
  "summary_bg_mean": 47.484256744384766,
  "summary_bg_median": 27.59503936767578,
  "summary_bg_n": 97059.0,
  "summary_bg_p05": 13.78925609588623,
  "summary_bg_p95": 153.96734771728512,
  "summary_bg_stdv": 61.2113151550293,
  "summary_fg_k": 2.676284579827768,
  "summary_fg_mad": 89.42175382049973,
  "summary_fg_mean": 735.25341796875,
  "summary_fg_median": 732.7355346679688,
  "summary_fg_n": 44206.0,
  "summary_fg_p05": 594.8470916748047,
  "summary_fg_p95": 884.8698120117188,
  "summary_fg_stdv": 95.11262512207031,
  "tsnr": 41.95876956463326
}