{
  "bids_meta": {
    "AcquisitionMatrixPE": 256,
    "AcquisitionNumber": 1,
    "AcquisitionTime": "10:39:45.610000",
    "BaseResolution": 256,
    "CoilString": "T:HEA;HEP;NEP",
    "ConversionSoftware": "dcm2niix",
    "ConversionSoftwareVersion": "v1.0.20200331",
    "DeviceSerialNumber": "51066",
    "DwellTime": 1.03e-05,
    "EchoTime": 0.00234,
    "FlipAngle": 8,
    "ImageOrientationPatientDICOM": [
      0.0366618,
      0.999328,
      -2.64801e-08,
      0.0121231,
      -0.00044478,
      -0.999926
    ],
    "ImageType": [
      "ORIGINAL",
      "PRIMARY",
      "M",
      "ND",
      "NORM"
    ],
    "ImagingFrequency": 123.24,
    "InPlanePhaseEncodingDirectionDICOM": "ROW",
    "InstitutionAddress": "Blackburn_Road_770_Clayton_Victoria_AU_3168",
    "InstitutionName": "Monash_Biomedical_Imaging",
    "InstitutionalDepartmentName": "Department",
    "InversionTime": 0.9,
    "MRAcquisitionType": "3D",
    "MagneticFieldStrength": 3,
    "Manufacturer": "Siemens",
    "ManufacturersModelName": "Biograph_mMR",
    "Modality": "MR",
    "ParallelReductionFactorInPlane": 2,
    "PartialFourier": 1,
    "PatientPosition": "HFS",
    "PercentPhaseFOV": 100,
    "PercentSampling": 100,
    "PhaseEncodingSteps": 255,
    "PhaseResolution": 1,
    "PixelBandwidth": 190,
    "ProcedureStepDescription": "MR-PET_Scan",
    "ProtocolName": "Head_t1_mprage_sag_1_iso",
    "PulseSequenceDetails": "%SiemensSeq%_tfl",
    "ReceiveCoilName": "HeadNeck_MRPET",
    "ReconMatrixPE": 256,
    "RefLinesPE": 24,
    "RepetitionTime": 1.64,
    "SAR": 0.0556438,
    "ScanOptions": "IR",
    "ScanningSequence": "GR_IR",
    "SequenceName": "_tfl3d1_ns",
    "SequenceVariant": "SP_MP",
    "SeriesDescription": "Head_t1_mprage_sag_1_iso",
    "SeriesNumber": 10,
    "ShimSetting": [
      -8356,
      -914,
      -4234,
      -36,
      -238,
      48,
      -320,
      -142
    ],
    "SliceThickness": 1,
    "SoftwareVersions": "syngo_MR_B20P",
    "StationName": "MRC51066",
    "TxRefAmp": 286.402,
    "dataset": "ds002898",
    "modality": "T1w",
    "subject_id": "19"
  },
  "cjv": 0.47742601746455465,
  "cnr": 2.8556798568226056,
  "efc": 0.5621467221169771,
  "fber": 1179.328055658284,
  "fwhm_avg": 3.7446566666666663,
  "fwhm_x": 3.68005,
  "fwhm_y": 3.67868,
  "fwhm_z": 3.87524,
  "icvs_csf": 0.1971295691691009,
  "icvs_gm": 0.4217949047805808,
  "icvs_wm": 0.3810755260503183,
  "inu_med": 1.533660888671875,
  "inu_range": 0.5075042366981504,
  "provenance": {
    "md5sum": "be75fec30cbd1b076925ab898501da2a",
    "settings": {
      "testing": false
    },
    "software": "mriqc",
    "version": "21.0.0rc2",
    "warnings": {
      "large_rot_frame": true,
      "small_air_mask": false
    },
    "webapi_port": null,
    "webapi_url": "https://mriqc.nimh.nih.gov/api/v1"
  },
  "qi_1": 0.0,
  "qi_2": 0.0035588314204118773,
  "rpve_csf": 32.20097926299644,
  "rpve_gm": 15.93186396840376,
  "rpve_wm": 20.963945762315195,
  "size_x": 176,
  "size_y": 256,
  "size_z": 256,
  "snr_csf": 2.962595335460183,
  "snr_gm": 12.438669148939121,
  "snr_total": 11.204747948541419,
  "snr_wm": 18.212979361224953,
  "snrd_csf": 20.717503793719064,
  "snrd_gm": 41.05260903505201,
  "snrd_total": 38.5580486019554,
  "snrd_wm": 53.904032977095135,
  "spacing_x": 1.0,
  "spacing_y": 1.0,
  "spacing_z": 1.0,
  "summary_bg_k": 2.663091069542591,
  "summary_bg_mad": 12.15375404238831,
  "summary_bg_mean": 21.633673712119652,
  "summary_bg_median": 19.127692565321922,
  "summary_bg_n": 2904655.0,
  "summary_bg_p05": 2.732527509331703,
  "summary_bg_p95": 49.080397956073284,
  "summary_bg_stdv": 14.38386365046182,
  "summary_csf_k": 16.018888318643114,
  "summary_csf_mad": 119.51191475015172,
  "summary_csf_mean": 411.12289877631895,
  "summary_csf_median": 384.3405039086938,
  "summary_csf_n": 12918.0,
  "summary_csf_p05": 253.06620395798237,
  "summary_csf_p95": 622.0861618023365,
  "summary_csf_stdv": 129.72599492727116,
  "summary_gm_k": -0.10666817461333755,
  "summary_gm_mad": 61.93740040832504,
  "summary_gm_mean": 760.6649463385426,
  "summary_gm_median": 761.5869460143149,
  "summary_gm_n": 19111.0,
  "summary_gm_p05": 659.2748102322221,
  "summary_gm_p95": 861.0089084692299,
  "summary_gm_stdv": 61.22576388832534,
  "summary_wm_k": 0.39769071616804164,
  "summary_wm_mad": 51.887180719427015,
  "summary_wm_mean": 999.1406023297822,
  "summary_wm_median": 999.999971203506,
  "summary_wm_n": 182091.0,
  "summary_wm_p05": 906.4634526148438,
  "summary_wm_p95": 1087.8086917437613,
  "summary_wm_stdv": 54.9057463628922,
  "tpm_overlap_csf": 0.1719726324081421,
  "tpm_overlap_gm": 0.45803993940353394,
  "tpm_overlap_wm": 0.5171564221382141,
  "wm2max": 0.48999876599100367
}