{
  "bids_meta": {
    "AcquisitionMatrixPE": 256,
    "AcquisitionNumber": 1,
    "AcquisitionTime": "10:36:55.425000",
    "BaseResolution": 256,
    "CoilString": "T:HEA;HEP;NEP",
    "ConversionSoftware": "dcm2niix",
    "ConversionSoftwareVersion": "v1.0.20200331",
    "DeviceSerialNumber": "51066",
    "DwellTime": 1.03e-05,
    "EchoTime": 0.00234,
    "FlipAngle": 8,
    "ImageOrientationPatientDICOM": [
      0.088937,
      0.996037,
      3.42458e-08,
      0.0311672,
      -0.00278291,
      -0.99951
    ],
    "ImageType": [
      "ORIGINAL",
      "PRIMARY",
      "M",
      "ND",
      "NORM"
    ],
    "ImagingFrequency": 123.239,
    "InPlanePhaseEncodingDirectionDICOM": "ROW",
    "InstitutionAddress": "Blackburn_Road_770_Clayton_Victoria_AU_3168",
    "InstitutionName": "Monash_Biomedical_Imaging",
    "InstitutionalDepartmentName": "Department",
    "InversionTime": 0.9,
    "MRAcquisitionType": "3D",
    "MagneticFieldStrength": 3,
    "Manufacturer": "Siemens",
    "ManufacturersModelName": "Biograph_mMR",
    "Modality": "MR",
    "ParallelReductionFactorInPlane": 2,
    "PartialFourier": 1,
    "PatientPosition": "HFS",
    "PercentPhaseFOV": 100,
    "PercentSampling": 100,
    "PhaseEncodingSteps": 255,
    "PhaseResolution": 1,
    "PixelBandwidth": 190,
    "ProcedureStepDescription": "MR-PET_Scan",
    "ProtocolName": "Head_t1_mprage_sag_1_iso",
    "PulseSequenceDetails": "%SiemensSeq%_tfl",
    "ReceiveCoilName": "HeadNeck_MRPET",
    "ReconMatrixPE": 256,
    "RefLinesPE": 24,
    "RepetitionTime": 1.64,
    "SAR": 0.0448296,
    "ScanOptions": "IR",
    "ScanningSequence": "GR_IR",
    "SequenceName": "_tfl3d1_ns",
    "SequenceVariant": "SP_MP",
    "SeriesDescription": "Head_t1_mprage_sag_1_iso",
    "SeriesNumber": 11,
    "ShimSetting": [
      -8356,
      -914,
      -4234,
      -36,
      -238,
      48,
      -320,
      -142
    ],
    "SliceThickness": 1,
    "SoftwareVersions": "syngo_MR_B20P",
    "StationName": "MRC51066",
    "TxRefAmp": 293.033,
    "dataset": "ds002898",
    "modality": "T1w",
    "subject_id": "13"
  },
  "cjv": 0.52198125444428,
  "cnr": 2.629442128391842,
  "efc": 0.5729157197070662,
  "fber": 2345.8163521027486,
  "fwhm_avg": 3.9615733333333334,
  "fwhm_x": 3.88785,
  "fwhm_y": 4.00518,
  "fwhm_z": 3.99169,
  "icvs_csf": 0.15557779845655953,
  "icvs_gm": 0.4416826972494667,
  "icvs_wm": 0.40273950429397376,
  "inu_med": 1.6409021615982056,
  "inu_range": 0.7431194484233858,
  "provenance": {
    "md5sum": "bd4e9596f8f65c20410d3cfec385d954",
    "settings": {
      "testing": false
    },
    "software": "mriqc",
    "version": "21.0.0rc2",
    "warnings": {
      "large_rot_frame": true,
      "small_air_mask": false
    },
    "webapi_port": null,
    "webapi_url": "https://mriqc.nimh.nih.gov/api/v1"
  },
  "qi_1": 4.607440637192779e-06,
  "qi_2": 0.004336496402787628,
  "rpve_csf": 27.815965633117003,
  "rpve_gm": 11.155662835399726,
  "rpve_wm": 14.104313555160152,
  "size_x": 176,
  "size_y": 256,
  "size_z": 256,
  "snr_csf": 1.702025516798443,
  "snr_gm": 12.15550452486484,
  "snr_total": 10.374733303021578,
  "snr_wm": 17.266669867401454,
  "snrd_csf": 31.2646407782909,
  "snrd_gm": 59.14916529035321,
  "snrd_total": 55.67340340255618,
  "snrd_wm": 76.60640413902445,
  "spacing_x": 1.0,
  "spacing_y": 1.0,
  "spacing_z": 1.0,
  "summary_bg_k": 3.336550299227394,
  "summary_bg_mad": 8.551979623922746,
  "summary_bg_mean": 15.725086591266454,
  "summary_bg_median": 14.233276546001434,
  "summary_bg_n": 3447883.0,
  "summary_bg_p05": 2.846655309200287,
  "summary_bg_p95": 36.93160703778267,
  "summary_bg_stdv": 11.050336035853192,
  "summary_csf_k": 19.466952672780945,
  "summary_csf_mad": 145.6057829475678,
  "summary_csf_mean": 461.61120816801844,
  "summary_csf_median": 408.12047696113586,
  "summary_csf_n": 13951.0,
  "summary_csf_p05": 262.19193637371063,
  "summary_csf_p95": 695.5577512085438,
  "summary_csf_stdv": 239.77657546586778,
  "summary_gm_k": 0.09933257380762983,
  "summary_gm_mad": 62.6404741284731,
  "summary_gm_mean": 774.2135760791879,
  "summary_gm_median": 772.1177966296673,
  "summary_gm_n": 36090.0,
  "summary_gm_p05": 674.2078363895416,
  "summary_gm_p95": 882.9126177430153,
  "summary_gm_stdv": 63.51913224668504,
  "summary_wm_k": 0.13037823548558336,
  "summary_wm_mad": 56.30978791336146,
  "summary_wm_mean": 999.1747629890267,
  "summary_wm_median": 1000.0000453293324,
  "summary_wm_n": 272442.0,
  "summary_wm_p05": 901.191141307354,
  "summary_wm_p95": 1092.965814769268,
  "summary_wm_stdv": 57.914943515686254,
  "tpm_overlap_csf": 0.155141681432724,
  "tpm_overlap_gm": 0.4549786150455475,
  "tpm_overlap_wm": 0.49732935428619385,
  "wm2max": 0.3990633118024622
}