{
  "bids_meta": {
    "AcquisitionMatrixPE": 256,
    "AcquisitionNumber": 1,
    "AcquisitionTime": "12:50:3.892500",
    "BaseResolution": 256,
    "CoilString": "T:HEA;HEP",
    "ConversionSoftware": "dcm2niix",
    "ConversionSoftwareVersion": "v1.0.20200331",
    "DeviceSerialNumber": "51066",
    "DwellTime": 1.03e-05,
    "EchoTime": 0.00234,
    "FlipAngle": 8,
    "ImageOrientationPatientDICOM": [
      0.00699645,
      0.999976,
      -4.49155e-08,
      0.00690455,
      -4.83535e-05,
      -0.999976
    ],
    "ImageType": [
      "ORIGINAL",
      "PRIMARY",
      "M",
      "ND",
      "NORM"
    ],
    "ImagingFrequency": 123.24,
    "InPlanePhaseEncodingDirectionDICOM": "ROW",
    "InstitutionAddress": "Blackburn_Road_770_Clayton_Victoria_AU_3168",
    "InstitutionName": "Monash_Biomedical_Imaging",
    "InstitutionalDepartmentName": "Department",
    "InversionTime": 0.9,
    "MRAcquisitionType": "3D",
    "MagneticFieldStrength": 3,
    "Manufacturer": "Siemens",
    "ManufacturersModelName": "Biograph_mMR",
    "Modality": "MR",
    "ParallelReductionFactorInPlane": 2,
    "PartialFourier": 1,
    "PatientPosition": "HFS",
    "PercentPhaseFOV": 100,
    "PercentSampling": 100,
    "PhaseEncodingSteps": 255,
    "PhaseResolution": 1,
    "PixelBandwidth": 190,
    "ProcedureStepDescription": "MR-PET_Scan",
    "ProtocolName": "Head_t1_mprage_sag_1_iso",
    "PulseSequenceDetails": "%SiemensSeq%_tfl",
    "ReceiveCoilName": "HeadNeck_MRPET",
    "ReconMatrixPE": 256,
    "RefLinesPE": 24,
    "RepetitionTime": 1.64,
    "SAR": 0.0541221,
    "ScanOptions": "IR",
    "ScanningSequence": "GR_IR",
    "SequenceName": "_tfl3d1_ns",
    "SequenceVariant": "SP_MP",
    "SeriesDescription": "Head_t1_mprage_sag_1_iso",
    "SeriesNumber": 11,
    "ShimSetting": [
      -8356,
      -914,
      -4234,
      -36,
      -238,
      48,
      -320,
      -142
    ],
    "SliceThickness": 1,
    "SoftwareVersions": "syngo_MR_B20P",
    "StationName": "MRC51066",
    "TxRefAmp": 286.326,
    "dataset": "ds002898",
    "modality": "T1w",
    "subject_id": "14"
  },
  "cjv": 0.5679787644080723,
  "cnr": 2.4293714819921632,
  "efc": 0.5388290482890907,
  "fber": 2016.8585932171861,
  "fwhm_avg": 3.6354900000000003,
  "fwhm_x": 3.60741,
  "fwhm_y": 3.57239,
  "fwhm_z": 3.72667,
  "icvs_csf": 0.17387474960212868,
  "icvs_gm": 0.431775596752345,
  "icvs_wm": 0.3943496536455263,
  "inu_med": 1.674795389175415,
  "inu_range": 0.6242296397686005,
  "provenance": {
    "md5sum": "f68b72b1ad719aa5f86d527e3548ffe2",
    "settings": {
      "testing": false
    },
    "software": "mriqc",
    "version": "21.0.0rc2",
    "warnings": {
      "large_rot_frame": true,
      "small_air_mask": false
    },
    "webapi_port": null,
    "webapi_url": "https://mriqc.nimh.nih.gov/api/v1"
  },
  "qi_1": 0.0,
  "qi_2": 0.006215678843617097,
  "rpve_csf": 33.770356578916356,
  "rpve_gm": 15.046619960392587,
  "rpve_wm": 19.374247007048503,
  "size_x": 176,
  "size_y": 256,
  "size_z": 256,
  "snr_csf": 2.1689129431591185,
  "snr_gm": 11.783750874947815,
  "snr_total": 10.293139293632729,
  "snr_wm": 16.926754062791254,
  "snrd_csf": 32.506643660692674,
  "snrd_gm": 56.99773937059413,
  "snrd_total": 54.12293226901229,
  "snrd_wm": 72.86441377575005,
  "spacing_x": 1.0,
  "spacing_y": 1.0,
  "spacing_z": 1.0,
  "summary_bg_k": 2.8976994298292933,
  "summary_bg_mad": 8.991171016465886,
  "summary_bg_mean": 17.169853691817497,
  "summary_bg_median": 15.020097948610783,
  "summary_bg_n": 3455129.0,
  "summary_bg_p05": 2.9617094546556473,
  "summary_bg_p95": 39.13687493652105,
  "summary_bg_stdv": 11.733255071905456,
  "summary_csf_k": 46.248928592263844,
  "summary_csf_mad": 166.1798410543317,
  "summary_csf_mean": 475.57442994345155,
  "summary_csf_median": 446.12511583045125,
  "summary_csf_n": 8558.0,
  "summary_csf_p05": 266.48333402723074,
  "summary_csf_p95": 689.3766598615794,
  "summary_csf_stdv": 205.67863347215956,
  "summary_gm_k": -0.08009074784691883,
  "summary_gm_mad": 67.85197662426,
  "summary_gm_mean": 784.0566759491389,
  "summary_gm_median": 782.2438804879785,
  "summary_gm_n": 20410.0,
  "summary_gm_p05": 677.385262414813,
  "summary_gm_p95": 894.647805981338,
  "summary_gm_stdv": 66.38164072747583,
  "summary_wm_k": 0.4774161044558176,
  "summary_wm_mad": 55.828899102241664,
  "summary_wm_mean": 1000.5698308012853,
  "summary_wm_median": 1000.000042296946,
  "summary_wm_n": 195496.0,
  "summary_wm_p05": 904.2381032630801,
  "summary_wm_p95": 1099.0057583525777,
  "summary_wm_stdv": 59.077923681463304,
  "tpm_overlap_csf": 0.1656864732503891,
  "tpm_overlap_gm": 0.45499342679977417,
  "tpm_overlap_wm": 0.5032710433006287,
  "wm2max": 0.4269992328557074
}