{
  "aor": 0.003915537190082643,
  "aqi": 0.04979953801652892,
  "bids_meta": {
    "AcquisitionMatrixPE": 64,
    "AcquisitionNumber": 1,
    "AcquisitionTime": "12:02:0.297500",
    "BandwidthPerPixelPhaseEncode": 56.818,
    "CoilString": "NN",
    "ConversionSoftware": "dcm2niix",
    "ConversionSoftwareVersion": "v1.0.20200331",
    "DerivedVendorReportedEchoSpacing": 0.000550002,
    "DeviceSerialNumber": "51066",
    "EchoTime": 0.03,
    "EffectiveEchoSpacing": 0.000275001,
    "FlipAngle": 90,
    "ImageOrientationPatientDICOM": [
      0.999866,
      -0.00291831,
      -0.0161346,
      2.34942e-10,
      0.984033,
      -0.177986
    ],
    "ImageType": [
      "ORIGINAL",
      "PRIMARY",
      "M",
      "ND",
      "NORM",
      "MOSAIC"
    ],
    "ImagingFrequency": 123.239,
    "InPlanePhaseEncodingDirectionDICOM": "ROW",
    "InstitutionAddress": "Blackburn_Road_770_Clayton_Victoria_AU_3168",
    "InstitutionName": "Monash_Biomedical_Imaging",
    "MRAcquisitionType": "2D",
    "MagneticFieldStrength": 3,
    "Manufacturer": "Siemens",
    "ManufacturersModelName": "Biograph_mMR",
    "Modality": "MR",
    "ParallelReductionFactorInPlane": 2,
    "PatientPosition": "HFS",
    "PercentPhaseFOV": 100,
    "PercentSampling": 100,
    "PhaseEncodingDirection": "i",
    "PixelBandwidth": 2367,
    "ProcedureStepDescription": "MR-PET_Scan",
    "ProtocolName": "Resting_6_ep2d_task_bold",
    "ReceiveCoilActiveElements": "T:HEA;HEP",
    "ReconMatrixPE": 64,
    "RepetitionTime": 2.45,
    "ScanOptions": "FS",
    "ScanningSequence": "EP",
    "SequenceVariant": "SK",
    "SeriesDescription": "Resting_6_ep2d_task_bold",
    "SeriesNumber": 36,
    "SliceThickness": 3,
    "SliceTiming": [
      1.225,
      0.0,
      1.2806818181818183,
      0.055681818181818186,
      1.3363636363636364,
      0.11136363636363637,
      1.3920454545454546,
      0.16704545454545455,
      1.4477272727272728,
      0.22272727272727275,
      1.5034090909090911,
      0.27840909090909094,
      1.5590909090909093,
      0.3340909090909091,
      1.6147727272727275,
      0.3897727272727273,
      1.6704545454545456,
      0.4454545454545455,
      1.7261363636363638,
      0.5011363636363637,
      1.781818181818182,
      0.5568181818181819,
      1.8375000000000001,
      0.6125,
      1.8931818181818183,
      0.6681818181818182,
      1.9488636363636365,
      0.7238636363636364,
      2.004545454545455,
      0.7795454545454547,
      2.060227272727273,
      0.8352272727272728,
      2.115909090909091,
      0.890909090909091,
      2.1715909090909093,
      0.9465909090909091,
      2.2272727272727275,
      1.0022727272727274,
      2.2829545454545457,
      1.0579545454545456,
      2.338636363636364,
      1.1136363636363638,
      2.394318181818182,
      1.169318181818182
    ],
    "SoftwareVersions": "syngo_MR_B20P",
    "SpacingBetweenSlices": 3,
    "StationName": "MRC51066",
    "TaskName": "rest",
    "TotalReadoutTime": 0.0173251,
    "dataset": "ds002898",
    "modality": "bold",
    "run_id": 6,
    "subject_id": "13",
    "task_id": "rest"
  },
  "dummy_trs": 0,
  "dvars_nstd": 47.825957128132806,
  "dvars_std": 1.1095287534024896,
  "dvars_vstd": 1.031718542614108,
  "efc": 0.5954069890343199,
  "fber": 606.92578125,
  "fd_mean": 0.5267327634514628,
  "fd_num": 185,
  "fd_perc": 76.44628099173553,
  "fwhm_avg": 1.6961308771929824,
  "fwhm_x": 1.6210223157894736,
  "fwhm_y": 1.8329903157894738,
  "fwhm_z": 1.63438,
  "gcor": 0.0313933,
  "gsr_x": 0.00884726271033287,
  "gsr_y": 0.024145230650901794,
  "provenance": {
    "md5sum": "59c5f42b9aa44c9c6dc98b20968997f0",
    "settings": {
      "fd_thres": 0.2,
      "testing": false
    },
    "software": "mriqc",
    "version": "21.0.0rc2",
    "webapi_port": null,
    "webapi_url": "https://mriqc.nimh.nih.gov/api/v1"
  },
  "size_t": 242,
  "size_x": 64,
  "size_y": 64,
  "size_z": 44,
  "snr": 8.04866529365473,
  "spacing_tr": 2.450000047683716,
  "spacing_x": 2.96875,
  "spacing_y": 2.96875,
  "spacing_z": 3.0,
  "summary_bg_k": 35.4793197618,
  "summary_bg_mad": 18.134305743377528,
  "summary_bg_mean": 49.283931732177734,
  "summary_bg_median": 30.30991554260254,
  "summary_bg_n": 97092.0,
  "summary_bg_p05": 13.6942138671875,
  "summary_bg_p95": 143.41713790893542,
  "summary_bg_stdv": 64.0329818725586,
  "summary_fg_k": 3.962881807621545,
  "summary_fg_mad": 76.48260176234615,
  "summary_fg_mean": 752.0753784179688,
  "summary_fg_median": 748.6115112304688,
  "summary_fg_n": 43657.0,
  "summary_fg_p05": 617.8197875976563,
  "summary_fg_p95": 899.4578124999999,
  "summary_fg_stdv": 93.00957489013672,
  "tsnr": 28.357639306341298
}