{
  "bids_meta": {
    "AcquisitionMatrixPE": 256,
    "AcquisitionNumber": 1,
    "AcquisitionTime": "11:54:33.045000",
    "BaseResolution": 256,
    "CoilString": "T:HEA;HEP;NEP",
    "ConversionSoftware": "dcm2niix",
    "ConversionSoftwareVersion": "v1.0.20200331",
    "DeviceSerialNumber": "51066",
    "DwellTime": 1.03e-05,
    "EchoTime": 0.00234,
    "FlipAngle": 8,
    "ImageOrientationPatientDICOM": [
      0.00529632,
      0.999986,
      4.92792e-09,
      0.0870346,
      -0.000460965,
      -0.996205
    ],
    "ImageType": [
      "ORIGINAL",
      "PRIMARY",
      "M",
      "ND",
      "NORM"
    ],
    "ImagingFrequency": 123.239,
    "InPlanePhaseEncodingDirectionDICOM": "ROW",
    "InstitutionAddress": "Blackburn_Road_770_Clayton_Victoria_AU_3168",
    "InstitutionName": "Monash_Biomedical_Imaging",
    "InstitutionalDepartmentName": "Department",
    "InversionTime": 0.9,
    "MRAcquisitionType": "3D",
    "MagneticFieldStrength": 3,
    "Manufacturer": "Siemens",
    "ManufacturersModelName": "Biograph_mMR",
    "Modality": "MR",
    "ParallelReductionFactorInPlane": 2,
    "PartialFourier": 1,
    "PatientPosition": "HFS",
    "PercentPhaseFOV": 100,
    "PercentSampling": 100,
    "PhaseEncodingSteps": 255,
    "PhaseResolution": 1,
    "PixelBandwidth": 190,
    "ProcedureStepDescription": "MR-PET_Scan",
    "ProtocolName": "Head_t1_mprage_sag_1_iso",
    "PulseSequenceDetails": "%SiemensSeq%_tfl",
    "ReceiveCoilName": "HeadNeck_MRPET",
    "ReconMatrixPE": 256,
    "RefLinesPE": 24,
    "RepetitionTime": 1.64,
    "SAR": 0.0565853,
    "ScanOptions": "IR",
    "ScanningSequence": "GR_IR",
    "SequenceName": "_tfl3d1_ns",
    "SequenceVariant": "SP_MP",
    "SeriesDescription": "Head_t1_mprage_sag_1_iso",
    "SeriesNumber": 10,
    "ShimSetting": [
      -8356,
      -914,
      -4234,
      -36,
      -238,
      48,
      -320,
      -142
    ],
    "SliceThickness": 1,
    "SoftwareVersions": "syngo_MR_B20P",
    "StationName": "MRC51066",
    "TxRefAmp": 294.781,
    "dataset": "ds002898",
    "modality": "T1w",
    "subject_id": "17"
  },
  "cjv": 0.5108186899462371,
  "cnr": 2.6757327495674885,
  "efc": 0.5567211268610618,
  "fber": 1674.393600416233,
  "fwhm_avg": 3.7175333333333334,
  "fwhm_x": 3.64191,
  "fwhm_y": 3.67068,
  "fwhm_z": 3.84001,
  "icvs_csf": 0.18945256589411136,
  "icvs_gm": 0.44153406249845956,
  "icvs_wm": 0.3690133716074291,
  "inu_med": 1.5686428546905518,
  "inu_range": 0.6158860921859741,
  "provenance": {
    "md5sum": "9033547953931ed6549f0386e1284d0d",
    "settings": {
      "testing": false
    },
    "software": "mriqc",
    "version": "21.0.0rc2",
    "warnings": {
      "large_rot_frame": true,
      "small_air_mask": false
    },
    "webapi_port": null,
    "webapi_url": "https://mriqc.nimh.nih.gov/api/v1"
  },
  "qi_1": 0.0,
  "qi_2": 0.003839946123629087,
  "rpve_csf": 30.112661806982597,
  "rpve_gm": 14.035559874413316,
  "rpve_wm": 19.247116248981342,
  "size_x": 176,
  "size_y": 256,
  "size_z": 256,
  "snr_csf": 3.166379964521755,
  "snr_gm": 11.504841508468951,
  "snr_total": 10.157161632326906,
  "snr_wm": 15.800263423990016,
  "snrd_csf": 18.695711213530235,
  "snrd_gm": 35.932046431229004,
  "snrd_total": 34.10588835410789,
  "snrd_wm": 47.68990741756442,
  "spacing_x": 1.0,
  "spacing_y": 1.0,
  "spacing_z": 1.0,
  "summary_bg_k": 3.172874965074583,
  "summary_bg_mad": 13.737840278014522,
  "summary_bg_mean": 20.559434641453905,
  "summary_bg_median": 18.714947134256363,
  "summary_bg_n": 3168942.0,
  "summary_bg_p05": 3.108997732400894,
  "summary_bg_p95": 46.878808945417404,
  "summary_bg_stdv": 13.998137465996576,
  "summary_csf_k": 24.489398369363883,
  "summary_csf_mad": 115.59669549724062,
  "summary_csf_mean": 416.21892645693305,
  "summary_csf_median": 392.03851798176765,
  "summary_csf_n": 14595.0,
  "summary_csf_p05": 260.54620212316513,
  "summary_csf_p95": 621.6349524825811,
  "summary_csf_stdv": 123.80860527418119,
  "summary_gm_k": -0.12521641872426859,
  "summary_gm_mad": 66.24892713016213,
  "summary_gm_mean": 754.2667285919945,
  "summary_gm_median": 753.4747445583344,
  "summary_gm_n": 15313.0,
  "summary_gm_p05": 648.3784290552139,
  "summary_gm_p95": 863.6795700609683,
  "summary_gm_stdv": 65.48983235869974,
  "summary_wm_k": 0.28521389441841416,
  "summary_wm_mad": 59.696338839661784,
  "summary_wm_mean": 996.7950637647689,
  "summary_wm_median": 1000.0304568856955,
  "summary_wm_n": 183758.0,
  "summary_wm_p05": 885.0188770458102,
  "summary_wm_p95": 1095.5864166021347,
  "summary_wm_stdv": 63.29183944558657,
  "tpm_overlap_csf": 0.1630261093378067,
  "tpm_overlap_gm": 0.4488583505153656,
  "tpm_overlap_wm": 0.49976879358291626,
  "wm2max": 0.41976894348253424
}