{
  "bids_meta": {
    "AcquisitionMatrixPE": 256,
    "AcquisitionNumber": 1,
    "AcquisitionTime": "15:10:6.022500",
    "BaseResolution": 256,
    "CoilString": "T:HEA;HEP",
    "ConversionSoftware": "dcm2niix",
    "ConversionSoftwareVersion": "v1.0.20200331",
    "DeviceSerialNumber": "51066",
    "DwellTime": 1.03e-05,
    "EchoTime": 0.00234,
    "FlipAngle": 8,
    "ImageOrientationPatientDICOM": [
      -0.032946,
      0.999457,
      -2.70862e-09,
      0.0364511,
      0.00120157,
      -0.999335
    ],
    "ImageType": [
      "ORIGINAL",
      "PRIMARY",
      "M",
      "ND",
      "NORM"
    ],
    "ImagingFrequency": 123.24,
    "InPlanePhaseEncodingDirectionDICOM": "ROW",
    "InstitutionAddress": "Blackburn_Road_770_Clayton_Victoria_AU_3168",
    "InstitutionName": "Monash_Biomedical_Imaging",
    "InstitutionalDepartmentName": "Department",
    "InversionTime": 0.9,
    "MRAcquisitionType": "3D",
    "MagneticFieldStrength": 3,
    "Manufacturer": "Siemens",
    "ManufacturersModelName": "Biograph_mMR",
    "Modality": "MR",
    "ParallelReductionFactorInPlane": 2,
    "PartialFourier": 1,
    "PatientPosition": "HFS",
    "PercentPhaseFOV": 100,
    "PercentSampling": 100,
    "PhaseEncodingSteps": 255,
    "PhaseResolution": 1,
    "PixelBandwidth": 190,
    "ProcedureStepDescription": "MR-PET_Scan",
    "ProtocolName": "Head_t1_mprage_sag_1_iso",
    "PulseSequenceDetails": "%SiemensSeq%_tfl",
    "ReceiveCoilName": "HeadNeck_MRPET",
    "ReconMatrixPE": 256,
    "RefLinesPE": 24,
    "RepetitionTime": 1.64,
    "SAR": 0.0555154,
    "ScanOptions": "IR",
    "ScanningSequence": "GR_IR",
    "SequenceName": "_tfl3d1_ns",
    "SequenceVariant": "SP_MP",
    "SeriesDescription": "Head_t1_mprage_sag_1_iso",
    "SeriesNumber": 11,
    "ShimSetting": [
      -8356,
      -914,
      -4234,
      -36,
      -238,
      48,
      -320,
      -142
    ],
    "SliceThickness": 1,
    "SoftwareVersions": "syngo_MR_B20P",
    "StationName": "MRC51066",
    "TxRefAmp": 306.908,
    "dataset": "ds002898",
    "modality": "T1w",
    "subject_id": "25"
  },
  "cjv": 0.4368348843361776,
  "cnr": 3.1263317334639615,
  "efc": 0.5509117252619515,
  "fber": 2483.04044364276,
  "fwhm_avg": 4.002730000000001,
  "fwhm_x": 3.82322,
  "fwhm_y": 4.06819,
  "fwhm_z": 4.11678,
  "icvs_csf": 0.19036935123374274,
  "icvs_gm": 0.4267072171999683,
  "icvs_wm": 0.38292343156628894,
  "inu_med": 1.338458776473999,
  "inu_range": 0.4565511763095855,
  "provenance": {
    "md5sum": "df4e8676bb5bce67a89fc3987ed02bbf",
    "settings": {
      "testing": false
    },
    "software": "mriqc",
    "version": "21.0.0rc2",
    "warnings": {
      "large_rot_frame": true,
      "small_air_mask": false
    },
    "webapi_port": null,
    "webapi_url": "https://mriqc.nimh.nih.gov/api/v1"
  },
  "qi_1": 0.0,
  "qi_2": 0.004828688399736451,
  "rpve_csf": 28.060313586545035,
  "rpve_gm": 13.41083092967151,
  "rpve_wm": 17.414422636676296,
  "size_x": 176,
  "size_y": 256,
  "size_z": 256,
  "snr_csf": 3.3550981168751792,
  "snr_gm": 13.256518689623627,
  "snr_total": 11.499613210163043,
  "snr_wm": 17.887222823990324,
  "snrd_csf": 25.423130424470475,
  "snrd_gm": 51.35612558545578,
  "snrd_total": 48.44635585998436,
  "snrd_wm": 68.55981157002684,
  "spacing_x": 1.0,
  "spacing_y": 1.0,
  "spacing_z": 1.0,
  "summary_bg_k": 4.767905513986436,
  "summary_bg_mad": 9.555691275356635,
  "summary_bg_mean": 15.205072060171952,
  "summary_bg_median": 12.890431642532349,
  "summary_bg_n": 3842061.0,
  "summary_bg_p05": 3.222607910633087,
  "summary_bg_p95": 35.75855316221714,
  "summary_bg_stdv": 11.135487145320369,
  "summary_csf_k": -0.2645410218616031,
  "summary_csf_mad": 102.21833215225247,
  "summary_csf_mean": 401.2875981226023,
  "summary_csf_median": 370.81681602448225,
  "summary_csf_n": 26568.0,
  "summary_csf_p05": 263.1817118093372,
  "summary_csf_p95": 610.6222258359194,
  "summary_csf_stdv": 110.52130948346691,
  "summary_gm_k": 0.13363444180437778,
  "summary_gm_mad": 55.12898812705751,
  "summary_gm_mean": 748.6347079085134,
  "summary_gm_median": 749.0704195350409,
  "summary_gm_n": 19809.0,
  "summary_gm_p05": 654.4372987747192,
  "summary_gm_p95": 841.224611133337,
  "summary_gm_stdv": 56.504390746062064,
  "summary_wm_k": 0.17166030368297713,
  "summary_wm_mad": 54.48581659890851,
  "summary_wm_mean": 999.2566303666916,
  "summary_wm_median": 1000.0000239610672,
  "summary_wm_n": 213203.0,
  "summary_wm_p05": 905.5528228878975,
  "summary_wm_p95": 1089.985152542591,
  "summary_wm_stdv": 55.90569808490926,
  "tpm_overlap_csf": 0.1559116542339325,
  "tpm_overlap_gm": 0.4360843300819397,
  "tpm_overlap_wm": 0.48262906074523926,
  "wm2max": 0.44745161111419224
}