{
  "aor": 0.00047099173553719005,
  "aqi": 0.017467797520661157,
  "bids_meta": {
    "AcquisitionMatrixPE": 64,
    "AcquisitionNumber": 1,
    "AcquisitionTime": "12:20:1.507500",
    "BandwidthPerPixelPhaseEncode": 56.818,
    "CoilString": "NN",
    "ConversionSoftware": "dcm2niix",
    "ConversionSoftwareVersion": "v1.0.20200331",
    "DerivedVendorReportedEchoSpacing": 0.000550002,
    "DeviceSerialNumber": "51066",
    "EchoTime": 0.03,
    "EffectiveEchoSpacing": 0.000275001,
    "FlipAngle": 90,
    "ImageOrientationPatientDICOM": [
      0.992591,
      0.121499,
      0.00145522,
      -0.120117,
      0.982967,
      -0.139098
    ],
    "ImageType": [
      "ORIGINAL",
      "PRIMARY",
      "M",
      "ND",
      "NORM",
      "MOSAIC"
    ],
    "ImagingFrequency": 123.24,
    "InPlanePhaseEncodingDirectionDICOM": "ROW",
    "InstitutionAddress": "Blackburn_Road_770_Clayton_Victoria_AU_3168",
    "InstitutionName": "Monash_Biomedical_Imaging",
    "MRAcquisitionType": "2D",
    "MagneticFieldStrength": 3,
    "Manufacturer": "Siemens",
    "ManufacturersModelName": "Biograph_mMR",
    "Modality": "MR",
    "ParallelReductionFactorInPlane": 2,
    "PatientPosition": "HFS",
    "PercentPhaseFOV": 100,
    "PercentSampling": 100,
    "PhaseEncodingDirection": "i",
    "PixelBandwidth": 2367,
    "ProcedureStepDescription": "MR-PET_Scan",
    "ProtocolName": "Resting_5_ep2d_task_bold",
    "ReceiveCoilActiveElements": "T:HEA;HEP",
    "ReconMatrixPE": 64,
    "RepetitionTime": 2.45,
    "ScanOptions": "FS",
    "ScanningSequence": "EP",
    "SequenceVariant": "SK",
    "SeriesDescription": "Resting_5_ep2d_task_bold",
    "SeriesNumber": 34,
    "SliceThickness": 3,
    "SliceTiming": [
      1.225,
      0.0,
      1.2806818181818183,
      0.055681818181818186,
      1.3363636363636364,
      0.11136363636363637,
      1.3920454545454546,
      0.16704545454545455,
      1.4477272727272728,
      0.22272727272727275,
      1.5034090909090911,
      0.27840909090909094,
      1.5590909090909093,
      0.3340909090909091,
      1.6147727272727275,
      0.3897727272727273,
      1.6704545454545456,
      0.4454545454545455,
      1.7261363636363638,
      0.5011363636363637,
      1.781818181818182,
      0.5568181818181819,
      1.8375000000000001,
      0.6125,
      1.8931818181818183,
      0.6681818181818182,
      1.9488636363636365,
      0.7238636363636364,
      2.004545454545455,
      0.7795454545454547,
      2.060227272727273,
      0.8352272727272728,
      2.115909090909091,
      0.890909090909091,
      2.1715909090909093,
      0.9465909090909091,
      2.2272727272727275,
      1.0022727272727274,
      2.2829545454545457,
      1.0579545454545456,
      2.338636363636364,
      1.1136363636363638,
      2.394318181818182,
      1.169318181818182
    ],
    "SoftwareVersions": "syngo_MR_B20P",
    "SpacingBetweenSlices": 3,
    "StationName": "MRC51066",
    "TaskName": "rest",
    "TotalReadoutTime": 0.0173251,
    "dataset": "ds002898",
    "modality": "bold",
    "run_id": 5,
    "subject_id": "15",
    "task_id": "rest"
  },
  "dummy_trs": 0,
  "dvars_nstd": 38.01306582887966,
  "dvars_std": 1.106945372365145,
  "dvars_vstd": 1.0087191902904569,
  "efc": 0.5613306877654635,
  "fber": 711.3489379882812,
  "fd_mean": 0.10620830955635086,
  "fd_num": 28,
  "fd_perc": 11.570247933884298,
  "fwhm_avg": 1.6502421403508771,
  "fwhm_x": 1.5932463157894736,
  "fwhm_y": 1.7241701052631577,
  "fwhm_z": 1.63331,
  "gcor": 0.0138963,
  "gsr_x": 0.007018783129751682,
  "gsr_y": 0.01071244291961193,
  "provenance": {
    "md5sum": "d76e15097c4edaadef1fbf1083e2c9c0",
    "settings": {
      "fd_thres": 0.2,
      "testing": false
    },
    "software": "mriqc",
    "version": "21.0.0rc2",
    "webapi_port": null,
    "webapi_url": "https://mriqc.nimh.nih.gov/api/v1"
  },
  "size_t": 242,
  "size_x": 64,
  "size_y": 64,
  "size_z": 44,
  "snr": 7.074450531381663,
  "spacing_tr": 2.450000047683716,
  "spacing_x": 2.96875,
  "spacing_y": 2.96875,
  "spacing_z": 3.0,
  "summary_bg_k": 26.187787570017278,
  "summary_bg_mad": 14.421675097158378,
  "summary_bg_mean": 44.82588577270508,
  "summary_bg_median": 27.161155700683594,
  "summary_bg_n": 104603.0,
  "summary_bg_p05": 13.586776733398438,
  "summary_bg_p95": 138.0165252685547,
  "summary_bg_stdv": 58.31715393066406,
  "summary_fg_k": 1.3490059412099695,
  "summary_fg_mad": 101.03141419199045,
  "summary_fg_mean": 734.7128295898438,
  "summary_fg_median": 727.495849609375,
  "summary_fg_n": 37763.0,
  "summary_fg_p05": 585.4222778320312,
  "summary_fg_p95": 899.57392578125,
  "summary_fg_stdv": 102.83289337158203,
  "tsnr": 39.025856537686195
}