{
  "aor": 0.0009970247933884298,
  "aqi": 0.032649360330578504,
  "bids_meta": {
    "AcquisitionMatrixPE": 64,
    "AcquisitionNumber": 1,
    "AcquisitionTime": "11:39:10.920000",
    "BandwidthPerPixelPhaseEncode": 56.818,
    "CoilString": "NN",
    "ConversionSoftware": "dcm2niix",
    "ConversionSoftwareVersion": "v1.0.20200331",
    "DerivedVendorReportedEchoSpacing": 0.000550002,
    "DeviceSerialNumber": "51066",
    "EchoTime": 0.03,
    "EffectiveEchoSpacing": 0.000275001,
    "FlipAngle": 90,
    "ImageOrientationPatientDICOM": [
      0.999961,
      0.000909455,
      0.00882094,
      1.76375e-10,
      0.994727,
      -0.102558
    ],
    "ImageType": [
      "ORIGINAL",
      "PRIMARY",
      "M",
      "ND",
      "NORM",
      "MOSAIC"
    ],
    "ImagingFrequency": 123.24,
    "InPlanePhaseEncodingDirectionDICOM": "ROW",
    "InstitutionAddress": "Blackburn_Road_770_Clayton_Victoria_AU_3168",
    "InstitutionName": "Monash_Biomedical_Imaging",
    "MRAcquisitionType": "2D",
    "MagneticFieldStrength": 3,
    "Manufacturer": "Siemens",
    "ManufacturersModelName": "Biograph_mMR",
    "Modality": "MR",
    "ParallelReductionFactorInPlane": 2,
    "PatientPosition": "HFS",
    "PercentPhaseFOV": 100,
    "PercentSampling": 100,
    "PhaseEncodingDirection": "i",
    "PixelBandwidth": 2367,
    "ProcedureStepDescription": "MR-PET_Scan",
    "ProtocolName": "Resting_5_ep2d_task_bold",
    "ReceiveCoilActiveElements": "T:HEA;HEP",
    "ReconMatrixPE": 64,
    "RepetitionTime": 2.45,
    "ScanOptions": "FS",
    "ScanningSequence": "EP",
    "SequenceVariant": "SK",
    "SeriesDescription": "Resting_5_ep2d_task_bold",
    "SeriesNumber": 35,
    "SliceThickness": 3,
    "SliceTiming": [
      1.225,
      0.0,
      1.2806818181818183,
      0.055681818181818186,
      1.3363636363636364,
      0.11136363636363637,
      1.3920454545454546,
      0.16704545454545455,
      1.4477272727272728,
      0.22272727272727275,
      1.5034090909090911,
      0.27840909090909094,
      1.5590909090909093,
      0.3340909090909091,
      1.6147727272727275,
      0.3897727272727273,
      1.6704545454545456,
      0.4454545454545455,
      1.7261363636363638,
      0.5011363636363637,
      1.781818181818182,
      0.5568181818181819,
      1.8375000000000001,
      0.6125,
      1.8931818181818183,
      0.6681818181818182,
      1.9488636363636365,
      0.7238636363636364,
      2.004545454545455,
      0.7795454545454547,
      2.060227272727273,
      0.8352272727272728,
      2.115909090909091,
      0.890909090909091,
      2.1715909090909093,
      0.9465909090909091,
      2.2272727272727275,
      1.0022727272727274,
      2.2829545454545457,
      1.0579545454545456,
      2.338636363636364,
      1.1136363636363638,
      2.394318181818182,
      1.169318181818182
    ],
    "SoftwareVersions": "syngo_MR_B20P",
    "SpacingBetweenSlices": 3,
    "StationName": "MRC51066",
    "TaskName": "rest",
    "TotalReadoutTime": 0.0173251,
    "dataset": "ds002898",
    "modality": "bold",
    "run_id": 5,
    "subject_id": "21",
    "task_id": "rest"
  },
  "dummy_trs": 0,
  "dvars_nstd": 40.797480871784224,
  "dvars_std": 1.0441269475933612,
  "dvars_vstd": 0.9923371878008299,
  "efc": 0.5472694157347786,
  "fber": 700.3851928710938,
  "fd_mean": 0.1919441930607951,
  "fd_num": 69,
  "fd_perc": 28.512396694214875,
  "fwhm_avg": 1.7067762339181287,
  "fwhm_x": 1.6967814736842106,
  "fwhm_y": 1.7539738947368422,
  "fwhm_z": 1.6695733333333334,
  "gcor": 0.0289634,
  "gsr_x": 0.012130249291658401,
  "gsr_y": 0.019303830340504646,
  "provenance": {
    "md5sum": "a2fd711338ad052b98f99976d988f67b",
    "settings": {
      "fd_thres": 0.2,
      "testing": false
    },
    "software": "mriqc",
    "version": "21.0.0rc2",
    "webapi_port": null,
    "webapi_url": "https://mriqc.nimh.nih.gov/api/v1"
  },
  "size_t": 242,
  "size_x": 64,
  "size_y": 64,
  "size_z": 44,
  "snr": 7.6803653571107775,
  "spacing_tr": 2.450000047683716,
  "spacing_x": 2.96875,
  "spacing_y": 2.96875,
  "spacing_z": 3.0,
  "summary_bg_k": 44.764243876964265,
  "summary_bg_mad": 16.30249647576716,
  "summary_bg_mean": 45.56196594238281,
  "summary_bg_median": 28.020660400390625,
  "summary_bg_n": 108586.0,
  "summary_bg_p05": 13.554751634597778,
  "summary_bg_p95": 137.41941833496094,
  "summary_bg_stdv": 58.601627349853516,
  "summary_fg_k": 2.12341302935726,
  "summary_fg_mad": 89.66983450787967,
  "summary_fg_mean": 742.7434692382812,
  "summary_fg_median": 737.5701904296875,
  "summary_fg_n": 34434.0,
  "summary_fg_p05": 599.3731323242188,
  "summary_fg_p95": 898.2053375244141,
  "summary_fg_stdv": 96.03182220458984,
  "tsnr": 32.228305644821376
}