{
  "aor": 0.0038658091286307055,
  "aqi": 0.03313423485477179,
  "bids_meta": {
    "AcquisitionMatrixPE": 64,
    "AcquisitionNumber": 1,
    "AcquisitionTime": "15:21:3.302500",
    "BandwidthPerPixelPhaseEncode": 56.818,
    "CoilString": "NN",
    "ConversionSoftware": "dcm2niix",
    "ConversionSoftwareVersion": "v1.0.20200331",
    "DerivedVendorReportedEchoSpacing": 0.000550002,
    "DeviceSerialNumber": "51066",
    "EchoTime": 0.03,
    "EffectiveEchoSpacing": 0.000275001,
    "FlipAngle": 90,
    "ImageOrientationPatientDICOM": [
      0.999908,
      2.50885e-07,
      -0.0135367,
      2.05079e-10,
      1,
      1.85488e-05
    ],
    "ImageType": [
      "ORIGINAL",
      "PRIMARY",
      "M",
      "ND",
      "NORM",
      "MOSAIC"
    ],
    "ImagingFrequency": 123.239,
    "InPlanePhaseEncodingDirectionDICOM": "ROW",
    "InstitutionAddress": "Blackburn_Road_770_Clayton_Victoria_AU_3168",
    "InstitutionName": "Monash_Biomedical_Imaging",
    "MRAcquisitionType": "2D",
    "MagneticFieldStrength": 3,
    "Manufacturer": "Siemens",
    "ManufacturersModelName": "Biograph_mMR",
    "Modality": "MR",
    "ParallelReductionFactorInPlane": 2,
    "PatientPosition": "HFS",
    "PercentPhaseFOV": 100,
    "PercentSampling": 100,
    "PhaseEncodingDirection": "i",
    "PixelBandwidth": 2367,
    "ProcedureStepDescription": "MR-PET_Scan",
    "ProtocolName": "Resting_2_ep2d_task_bold",
    "ReceiveCoilActiveElements": "T:HEA;HEP",
    "ReconMatrixPE": 64,
    "RepetitionTime": 2.45,
    "ScanOptions": "FS",
    "ScanningSequence": "EP",
    "SequenceVariant": "SK",
    "SeriesDescription": "Resting_2_ep2d_task_bold",
    "SeriesNumber": 32,
    "SliceThickness": 3,
    "SliceTiming": [
      1.225,
      0.0,
      1.2806818181818183,
      0.055681818181818186,
      1.3363636363636364,
      0.11136363636363637,
      1.3920454545454546,
      0.16704545454545455,
      1.4477272727272728,
      0.22272727272727275,
      1.5034090909090911,
      0.27840909090909094,
      1.5590909090909093,
      0.3340909090909091,
      1.6147727272727275,
      0.3897727272727273,
      1.6704545454545456,
      0.4454545454545455,
      1.7261363636363638,
      0.5011363636363637,
      1.781818181818182,
      0.5568181818181819,
      1.8375000000000001,
      0.6125,
      1.8931818181818183,
      0.6681818181818182,
      1.9488636363636365,
      0.7238636363636364,
      2.004545454545455,
      0.7795454545454547,
      2.060227272727273,
      0.8352272727272728,
      2.115909090909091,
      0.890909090909091,
      2.1715909090909093,
      0.9465909090909091,
      2.2272727272727275,
      1.0022727272727274,
      2.2829545454545457,
      1.0579545454545456,
      2.338636363636364,
      1.1136363636363638,
      2.394318181818182,
      1.169318181818182
    ],
    "SoftwareVersions": "syngo_MR_B20P",
    "SpacingBetweenSlices": 3,
    "StationName": "MRC51066",
    "TaskName": "rest",
    "TotalReadoutTime": 0.0173251,
    "dataset": "ds002898",
    "modality": "bold",
    "run_id": 2,
    "subject_id": "08",
    "task_id": "rest"
  },
  "dummy_trs": 1,
  "dvars_nstd": 44.57001735345831,
  "dvars_std": 1.058807287416667,
  "dvars_vstd": 1.0039605677083336,
  "efc": 0.5850811841760611,
  "fber": 696.7518920898438,
  "fd_mean": 0.31872638634521683,
  "fd_num": 108,
  "fd_perc": 44.81327800829875,
  "fwhm_avg": 1.6320111695906432,
  "fwhm_x": 1.591285894736842,
  "fwhm_y": 1.6880909473684211,
  "fwhm_z": 1.6166566666666666,
  "gcor": 0.0531134,
  "gsr_x": 0.024451687932014465,
  "gsr_y": 0.016649829223752022,
  "provenance": {
    "md5sum": "48abd814f7355d8d80bccda36aede2bf",
    "settings": {
      "fd_thres": 0.2,
      "testing": false
    },
    "software": "mriqc",
    "version": "21.0.0rc2",
    "webapi_port": null,
    "webapi_url": "https://mriqc.nimh.nih.gov/api/v1"
  },
  "size_t": 241,
  "size_x": 64,
  "size_y": 64,
  "size_z": 44,
  "snr": 6.667049383448904,
  "spacing_tr": 2.450000047683716,
  "spacing_x": 2.96875,
  "spacing_y": 2.96875,
  "spacing_z": 3.0,
  "summary_bg_k": 51.083506106624185,
  "summary_bg_mad": 16.75156018674454,
  "summary_bg_mean": 50.17884826660156,
  "summary_bg_median": 28.73029136657715,
  "summary_bg_n": 98131.0,
  "summary_bg_p05": 14.402490615844727,
  "summary_bg_p95": 148.25934600830078,
  "summary_bg_stdv": 74.07537841796875,
  "summary_fg_k": 1.9232200224066256,
  "summary_fg_mad": 104.64960066078488,
  "summary_fg_mean": 771.5714111328125,
  "summary_fg_median": 761.7593994140625,
  "summary_fg_n": 42919.0,
  "summary_fg_p05": 610.8294799804687,
  "summary_fg_p95": 964.7888671875,
  "summary_fg_stdv": 114.25601959228516,
  "tsnr": 29.609165445668623
}