{
  "bids_meta": {
    "AcquisitionMatrixPE": 256,
    "AcquisitionNumber": 1,
    "AcquisitionTime": "14:21:15.532500",
    "BaseResolution": 256,
    "CoilString": "T:HEA;HEP",
    "ConversionSoftware": "dcm2niix",
    "ConversionSoftwareVersion": "v1.0.20200331",
    "DeviceSerialNumber": "51066",
    "DwellTime": 1.03e-05,
    "EchoTime": 0.00234,
    "FlipAngle": 8,
    "ImageOrientationPatientDICOM": [
      0.0192157,
      0.999815,
      -1.79469e-08,
      -0.0122574,
      0.00023556,
      -0.999925
    ],
    "ImageType": [
      "ORIGINAL",
      "PRIMARY",
      "M",
      "ND",
      "NORM"
    ],
    "ImagingFrequency": 123.24,
    "InPlanePhaseEncodingDirectionDICOM": "ROW",
    "InstitutionAddress": "Blackburn_Road_770_Clayton_Victoria_AU_3168",
    "InstitutionName": "Monash_Biomedical_Imaging",
    "InstitutionalDepartmentName": "Department",
    "InversionTime": 0.9,
    "MRAcquisitionType": "3D",
    "MagneticFieldStrength": 3,
    "Manufacturer": "Siemens",
    "ManufacturersModelName": "Biograph_mMR",
    "Modality": "MR",
    "ParallelReductionFactorInPlane": 2,
    "PartialFourier": 1,
    "PatientPosition": "HFS",
    "PercentPhaseFOV": 100,
    "PercentSampling": 100,
    "PhaseEncodingSteps": 255,
    "PhaseResolution": 1,
    "PixelBandwidth": 190,
    "ProcedureStepDescription": "MR-PET_Scan",
    "ProtocolName": "Head_t1_mprage_sag_1_iso",
    "PulseSequenceDetails": "%SiemensSeq%_tfl",
    "ReceiveCoilName": "HeadNeck_MRPET",
    "ReconMatrixPE": 256,
    "RefLinesPE": 24,
    "RepetitionTime": 1.64,
    "SAR": 0.0474121,
    "ScanOptions": "IR",
    "ScanningSequence": "GR_IR",
    "SequenceName": "_tfl3d1_ns",
    "SequenceVariant": "SP_MP",
    "SeriesDescription": "Head_t1_mprage_sag_1_iso",
    "SeriesNumber": 10,
    "ShimSetting": [
      -8356,
      -914,
      -4234,
      -36,
      -238,
      48,
      -320,
      -142
    ],
    "SliceThickness": 1,
    "SoftwareVersions": "syngo_MR_B20P",
    "StationName": "MRC51066",
    "TxRefAmp": 290.378,
    "dataset": "ds002898",
    "modality": "T1w",
    "subject_id": "16"
  },
  "cjv": 0.480820880771114,
  "cnr": 2.825020142333126,
  "efc": 0.5487130738476871,
  "fber": 1776.065845496618,
  "fwhm_avg": 3.788406666666667,
  "fwhm_x": 3.75392,
  "fwhm_y": 3.69554,
  "fwhm_z": 3.91576,
  "icvs_csf": 0.17503432488235,
  "icvs_gm": 0.4361230063211403,
  "icvs_wm": 0.3888426687965097,
  "inu_med": 1.336781620979309,
  "inu_range": 0.46888089179992676,
  "provenance": {
    "md5sum": "4ec2079f08465b3d809efd0c2e06d55b",
    "settings": {
      "testing": false
    },
    "software": "mriqc",
    "version": "21.0.0rc2",
    "warnings": {
      "large_rot_frame": true,
      "small_air_mask": false
    },
    "webapi_port": null,
    "webapi_url": "https://mriqc.nimh.nih.gov/api/v1"
  },
  "qi_1": 0.0,
  "qi_2": 0.005281081970148296,
  "rpve_csf": 33.011115718662886,
  "rpve_gm": 14.78774049728197,
  "rpve_wm": 19.24074148693617,
  "size_x": 176,
  "size_y": 256,
  "size_z": 256,
  "snr_csf": 2.3834006779951884,
  "snr_gm": 11.802446022933793,
  "snr_total": 10.606731581499412,
  "snr_wm": 17.634348043569258,
  "snrd_csf": 29.58628580044492,
  "snrd_gm": 53.29900622046924,
  "snrd_total": 51.140897103515606,
  "snrd_wm": 70.53739928963266,
  "spacing_x": 1.0,
  "spacing_y": 1.0,
  "spacing_z": 1.0,
  "summary_bg_k": 3.275119999338572,
  "summary_bg_mad": 9.287787964602112,
  "summary_bg_mean": 18.674471034564775,
  "summary_bg_median": 15.555712699890137,
  "summary_bg_n": 3286661.0,
  "summary_bg_p05": 3.097064971923828,
  "summary_bg_p95": 43.42929744720459,
  "summary_bg_stdv": 13.011495673487682,
  "summary_csf_k": 46.782810830072535,
  "summary_csf_mad": 134.62074690265982,
  "summary_csf_mean": 451.01385309097003,
  "summary_csf_median": 419.4411401748657,
  "summary_csf_n": 12502.0,
  "summary_csf_p05": 272.2742437362671,
  "summary_csf_p95": 658.8970533847809,
  "summary_csf_stdv": 175.9772784954458,
  "summary_gm_k": 0.09426710045144837,
  "summary_gm_mad": 62.927372389382846,
  "summary_gm_mean": 758.4182989489528,
  "summary_gm_median": 755.6134653091431,
  "summary_gm_n": 21123.0,
  "summary_gm_p05": 656.7889375686646,
  "summary_gm_p95": 868.7267246246338,
  "summary_gm_stdv": 64.0202528860115,
  "summary_wm_k": 0.23706210001570094,
  "summary_wm_mad": 54.57879893805511,
  "summary_wm_mean": 999.6502864480033,
  "summary_wm_median": 1000.0000467300415,
  "summary_wm_n": 201997.0,
  "summary_wm_p05": 904.9764623641968,
  "summary_wm_p95": 1092.2785053253174,
  "summary_wm_stdv": 56.707374095820136,
  "tpm_overlap_csf": 0.16462524235248566,
  "tpm_overlap_gm": 0.4612705111503601,
  "tpm_overlap_wm": 0.5158284902572632,
  "wm2max": 0.43503689867409745
}