{
  "aor": 0.003727438016528925,
  "aqi": 0.03952978719008265,
  "bids_meta": {
    "AcquisitionMatrixPE": 64,
    "AcquisitionNumber": 1,
    "AcquisitionTime": "13:45:15.092500",
    "BandwidthPerPixelPhaseEncode": 56.818,
    "CoilString": "NN",
    "ConversionSoftware": "dcm2niix",
    "ConversionSoftwareVersion": "v1.0.20200331",
    "DerivedVendorReportedEchoSpacing": 0.000550002,
    "DeviceSerialNumber": "51066",
    "EchoTime": 0.03,
    "EffectiveEchoSpacing": 0.000275001,
    "FlipAngle": 90,
    "ImageOrientationPatientDICOM": [
      1,
      -4.28441e-05,
      -0.000791409,
      2.06354e-10,
      0.998538,
      -0.054057
    ],
    "ImageType": [
      "ORIGINAL",
      "PRIMARY",
      "M",
      "ND",
      "NORM",
      "MOSAIC"
    ],
    "ImagingFrequency": 123.24,
    "InPlanePhaseEncodingDirectionDICOM": "ROW",
    "InstitutionAddress": "Blackburn_Road_770_Clayton_Victoria_AU_3168",
    "InstitutionName": "Monash_Biomedical_Imaging",
    "MRAcquisitionType": "2D",
    "MagneticFieldStrength": 3,
    "Manufacturer": "Siemens",
    "ManufacturersModelName": "Biograph_mMR",
    "Modality": "MR",
    "ParallelReductionFactorInPlane": 2,
    "PatientPosition": "HFS",
    "PercentPhaseFOV": 100,
    "PercentSampling": 100,
    "PhaseEncodingDirection": "i",
    "PixelBandwidth": 2367,
    "ProcedureStepDescription": "MR-PET_Scan",
    "ProtocolName": "Resting_3_ep2d_task_bold",
    "ReceiveCoilActiveElements": "T:HEA;HEP",
    "ReconMatrixPE": 64,
    "RepetitionTime": 2.45,
    "ScanOptions": "FS",
    "ScanningSequence": "EP",
    "SequenceVariant": "SK",
    "SeriesDescription": "Resting_3_ep2d_task_bold",
    "SeriesNumber": 33,
    "SliceThickness": 3,
    "SliceTiming": [
      1.225,
      0.0,
      1.2806818181818183,
      0.055681818181818186,
      1.3363636363636364,
      0.11136363636363637,
      1.3920454545454546,
      0.16704545454545455,
      1.4477272727272728,
      0.22272727272727275,
      1.5034090909090911,
      0.27840909090909094,
      1.5590909090909093,
      0.3340909090909091,
      1.6147727272727275,
      0.3897727272727273,
      1.6704545454545456,
      0.4454545454545455,
      1.7261363636363638,
      0.5011363636363637,
      1.781818181818182,
      0.5568181818181819,
      1.8375000000000001,
      0.6125,
      1.8931818181818183,
      0.6681818181818182,
      1.9488636363636365,
      0.7238636363636364,
      2.004545454545455,
      0.7795454545454547,
      2.060227272727273,
      0.8352272727272728,
      2.115909090909091,
      0.890909090909091,
      2.1715909090909093,
      0.9465909090909091,
      2.2272727272727275,
      1.0022727272727274,
      2.2829545454545457,
      1.0579545454545456,
      2.338636363636364,
      1.1136363636363638,
      2.394318181818182,
      1.169318181818182
    ],
    "SoftwareVersions": "syngo_MR_B20P",
    "SpacingBetweenSlices": 3,
    "StationName": "MRC51066",
    "TaskName": "rest",
    "TotalReadoutTime": 0.0173251,
    "dataset": "ds002898",
    "modality": "bold",
    "run_id": 3,
    "subject_id": "02",
    "task_id": "rest"
  },
  "dummy_trs": 0,
  "dvars_nstd": 45.27782457605807,
  "dvars_std": 1.1379379933195017,
  "dvars_vstd": 0.9929690765145225,
  "efc": 0.6031164747378835,
  "fber": 659.0304565429688,
  "fd_mean": 0.17327046195842405,
  "fd_num": 46,
  "fd_perc": 19.00826446280992,
  "fwhm_avg": 1.6272560701754386,
  "fwhm_x": 1.5814905263157895,
  "fwhm_y": 1.7159376842105263,
  "fwhm_z": 1.58434,
  "gcor": 0.0418611,
  "gsr_x": 0.019042788073420525,
  "gsr_y": 0.024529950693249702,
  "provenance": {
    "md5sum": "cfb039364119715f85e42c45a3f1c640",
    "settings": {
      "fd_thres": 0.2,
      "testing": false
    },
    "software": "mriqc",
    "version": "21.0.0rc2",
    "webapi_port": null,
    "webapi_url": "https://mriqc.nimh.nih.gov/api/v1"
  },
  "size_t": 242,
  "size_x": 64,
  "size_y": 64,
  "size_z": 44,
  "snr": 7.840754161314992,
  "spacing_tr": 2.450000047683716,
  "spacing_x": 2.96875,
  "spacing_y": 2.96875,
  "spacing_z": 3.0,
  "summary_bg_k": 31.417279575354122,
  "summary_bg_mad": 18.6948782281228,
  "summary_bg_mean": 58.46809387207031,
  "summary_bg_median": 29.45661163330078,
  "summary_bg_n": 96788.0,
  "summary_bg_p05": 13.74380111694336,
  "summary_bg_p95": 211.60825424194317,
  "summary_bg_stdv": 83.3818359375,
  "summary_fg_k": 3.376055185248121,
  "summary_fg_mad": 81.65646181753212,
  "summary_fg_mean": 754.189453125,
  "summary_fg_median": 749.1322021484375,
  "summary_fg_n": 44188.0,
  "summary_fg_p05": 615.1233367919922,
  "summary_fg_p95": 907.7049041748047,
  "summary_fg_stdv": 95.54230499267578,
  "tsnr": 31.81091864075279
}