{
  "bids_meta": {
    "AcquisitionMatrixPE": 256,
    "AcquisitionNumber": 1,
    "AcquisitionTime": "12:56:36.520000",
    "BaseResolution": 256,
    "ConversionSoftware": "dcm2niix",
    "ConversionSoftwareVersion": "v1.0.20200331",
    "DeviceSerialNumber": "51066",
    "EchoTime": 0.00234,
    "FlipAngle": 8,
    "ImageOrientationPatientDICOM": [
      0.0418895,
      0.999122,
      -1.37312e-08,
      0.00167653,
      -7.03043e-05,
      -0.999999
    ],
    "ImageType": [
      "ORIGINAL",
      "PRIMARY",
      "M",
      "ND",
      "NORM"
    ],
    "ImagingFrequency": 123.24,
    "InPlanePhaseEncodingDirectionDICOM": "ROW",
    "InstitutionAddress": "Blackburn_Road_770_Clayton_Victoria_AU_3168",
    "InstitutionName": "Monash_Biomedical_Imaging",
    "InversionTime": 0.9,
    "MRAcquisitionType": "3D",
    "MagneticFieldStrength": 3,
    "Manufacturer": "Siemens",
    "ManufacturersModelName": "Biograph_mMR",
    "Modality": "MR",
    "ParallelReductionFactorInPlane": 2,
    "PartialFourier": 1,
    "PatientPosition": "HFS",
    "PercentPhaseFOV": 100,
    "PercentSampling": 100,
    "PhaseEncodingSteps": 255,
    "PhaseResolution": 1,
    "PixelBandwidth": 190,
    "ProcedureStepDescription": "MR-PET_Scan",
    "ProtocolName": "Head_t1_mprage_sag_1_iso",
    "PulseSequenceDetails": "%SiemensSeq%_tfl",
    "ReceiveCoilName": "HeadNeck_MRPET",
    "ReconMatrixPE": 256,
    "RefLinesPE": 24,
    "RepetitionTime": 1.64,
    "SAR": 0.0509411,
    "ScanOptions": "IR",
    "ScanningSequence": "GR_IR",
    "SequenceName": "_tfl3d1_ns",
    "SequenceVariant": "SP_MP",
    "SeriesDescription": "Head_t1_mprage_sag_1_iso",
    "SeriesNumber": 10,
    "ShimSetting": [
      -8356,
      -914,
      -4234,
      -36,
      -238,
      48,
      -320,
      -142
    ],
    "SliceThickness": 1,
    "SoftwareVersions": "syngo_MR_B20P",
    "StationName": "MRC51066",
    "TxRefAmp": 284.323,
    "dataset": "ds002898",
    "modality": "T1w",
    "subject_id": "24"
  },
  "cjv": 0.5226308922027092,
  "cnr": 2.6666128288636544,
  "efc": 0.5240432057515017,
  "fber": 2032.9084697861429,
  "fwhm_avg": 3.7460533333333337,
  "fwhm_x": 3.67138,
  "fwhm_y": 3.66151,
  "fwhm_z": 3.90527,
  "icvs_csf": 0.18254485868422238,
  "icvs_gm": 0.4347849968106724,
  "icvs_wm": 0.3826701445051052,
  "inu_med": 1.573110818862915,
  "inu_range": 0.5127122759819029,
  "provenance": {
    "md5sum": "79e8479bea5e9f74e69a87ca36bee6a6",
    "settings": {
      "testing": false
    },
    "software": "mriqc",
    "version": "21.0.0rc2",
    "warnings": {
      "large_rot_frame": true,
      "small_air_mask": false
    },
    "webapi_port": null,
    "webapi_url": "https://mriqc.nimh.nih.gov/api/v1"
  },
  "qi_1": 0.0,
  "qi_2": 0.005648962456515803,
  "rpve_csf": 33.97852320750132,
  "rpve_gm": 15.672709694011571,
  "rpve_wm": 20.87270141938491,
  "size_x": 176,
  "size_y": 256,
  "size_z": 256,
  "snr_csf": 1.6161114115718611,
  "snr_gm": 12.950771825066413,
  "snr_total": 11.266987389142729,
  "snr_wm": 19.234078930789913,
  "snrd_csf": 35.09040187728069,
  "snrd_gm": 58.58383590313603,
  "snrd_total": 56.101109367627664,
  "snrd_wm": 74.62909032246628,
  "spacing_x": 1.0,
  "spacing_y": 1.0,
  "spacing_z": 1.0,
  "summary_bg_k": 2.7968861659643443,
  "summary_bg_mad": 8.778566081413356,
  "summary_bg_mean": 16.362184312924196,
  "summary_bg_median": 14.736842632293701,
  "summary_bg_n": 3325019.0,
  "summary_bg_p05": 2.9605264216661453,
  "summary_bg_p95": 38.02631714940071,
  "summary_bg_stdv": 11.123494864922513,
  "summary_csf_k": 17.554037953000854,
  "summary_csf_mad": 161.42807627487895,
  "summary_csf_mean": 524.1617098539735,
  "summary_csf_median": 470.1973852366209,
  "summary_csf_n": 9507.0,
  "summary_csf_p05": 289.7763261526823,
  "summary_csf_p95": 767.2368695437908,
  "summary_csf_stdv": 290.9283680631751,
  "summary_gm_k": -0.11141174661291631,
  "summary_gm_mad": 61.15734370051305,
  "summary_gm_mean": 785.2846750592398,
  "summary_gm_median": 785.0000280737877,
  "summary_gm_n": 17564.0,
  "summary_gm_p05": 683.8158139288425,
  "summary_gm_p95": 884.9901632286608,
  "summary_gm_stdv": 60.61242461161619,
  "summary_wm_k": 0.052956874347526384,
  "summary_wm_mad": 51.20830214157791,
  "summary_wm_mean": 998.7215502122698,
  "summary_wm_median": 1000.0000357627869,
  "summary_wm_n": 189353.0,
  "summary_wm_p05": 910.5263483524323,
  "summary_wm_p95": 1082.1710913330317,
  "summary_wm_stdv": 51.99091668422056,
  "tpm_overlap_csf": 0.1632363498210907,
  "tpm_overlap_gm": 0.4644015431404114,
  "tpm_overlap_wm": 0.512241542339325,
  "wm2max": 0.4488984489819892
}