{
  "aor": 0.00031276859504132237,
  "aqi": 0.01785988181818182,
  "bids_meta": {
    "AcquisitionMatrixPE": 64,
    "AcquisitionNumber": 1,
    "AcquisitionTime": "14:14:14.285000",
    "BandwidthPerPixelPhaseEncode": 56.818,
    "CoilString": "NN",
    "ConversionSoftware": "dcm2niix",
    "ConversionSoftwareVersion": "v1.0.20200331",
    "DerivedVendorReportedEchoSpacing": 0.000550002,
    "DeviceSerialNumber": "51066",
    "EchoTime": 0.03,
    "EffectiveEchoSpacing": 0.000275001,
    "FlipAngle": 90,
    "ImageOrientationPatientDICOM": [
      0.999977,
      0.000118679,
      0.00678036,
      2.03537e-10,
      0.999847,
      -0.0175007
    ],
    "ImageType": [
      "ORIGINAL",
      "PRIMARY",
      "M",
      "ND",
      "NORM",
      "MOSAIC"
    ],
    "ImagingFrequency": 123.24,
    "InPlanePhaseEncodingDirectionDICOM": "ROW",
    "InstitutionAddress": "Blackburn_Road_770_Clayton_Victoria_AU_3168",
    "InstitutionName": "Monash_Biomedical_Imaging",
    "MRAcquisitionType": "2D",
    "MagneticFieldStrength": 3,
    "Manufacturer": "Siemens",
    "ManufacturersModelName": "Biograph_mMR",
    "Modality": "MR",
    "ParallelReductionFactorInPlane": 2,
    "PatientPosition": "HFS",
    "PercentPhaseFOV": 100,
    "PercentSampling": 100,
    "PhaseEncodingDirection": "i",
    "PixelBandwidth": 2367,
    "ProcedureStepDescription": "MR-PET_Scan",
    "ProtocolName": "Resting_6_ep2d_task_bold",
    "ReceiveCoilActiveElements": "T:HEA;HEP",
    "ReconMatrixPE": 64,
    "RepetitionTime": 2.45,
    "ScanOptions": "FS",
    "ScanningSequence": "EP",
    "SequenceVariant": "SK",
    "SeriesDescription": "Resting_6_ep2d_task_bold",
    "SeriesNumber": 36,
    "SliceThickness": 3,
    "SliceTiming": [
      1.225,
      0.0,
      1.2806818181818183,
      0.055681818181818186,
      1.3363636363636364,
      0.11136363636363637,
      1.3920454545454546,
      0.16704545454545455,
      1.4477272727272728,
      0.22272727272727275,
      1.5034090909090911,
      0.27840909090909094,
      1.5590909090909093,
      0.3340909090909091,
      1.6147727272727275,
      0.3897727272727273,
      1.6704545454545456,
      0.4454545454545455,
      1.7261363636363638,
      0.5011363636363637,
      1.781818181818182,
      0.5568181818181819,
      1.8375000000000001,
      0.6125,
      1.8931818181818183,
      0.6681818181818182,
      1.9488636363636365,
      0.7238636363636364,
      2.004545454545455,
      0.7795454545454547,
      2.060227272727273,
      0.8352272727272728,
      2.115909090909091,
      0.890909090909091,
      2.1715909090909093,
      0.9465909090909091,
      2.2272727272727275,
      1.0022727272727274,
      2.2829545454545457,
      1.0579545454545456,
      2.338636363636364,
      1.1136363636363638,
      2.394318181818182,
      1.169318181818182
    ],
    "SoftwareVersions": "syngo_MR_B20P",
    "SpacingBetweenSlices": 3,
    "StationName": "MRC51066",
    "TaskName": "rest",
    "TotalReadoutTime": 0.0173251,
    "dataset": "ds002898",
    "modality": "bold",
    "run_id": 6,
    "subject_id": "14",
    "task_id": "rest"
  },
  "dummy_trs": 0,
  "dvars_nstd": 36.466791905020756,
  "dvars_std": 1.110987483900415,
  "dvars_vstd": 1.0016463092531118,
  "efc": 0.5449843123112026,
  "fber": 794.1594848632812,
  "fd_mean": 0.07906984893561367,
  "fd_num": 8,
  "fd_perc": 3.3057851239669422,
  "fwhm_avg": 1.6815422105263158,
  "fwhm_x": 1.6498088421052632,
  "fwhm_y": 1.7626677894736842,
  "fwhm_z": 1.63215,
  "gcor": 0.0132976,
  "gsr_x": 0.011308188550174236,
  "gsr_y": 0.008854178711771965,
  "provenance": {
    "md5sum": "ba4feb49d2715c91207b739010923773",
    "settings": {
      "fd_thres": 0.2,
      "testing": false
    },
    "software": "mriqc",
    "version": "21.0.0rc2",
    "webapi_port": null,
    "webapi_url": "https://mriqc.nimh.nih.gov/api/v1"
  },
  "size_t": 242,
  "size_x": 64,
  "size_y": 64,
  "size_z": 44,
  "snr": 7.71366989234524,
  "spacing_tr": 2.450000047683716,
  "spacing_x": 2.96875,
  "spacing_y": 2.96875,
  "spacing_z": 3.0,
  "summary_bg_k": 20.1378275638262,
  "summary_bg_mad": 13.043225028444073,
  "summary_bg_mean": 46.09946823120117,
  "summary_bg_median": 25.880165100097656,
  "summary_bg_n": 109438.0,
  "summary_bg_p05": 13.433883666992188,
  "summary_bg_p95": 157.60040740966792,
  "summary_bg_stdv": 64.22284698486328,
  "summary_fg_k": 2.3033320053218285,
  "summary_fg_mad": 88.95613311033611,
  "summary_fg_mean": 737.3563232421875,
  "summary_fg_median": 731.26025390625,
  "summary_fg_n": 33316.0,
  "summary_fg_p05": 600.5072021484375,
  "summary_fg_p95": 890.4607238769531,
  "summary_fg_stdv": 94.79914093017578,
  "tsnr": 41.523863355629146
}