{
  "aor": 0.00040508264462809913,
  "aqi": 0.0160094173553719,
  "bids_meta": {
    "AcquisitionMatrixPE": 64,
    "AcquisitionNumber": 1,
    "AcquisitionTime": "13:53:34.267500",
    "BandwidthPerPixelPhaseEncode": 56.818,
    "CoilString": "NN",
    "ConversionSoftware": "dcm2niix",
    "ConversionSoftwareVersion": "v1.0.20200331",
    "DerivedVendorReportedEchoSpacing": 0.000550002,
    "DeviceSerialNumber": "51066",
    "EchoTime": 0.03,
    "EffectiveEchoSpacing": 0.000275001,
    "FlipAngle": 90,
    "ImageOrientationPatientDICOM": [
      0.999977,
      0.000118679,
      0.00678036,
      2.03537e-10,
      0.999847,
      -0.0175007
    ],
    "ImageType": [
      "ORIGINAL",
      "PRIMARY",
      "M",
      "ND",
      "NORM",
      "MOSAIC"
    ],
    "ImagingFrequency": 123.24,
    "InPlanePhaseEncodingDirectionDICOM": "ROW",
    "InstitutionAddress": "Blackburn_Road_770_Clayton_Victoria_AU_3168",
    "InstitutionName": "Monash_Biomedical_Imaging",
    "MRAcquisitionType": "2D",
    "MagneticFieldStrength": 3,
    "Manufacturer": "Siemens",
    "ManufacturersModelName": "Biograph_mMR",
    "Modality": "MR",
    "ParallelReductionFactorInPlane": 2,
    "PatientPosition": "HFS",
    "PercentPhaseFOV": 100,
    "PercentSampling": 100,
    "PhaseEncodingDirection": "i",
    "PixelBandwidth": 2367,
    "ProcedureStepDescription": "MR-PET_Scan",
    "ProtocolName": "Resting_4_ep2d_task_bold",
    "ReceiveCoilActiveElements": "T:HEA;HEP",
    "ReconMatrixPE": 64,
    "RepetitionTime": 2.45,
    "ScanOptions": "FS",
    "ScanningSequence": "EP",
    "SequenceVariant": "SK",
    "SeriesDescription": "Resting_4_ep2d_task_bold",
    "SeriesNumber": 34,
    "SliceThickness": 3,
    "SliceTiming": [
      1.225,
      0.0,
      1.2806818181818183,
      0.055681818181818186,
      1.3363636363636364,
      0.11136363636363637,
      1.3920454545454546,
      0.16704545454545455,
      1.4477272727272728,
      0.22272727272727275,
      1.5034090909090911,
      0.27840909090909094,
      1.5590909090909093,
      0.3340909090909091,
      1.6147727272727275,
      0.3897727272727273,
      1.6704545454545456,
      0.4454545454545455,
      1.7261363636363638,
      0.5011363636363637,
      1.781818181818182,
      0.5568181818181819,
      1.8375000000000001,
      0.6125,
      1.8931818181818183,
      0.6681818181818182,
      1.9488636363636365,
      0.7238636363636364,
      2.004545454545455,
      0.7795454545454547,
      2.060227272727273,
      0.8352272727272728,
      2.115909090909091,
      0.890909090909091,
      2.1715909090909093,
      0.9465909090909091,
      2.2272727272727275,
      1.0022727272727274,
      2.2829545454545457,
      1.0579545454545456,
      2.338636363636364,
      1.1136363636363638,
      2.394318181818182,
      1.169318181818182
    ],
    "SoftwareVersions": "syngo_MR_B20P",
    "SpacingBetweenSlices": 3,
    "StationName": "MRC51066",
    "TaskName": "rest",
    "TotalReadoutTime": 0.0173251,
    "dataset": "ds002898",
    "modality": "bold",
    "run_id": 4,
    "subject_id": "14",
    "task_id": "rest"
  },
  "dummy_trs": 0,
  "dvars_nstd": 36.08203166178423,
  "dvars_std": 1.1143042539834027,
  "dvars_vstd": 1.0124249002074683,
  "efc": 0.5447519385773185,
  "fber": 784.9046630859375,
  "fd_mean": 0.07501367589087872,
  "fd_num": 6,
  "fd_perc": 2.479338842975207,
  "fwhm_avg": 1.6434282222222223,
  "fwhm_x": 1.5995957894736843,
  "fwhm_y": 1.7272522105263157,
  "fwhm_z": 1.6034366666666668,
  "gcor": 0.0236132,
  "gsr_x": 0.009760009124875069,
  "gsr_y": 0.007471488323062658,
  "provenance": {
    "md5sum": "7c79fd498548323aa61f51028a4919f7",
    "settings": {
      "fd_thres": 0.2,
      "testing": false
    },
    "software": "mriqc",
    "version": "21.0.0rc2",
    "webapi_port": null,
    "webapi_url": "https://mriqc.nimh.nih.gov/api/v1"
  },
  "size_t": 242,
  "size_x": 64,
  "size_y": 64,
  "size_z": 44,
  "snr": 7.731310143830859,
  "spacing_tr": 2.450000047683716,
  "spacing_x": 2.96875,
  "spacing_y": 2.96875,
  "spacing_z": 3.0,
  "summary_bg_k": 18.84846080256344,
  "summary_bg_mad": 13.104490167192097,
  "summary_bg_mean": 47.055259704589844,
  "summary_bg_median": 26.173553466796875,
  "summary_bg_n": 109797.0,
  "summary_bg_p05": 13.55785083770752,
  "summary_bg_p95": 165.92230529785155,
  "summary_bg_stdv": 66.34911346435547,
  "summary_fg_k": 2.406097743811528,
  "summary_fg_mad": 88.82134697725115,
  "summary_fg_mean": 738.768310546875,
  "summary_fg_median": 733.1611328125,
  "summary_fg_n": 33310.0,
  "summary_fg_p05": 601.4022430419922,
  "summary_fg_p95": 891.6204223632812,
  "summary_fg_stdv": 94.82870483398438,
  "tsnr": 42.813207637518644
}