{
  "bids_meta": {
    "AcquisitionMatrixPE": 256,
    "AcquisitionNumber": 1,
    "AcquisitionTime": "14:40:15.070000",
    "BaseResolution": 256,
    "CoilString": "T:HEA;HEP;NEP",
    "ConversionSoftware": "dcm2niix",
    "ConversionSoftwareVersion": "v1.0.20200331",
    "DeviceSerialNumber": "51066",
    "DwellTime": 1.03e-05,
    "EchoTime": 0.00234,
    "FlipAngle": 8,
    "ImageOrientationPatientDICOM": [
      0.0245025,
      0.9997,
      -1.8906e-08,
      -0.0435937,
      0.00106846,
      -0.999049
    ],
    "ImageType": [
      "ORIGINAL",
      "PRIMARY",
      "M",
      "ND",
      "NORM"
    ],
    "ImagingFrequency": 123.24,
    "InPlanePhaseEncodingDirectionDICOM": "ROW",
    "InstitutionAddress": "Blackburn_Road_770_Clayton_Victoria_AU_3168",
    "InstitutionName": "Monash_Biomedical_Imaging",
    "InstitutionalDepartmentName": "Department",
    "InversionTime": 0.9,
    "MRAcquisitionType": "3D",
    "MagneticFieldStrength": 3,
    "Manufacturer": "Siemens",
    "ManufacturersModelName": "Biograph_mMR",
    "Modality": "MR",
    "ParallelReductionFactorInPlane": 2,
    "PartialFourier": 1,
    "PatientPosition": "HFS",
    "PercentPhaseFOV": 100,
    "PercentSampling": 100,
    "PhaseEncodingSteps": 255,
    "PhaseResolution": 1,
    "PixelBandwidth": 190,
    "ProcedureStepDescription": "MR-PET_Scan",
    "ProtocolName": "Head_t1_mprage_sag_1_iso",
    "PulseSequenceDetails": "%SiemensSeq%_tfl",
    "ReceiveCoilName": "HeadNeck_MRPET",
    "ReconMatrixPE": 256,
    "RefLinesPE": 24,
    "RepetitionTime": 1.64,
    "SAR": 0.0606186,
    "ScanOptions": "IR",
    "ScanningSequence": "GR_IR",
    "SequenceName": "_tfl3d1_ns",
    "SequenceVariant": "SP_MP",
    "SeriesDescription": "Head_t1_mprage_sag_1_iso",
    "SeriesNumber": 17,
    "ShimSetting": [
      -8356,
      -914,
      -4234,
      -36,
      -238,
      48,
      -320,
      -142
    ],
    "SliceThickness": 1,
    "SoftwareVersions": "syngo_MR_B20P",
    "StationName": "MRC51066",
    "TxRefAmp": 287.896,
    "dataset": "ds002898",
    "modality": "T1w",
    "subject_id": "07"
  },
  "cjv": 0.4718097674856015,
  "cnr": 2.858454755325427,
  "efc": 0.5408016838113475,
  "fber": 1820.7570341746166,
  "fwhm_avg": 3.6205033333333336,
  "fwhm_x": 3.52327,
  "fwhm_y": 3.55813,
  "fwhm_z": 3.78011,
  "icvs_csf": 0.1737479448688045,
  "icvs_gm": 0.4505259659692693,
  "icvs_wm": 0.37572608916192624,
  "inu_med": 1.509706735610962,
  "inu_range": 0.4802219450473786,
  "provenance": {
    "md5sum": "6cd053ff4e3c66dd9f363159441f46cf",
    "settings": {
      "testing": false
    },
    "software": "mriqc",
    "version": "21.0.0rc2",
    "warnings": {
      "large_rot_frame": true,
      "small_air_mask": false
    },
    "webapi_port": null,
    "webapi_url": "https://mriqc.nimh.nih.gov/api/v1"
  },
  "qi_1": 0.0,
  "qi_2": 0.004914218538956098,
  "rpve_csf": 38.18652111691683,
  "rpve_gm": 16.451962993200418,
  "rpve_wm": 22.257258285268325,
  "size_x": 176,
  "size_y": 256,
  "size_z": 256,
  "snr_csf": 2.007300337196157,
  "snr_gm": 12.843611007097001,
  "snr_total": 10.522143297207542,
  "snr_wm": 16.71551854732947,
  "snrd_csf": 28.58458875509065,
  "snrd_gm": 54.98352079021093,
  "snrd_total": 52.0566413565115,
  "snrd_wm": 72.60181452423289,
  "spacing_x": 1.0,
  "spacing_y": 1.0,
  "spacing_z": 1.0,
  "summary_bg_k": 3.300536488800546,
  "summary_bg_mad": 9.024282496293957,
  "summary_bg_mean": 17.79948255881778,
  "summary_bg_median": 14.922443211078644,
  "summary_bg_n": 3033173.0,
  "summary_bg_p05": 3.0106683671474457,
  "summary_bg_p95": 41.49486401677132,
  "summary_bg_stdv": 12.311264398571375,
  "summary_csf_k": 40.24929866082106,
  "summary_csf_mad": 128.57176674827411,
  "summary_csf_mean": 435.3559280143483,
  "summary_csf_median": 393.74306297302246,
  "summary_csf_n": 9804.0,
  "summary_csf_p05": 257.6935774341226,
  "summary_csf_p95": 651.0046749457717,
  "summary_csf_stdv": 196.1455266207633,
  "summary_gm_k": -0.061283130797349816,
  "summary_gm_mad": 58.80338916939933,
  "summary_gm_mean": 757.3561707945078,
  "summary_gm_median": 757.3794422745705,
  "summary_gm_n": 18967.0,
  "summary_gm_p05": 658.4200820326805,
  "summary_gm_p95": 854.898917645216,
  "summary_gm_stdv": 58.967799311085926,
  "summary_wm_k": 0.38625187715398246,
  "summary_wm_mad": 55.69825970830894,
  "summary_wm_mean": 998.4407457167232,
  "summary_wm_median": 1000.0654923915863,
  "summary_wm_n": 153889.0,
  "summary_wm_p05": 894.9538967907429,
  "summary_wm_p95": 1094.1816035211086,
  "summary_wm_stdv": 59.82837087863859,
  "tpm_overlap_csf": 0.17163924872875214,
  "tpm_overlap_gm": 0.4643121063709259,
  "tpm_overlap_wm": 0.5030189752578735,
  "wm2max": 0.46920342048677355
}