{
  "aor": 0.010737272727272727,
  "aqi": 0.059172994214876026,
  "bids_meta": {
    "AcquisitionMatrixPE": 64,
    "AcquisitionNumber": 1,
    "AcquisitionTime": "16:54:54.257500",
    "BandwidthPerPixelPhaseEncode": 56.818,
    "CoilString": "NN",
    "ConversionSoftware": "dcm2niix",
    "ConversionSoftwareVersion": "v1.0.20200331",
    "DerivedVendorReportedEchoSpacing": 0.000550002,
    "DeviceSerialNumber": "51066",
    "EchoTime": 0.03,
    "EffectiveEchoSpacing": 0.000275001,
    "FlipAngle": 90,
    "ImageOrientationPatientDICOM": [
      0.998982,
      -0.0133169,
      0.0431068,
      0.0191814,
      0.990158,
      -0.138634
    ],
    "ImageType": [
      "ORIGINAL",
      "PRIMARY",
      "M",
      "ND",
      "NORM",
      "MOSAIC"
    ],
    "ImagingFrequency": 123.24,
    "InPlanePhaseEncodingDirectionDICOM": "ROW",
    "InstitutionAddress": "Blackburn_Road_770_Clayton_Victoria_AU_3168",
    "InstitutionName": "Monash_Biomedical_Imaging",
    "MRAcquisitionType": "2D",
    "MagneticFieldStrength": 3,
    "Manufacturer": "Siemens",
    "ManufacturersModelName": "Biograph_mMR",
    "Modality": "MR",
    "ParallelReductionFactorInPlane": 2,
    "PatientPosition": "HFS",
    "PercentPhaseFOV": 100,
    "PercentSampling": 100,
    "PhaseEncodingDirection": "i",
    "PixelBandwidth": 2367,
    "ProcedureStepDescription": "MR-PET_Scan",
    "ProtocolName": "Resting_4_ep2d_task_bold",
    "ReceiveCoilActiveElements": "T:HEA;HEP",
    "ReconMatrixPE": 64,
    "RepetitionTime": 2.45,
    "ScanOptions": "FS",
    "ScanningSequence": "EP",
    "SequenceVariant": "SK",
    "SeriesDescription": "Resting_4_ep2d_task_bold",
    "SeriesNumber": 34,
    "SliceThickness": 3,
    "SliceTiming": [
      1.225,
      0.0,
      1.2806818181818183,
      0.055681818181818186,
      1.3363636363636364,
      0.11136363636363637,
      1.3920454545454546,
      0.16704545454545455,
      1.4477272727272728,
      0.22272727272727275,
      1.5034090909090911,
      0.27840909090909094,
      1.5590909090909093,
      0.3340909090909091,
      1.6147727272727275,
      0.3897727272727273,
      1.6704545454545456,
      0.4454545454545455,
      1.7261363636363638,
      0.5011363636363637,
      1.781818181818182,
      0.5568181818181819,
      1.8375000000000001,
      0.6125,
      1.8931818181818183,
      0.6681818181818182,
      1.9488636363636365,
      0.7238636363636364,
      2.004545454545455,
      0.7795454545454547,
      2.060227272727273,
      0.8352272727272728,
      2.115909090909091,
      0.890909090909091,
      2.1715909090909093,
      0.9465909090909091,
      2.2272727272727275,
      1.0022727272727274,
      2.2829545454545457,
      1.0579545454545456,
      2.338636363636364,
      1.1136363636363638,
      2.394318181818182,
      1.169318181818182
    ],
    "SoftwareVersions": "syngo_MR_B20P",
    "SpacingBetweenSlices": 3,
    "StationName": "MRC51066",
    "TaskName": "rest",
    "TotalReadoutTime": 0.0173251,
    "dataset": "ds002898",
    "modality": "bold",
    "run_id": 4,
    "subject_id": "06",
    "task_id": "rest"
  },
  "dummy_trs": 0,
  "dvars_nstd": 56.58005742099585,
  "dvars_std": 1.1191720971369294,
  "dvars_vstd": 1.0485883951037345,
  "efc": 0.5730073015724728,
  "fber": 624.5491943359375,
  "fd_mean": 0.8349050717942716,
  "fd_num": 125,
  "fd_perc": 51.65289256198347,
  "fwhm_avg": 1.7013003157894735,
  "fwhm_x": 1.6150972631578946,
  "fwhm_y": 1.8269136842105265,
  "fwhm_z": 1.6618899999999999,
  "gcor": 0.0478842,
  "gsr_x": -0.00512120733037591,
  "gsr_y": 0.02485954947769642,
  "provenance": {
    "md5sum": "9be2a670c207b103a31559802c705537",
    "settings": {
      "fd_thres": 0.2,
      "testing": false
    },
    "software": "mriqc",
    "version": "21.0.0rc2",
    "webapi_port": null,
    "webapi_url": "https://mriqc.nimh.nih.gov/api/v1"
  },
  "size_t": 242,
  "size_x": 64,
  "size_y": 64,
  "size_z": 44,
  "snr": 7.671560387060233,
  "spacing_tr": 2.450000047683716,
  "spacing_x": 2.96875,
  "spacing_y": 2.96875,
  "spacing_z": 3.0,
  "summary_bg_k": 21.20839106832532,
  "summary_bg_mad": 17.662571244616032,
  "summary_bg_mean": 51.61534881591797,
  "summary_bg_median": 29.008262634277344,
  "summary_bg_n": 104878.0,
  "summary_bg_p05": 12.68595027923584,
  "summary_bg_p95": 194.23284225463846,
  "summary_bg_stdv": 68.63265991210938,
  "summary_fg_k": 2.97889384462138,
  "summary_fg_mad": 83.90176623322245,
  "summary_fg_mean": 724.9471435546875,
  "summary_fg_median": 718.8057250976562,
  "summary_fg_n": 37324.0,
  "summary_fg_p05": 594.539028930664,
  "summary_fg_p95": 875.6559295654296,
  "summary_fg_stdv": 93.69620513916016,
  "tsnr": 22.65359671175247
}