{
  "aor": 0.008353223140495868,
  "aqi": 0.05583199297520661,
  "bids_meta": {
    "AcquisitionMatrixPE": 64,
    "AcquisitionNumber": 1,
    "AcquisitionTime": "16:02:19.302500",
    "BandwidthPerPixelPhaseEncode": 56.818,
    "CoilString": "NN",
    "ConversionSoftware": "dcm2niix",
    "ConversionSoftwareVersion": "v1.0.20200331",
    "DerivedVendorReportedEchoSpacing": 0.000550002,
    "DeviceSerialNumber": "51066",
    "EchoTime": 0.03,
    "EffectiveEchoSpacing": 0.000275001,
    "FlipAngle": 90,
    "ImageOrientationPatientDICOM": [
      0.999908,
      2.50885e-07,
      -0.0135367,
      2.05079e-10,
      1,
      1.85488e-05
    ],
    "ImageType": [
      "ORIGINAL",
      "PRIMARY",
      "M",
      "ND",
      "NORM",
      "MOSAIC"
    ],
    "ImagingFrequency": 123.24,
    "InPlanePhaseEncodingDirectionDICOM": "ROW",
    "InstitutionAddress": "Blackburn_Road_770_Clayton_Victoria_AU_3168",
    "InstitutionName": "Monash_Biomedical_Imaging",
    "MRAcquisitionType": "2D",
    "MagneticFieldStrength": 3,
    "Manufacturer": "Siemens",
    "ManufacturersModelName": "Biograph_mMR",
    "Modality": "MR",
    "ParallelReductionFactorInPlane": 2,
    "PatientPosition": "HFS",
    "PercentPhaseFOV": 100,
    "PercentSampling": 100,
    "PhaseEncodingDirection": "i",
    "PixelBandwidth": 2367,
    "ProcedureStepDescription": "MR-PET_Scan",
    "ProtocolName": "Resting_6_ep2d_task_bold",
    "ReceiveCoilActiveElements": "T:HEA;HEP",
    "ReconMatrixPE": 64,
    "RepetitionTime": 2.45,
    "ScanOptions": "FS",
    "ScanningSequence": "EP",
    "SequenceVariant": "SK",
    "SeriesDescription": "Resting_6_ep2d_task_bold",
    "SeriesNumber": 36,
    "SliceThickness": 3,
    "SliceTiming": [
      1.225,
      0.0,
      1.2806818181818183,
      0.055681818181818186,
      1.3363636363636364,
      0.11136363636363637,
      1.3920454545454546,
      0.16704545454545455,
      1.4477272727272728,
      0.22272727272727275,
      1.5034090909090911,
      0.27840909090909094,
      1.5590909090909093,
      0.3340909090909091,
      1.6147727272727275,
      0.3897727272727273,
      1.6704545454545456,
      0.4454545454545455,
      1.7261363636363638,
      0.5011363636363637,
      1.781818181818182,
      0.5568181818181819,
      1.8375000000000001,
      0.6125,
      1.8931818181818183,
      0.6681818181818182,
      1.9488636363636365,
      0.7238636363636364,
      2.004545454545455,
      0.7795454545454547,
      2.060227272727273,
      0.8352272727272728,
      2.115909090909091,
      0.890909090909091,
      2.1715909090909093,
      0.9465909090909091,
      2.2272727272727275,
      1.0022727272727274,
      2.2829545454545457,
      1.0579545454545456,
      2.338636363636364,
      1.1136363636363638,
      2.394318181818182,
      1.169318181818182
    ],
    "SoftwareVersions": "syngo_MR_B20P",
    "SpacingBetweenSlices": 3,
    "StationName": "MRC51066",
    "TaskName": "rest",
    "TotalReadoutTime": 0.0173251,
    "dataset": "ds002898",
    "modality": "bold",
    "run_id": 6,
    "subject_id": "08",
    "task_id": "rest"
  },
  "dummy_trs": 0,
  "dvars_nstd": 52.619392221037316,
  "dvars_std": 1.0288414183817423,
  "dvars_vstd": 1.0060845060580916,
  "efc": 0.5785199763672983,
  "fber": 841.4298706054688,
  "fd_mean": 0.6610097461782267,
  "fd_num": 134,
  "fd_perc": 55.37190082644628,
  "fwhm_avg": 1.6522828771929825,
  "fwhm_x": 1.606484210526316,
  "fwhm_y": 1.7306644210526314,
  "fwhm_z": 1.6197,
  "gcor": 0.0673471,
  "gsr_x": 0.028059886768460274,
  "gsr_y": 0.022132033482193947,
  "provenance": {
    "md5sum": "f06ef8538496dc2ca046185a4fe1003c",
    "settings": {
      "fd_thres": 0.2,
      "testing": false
    },
    "software": "mriqc",
    "version": "21.0.0rc2",
    "webapi_port": null,
    "webapi_url": "https://mriqc.nimh.nih.gov/api/v1"
  },
  "size_t": 242,
  "size_x": 64,
  "size_y": 64,
  "size_z": 44,
  "snr": 6.770330091598375,
  "spacing_tr": 2.450000047683716,
  "spacing_x": 2.96875,
  "spacing_y": 2.96875,
  "spacing_z": 3.0,
  "summary_bg_k": 60.492207675564735,
  "summary_bg_mad": 14.666734238230815,
  "summary_bg_mean": 45.789432525634766,
  "summary_bg_median": 26.198345184326172,
  "summary_bg_n": 99312.0,
  "summary_bg_p05": 13.487603187561035,
  "summary_bg_p95": 124.16672706604,
  "summary_bg_stdv": 68.17726135253906,
  "summary_fg_k": 1.7512056163168426,
  "summary_fg_mad": 103.31042645230926,
  "summary_fg_mean": 769.9922485351562,
  "summary_fg_median": 759.4215087890625,
  "summary_fg_n": 42740.0,
  "summary_fg_p05": 612.2642578125,
  "summary_fg_p95": 960.1294982910155,
  "summary_fg_stdv": 112.16773986816406,
  "tsnr": 23.588355635816697
}