{
  "aor": 0.0005784297520661156,
  "aqi": 0.027644797520661155,
  "bids_meta": {
    "AcquisitionMatrixPE": 64,
    "AcquisitionNumber": 1,
    "AcquisitionTime": "11:31:5.305000",
    "BandwidthPerPixelPhaseEncode": 56.818,
    "CoilString": "NN",
    "ConversionSoftware": "dcm2niix",
    "ConversionSoftwareVersion": "v1.0.20200331",
    "DerivedVendorReportedEchoSpacing": 0.000550002,
    "DeviceSerialNumber": "51066",
    "EchoTime": 0.03,
    "EffectiveEchoSpacing": 0.000275001,
    "FlipAngle": 90,
    "ImageOrientationPatientDICOM": [
      0.99965,
      0.0049789,
      0.0259973,
      1.54876e-10,
      0.98215,
      -0.188097
    ],
    "ImageType": [
      "ORIGINAL",
      "PRIMARY",
      "M",
      "ND",
      "NORM",
      "MOSAIC"
    ],
    "ImagingFrequency": 123.24,
    "InPlanePhaseEncodingDirectionDICOM": "ROW",
    "InstitutionAddress": "Blackburn_Road_770_Clayton_Victoria_AU_3168",
    "InstitutionName": "Monash_Biomedical_Imaging",
    "MRAcquisitionType": "2D",
    "MagneticFieldStrength": 3,
    "Manufacturer": "Siemens",
    "ManufacturersModelName": "Biograph_mMR",
    "Modality": "MR",
    "ParallelReductionFactorInPlane": 2,
    "PatientPosition": "HFS",
    "PercentPhaseFOV": 100,
    "PercentSampling": 100,
    "PhaseEncodingDirection": "i",
    "PixelBandwidth": 2367,
    "ProcedureStepDescription": "MR-PET_Scan",
    "ProtocolName": "Resting_4_ep2d_task_bold",
    "ReceiveCoilActiveElements": "T:HEA;HEP",
    "ReconMatrixPE": 64,
    "RepetitionTime": 2.45,
    "ScanOptions": "FS",
    "ScanningSequence": "EP",
    "SequenceVariant": "SK",
    "SeriesDescription": "Resting_4_ep2d_task_bold",
    "SeriesNumber": 34,
    "SliceThickness": 3,
    "SliceTiming": [
      1.225,
      0.0,
      1.2806818181818183,
      0.055681818181818186,
      1.3363636363636364,
      0.11136363636363637,
      1.3920454545454546,
      0.16704545454545455,
      1.4477272727272728,
      0.22272727272727275,
      1.5034090909090911,
      0.27840909090909094,
      1.5590909090909093,
      0.3340909090909091,
      1.6147727272727275,
      0.3897727272727273,
      1.6704545454545456,
      0.4454545454545455,
      1.7261363636363638,
      0.5011363636363637,
      1.781818181818182,
      0.5568181818181819,
      1.8375000000000001,
      0.6125,
      1.8931818181818183,
      0.6681818181818182,
      1.9488636363636365,
      0.7238636363636364,
      2.004545454545455,
      0.7795454545454547,
      2.060227272727273,
      0.8352272727272728,
      2.115909090909091,
      0.890909090909091,
      2.1715909090909093,
      0.9465909090909091,
      2.2272727272727275,
      1.0022727272727274,
      2.2829545454545457,
      1.0579545454545456,
      2.338636363636364,
      1.1136363636363638,
      2.394318181818182,
      1.169318181818182
    ],
    "SoftwareVersions": "syngo_MR_B20P",
    "SpacingBetweenSlices": 3,
    "StationName": "MRC51066",
    "TaskName": "rest",
    "TotalReadoutTime": 0.0173251,
    "dataset": "ds002898",
    "modality": "bold",
    "run_id": 4,
    "subject_id": "10",
    "task_id": "rest"
  },
  "dummy_trs": 0,
  "dvars_nstd": 39.14690657186722,
  "dvars_std": 1.1107200249377593,
  "dvars_vstd": 1.0026733391701241,
  "efc": 0.6037397495627556,
  "fber": 599.0447387695312,
  "fd_mean": 0.11152846073287358,
  "fd_num": 28,
  "fd_perc": 11.570247933884298,
  "fwhm_avg": 1.6519416725146199,
  "fwhm_x": 1.641701052631579,
  "fwhm_y": 1.7213406315789472,
  "fwhm_z": 1.5927833333333332,
  "gcor": 0.029832,
  "gsr_x": 0.03355341777205467,
  "gsr_y": 0.022860486060380936,
  "provenance": {
    "md5sum": "91884fe0455e9f87d05c4cb59c236ff6",
    "settings": {
      "fd_thres": 0.2,
      "testing": false
    },
    "software": "mriqc",
    "version": "21.0.0rc2",
    "webapi_port": null,
    "webapi_url": "https://mriqc.nimh.nih.gov/api/v1"
  },
  "size_t": 242,
  "size_x": 64,
  "size_y": 64,
  "size_z": 44,
  "snr": 8.119556244941505,
  "spacing_tr": 2.450000047683716,
  "spacing_x": 2.96875,
  "spacing_y": 2.96875,
  "spacing_z": 3.0,
  "summary_bg_k": 25.581075762249974,
  "summary_bg_mad": 20.557320065107177,
  "summary_bg_mean": 56.843177795410156,
  "summary_bg_median": 31.055784225463867,
  "summary_bg_n": 96672.0,
  "summary_bg_p05": 13.46508231163025,
  "summary_bg_p95": 204.11155700683594,
  "summary_bg_stdv": 78.26860809326172,
  "summary_fg_k": 3.548188854629541,
  "summary_fg_mad": 84.43475738721402,
  "summary_fg_mean": 762.9150390625,
  "summary_fg_median": 760.7850952148438,
  "summary_fg_n": 43947.0,
  "summary_fg_p05": 625.3074096679687,
  "summary_fg_p95": 910.8016357421875,
  "summary_fg_stdv": 93.6968002319336,
  "tsnr": 36.91645219735801
}