{
  "bids_meta": {
    "AcquisitionMatrixPE": 256,
    "AcquisitionNumber": 1,
    "AcquisitionTime": "15:51:22.337500",
    "BaseResolution": 256,
    "CoilString": "T:HEA;HEP",
    "ConversionSoftware": "dcm2niix",
    "ConversionSoftwareVersion": "v1.0.20200331",
    "DeviceSerialNumber": "51066",
    "DwellTime": 1.03e-05,
    "EchoTime": 0.00234,
    "FlipAngle": 8,
    "ImageOrientationPatientDICOM": [
      0.00355625,
      0.999994,
      2.33791e-08,
      0.0417375,
      -0.000148406,
      -0.999129
    ],
    "ImageType": [
      "ORIGINAL",
      "PRIMARY",
      "M",
      "ND",
      "NORM"
    ],
    "ImagingFrequency": 123.24,
    "InPlanePhaseEncodingDirectionDICOM": "ROW",
    "InstitutionAddress": "Blackburn_Road_770_Clayton_Victoria_AU_3168",
    "InstitutionName": "Monash_Biomedical_Imaging",
    "InstitutionalDepartmentName": "Department",
    "InversionTime": 0.9,
    "MRAcquisitionType": "3D",
    "MagneticFieldStrength": 3,
    "Manufacturer": "Siemens",
    "ManufacturersModelName": "Biograph_mMR",
    "Modality": "MR",
    "ParallelReductionFactorInPlane": 2,
    "PartialFourier": 1,
    "PatientPosition": "HFS",
    "PercentPhaseFOV": 100,
    "PercentSampling": 100,
    "PhaseEncodingSteps": 255,
    "PhaseResolution": 1,
    "PixelBandwidth": 190,
    "ProcedureStepDescription": "MR-PET_Scan",
    "ProtocolName": "Head_t1_mprage_sag_1_iso",
    "PulseSequenceDetails": "%SiemensSeq%_tfl",
    "ReceiveCoilName": "HeadNeck_MRPET",
    "ReconMatrixPE": 256,
    "RefLinesPE": 24,
    "RepetitionTime": 1.64,
    "SAR": 0.0588248,
    "ScanOptions": "IR",
    "ScanningSequence": "GR_IR",
    "SequenceName": "_tfl3d1_ns",
    "SequenceVariant": "SP_MP",
    "SeriesDescription": "Head_t1_mprage_sag_1_iso",
    "SeriesNumber": 10,
    "ShimSetting": [
      -8356,
      -914,
      -4234,
      -36,
      -238,
      48,
      -320,
      -142
    ],
    "SliceThickness": 1,
    "SoftwareVersions": "syngo_MR_B20P",
    "StationName": "MRC51066",
    "TxRefAmp": 290.024,
    "dataset": "ds002898",
    "modality": "T1w",
    "subject_id": "06"
  },
  "cjv": 0.6253591918928261,
  "cnr": 2.2207372143279147,
  "efc": 0.575301181315451,
  "fber": 1155.467424278576,
  "fwhm_avg": 3.8463166666666666,
  "fwhm_x": 3.73718,
  "fwhm_y": 3.8865,
  "fwhm_z": 3.91527,
  "icvs_csf": 0.1963476706439367,
  "icvs_gm": 0.4232943927712431,
  "icvs_wm": 0.3803579365848202,
  "inu_med": 1.4696483612060547,
  "inu_range": 0.6512281537055966,
  "provenance": {
    "md5sum": "673fa6f0ce3f8e440c3bb90dbba2365f",
    "settings": {
      "testing": false
    },
    "software": "mriqc",
    "version": "21.0.0rc2",
    "warnings": {
      "large_rot_frame": true,
      "small_air_mask": false
    },
    "webapi_port": null,
    "webapi_url": "https://mriqc.nimh.nih.gov/api/v1"
  },
  "qi_1": 0.0,
  "qi_2": 0.004509929701471799,
  "rpve_csf": 27.74851117647344,
  "rpve_gm": 13.40882199552104,
  "rpve_wm": 17.250345579223943,
  "size_x": 176,
  "size_y": 256,
  "size_z": 256,
  "snr_csf": 2.6946126338737395,
  "snr_gm": 11.478822912074303,
  "snr_total": 9.431402760708869,
  "snr_wm": 14.120772736178566,
  "snrd_csf": 26.724131517079705,
  "snrd_gm": 50.761772201230855,
  "snrd_total": 47.53302994350934,
  "snrd_wm": 65.11318611221746,
  "spacing_x": 1.0,
  "spacing_y": 1.0,
  "spacing_z": 1.0,
  "summary_bg_k": 4.4051135659236165,
  "summary_bg_mad": 10.061500624790787,
  "summary_bg_mean": 20.91785226476106,
  "summary_bg_median": 16.635637123137712,
  "summary_bg_n": 3411409.0,
  "summary_bg_p05": 3.303104843944311,
  "summary_bg_p95": 49.48651620745659,
  "summary_bg_stdv": 14.937802429923204,
  "summary_csf_k": 32.984126412519906,
  "summary_csf_mad": 124.38864046754627,
  "summary_csf_mean": 428.4799642101143,
  "summary_csf_median": 410.4257909730077,
  "summary_csf_n": 16752.0,
  "summary_csf_p05": 256.92150040715933,
  "summary_csf_p95": 628.3976796248927,
  "summary_csf_stdv": 152.30892024236036,
  "summary_gm_k": -0.11497329482220264,
  "summary_gm_mad": 68.5606679742381,
  "summary_gm_mean": 780.3677611281335,
  "summary_gm_median": 779.5927996225655,
  "summary_gm_n": 14108.0,
  "summary_gm_p05": 670.2900575138628,
  "summary_gm_p95": 894.120453029871,
  "summary_gm_stdv": 67.91333707696508,
  "summary_wm_k": 0.14626561392266613,
  "summary_wm_mad": 69.27298660254188,
  "summary_wm_mean": 1000.6959562067866,
  "summary_wm_median": 999.9999773912132,
  "summary_wm_n": 198499.0,
  "summary_wm_p05": 884.9918723702431,
  "summary_wm_p95": 1118.7315824180841,
  "summary_wm_stdv": 70.81747416850962,
  "tpm_overlap_csf": 0.15111051499843597,
  "tpm_overlap_gm": 0.44632816314697266,
  "tpm_overlap_wm": 0.490097314119339,
  "wm2max": 0.4502136223215413
}