{
  "bids_meta": {
    "AcquisitionMatrixPE": 256,
    "AcquisitionNumber": 1,
    "AcquisitionTime": "10:26:55.580000",
    "BaseResolution": 256,
    "CoilString": "T:HEA;HEP;NEP",
    "ConversionSoftware": "dcm2niix",
    "ConversionSoftwareVersion": "v1.0.20200331",
    "DeviceSerialNumber": "51066",
    "DwellTime": 1.03e-05,
    "EchoTime": 0.00234,
    "FlipAngle": 8,
    "ImageOrientationPatientDICOM": [
      0.00176818,
      0.999998,
      3.74984e-08,
      -0.0174859,
      3.09557e-05,
      -0.999847
    ],
    "ImageType": [
      "ORIGINAL",
      "PRIMARY",
      "M",
      "ND",
      "NORM"
    ],
    "ImagingFrequency": 123.24,
    "InPlanePhaseEncodingDirectionDICOM": "ROW",
    "InstitutionAddress": "Blackburn_Road_770_Clayton_Victoria_AU_3168",
    "InstitutionName": "Monash_Biomedical_Imaging",
    "InstitutionalDepartmentName": "Department",
    "InversionTime": 0.9,
    "MRAcquisitionType": "3D",
    "MagneticFieldStrength": 3,
    "Manufacturer": "Siemens",
    "ManufacturersModelName": "Biograph_mMR",
    "Modality": "MR",
    "ParallelReductionFactorInPlane": 2,
    "PartialFourier": 1,
    "PatientPosition": "HFS",
    "PercentPhaseFOV": 100,
    "PercentSampling": 100,
    "PhaseEncodingSteps": 255,
    "PhaseResolution": 1,
    "PixelBandwidth": 190,
    "ProcedureStepDescription": "MR-PET_Scan",
    "ProtocolName": "Head_t1_mprage_sag_1_iso",
    "PulseSequenceDetails": "%SiemensSeq%_tfl",
    "ReceiveCoilName": "HeadNeck_MRPET",
    "ReconMatrixPE": 256,
    "RefLinesPE": 24,
    "RepetitionTime": 1.64,
    "SAR": 0.0611842,
    "ScanOptions": "IR",
    "ScanningSequence": "GR_IR",
    "SequenceName": "_tfl3d1_ns",
    "SequenceVariant": "SP_MP",
    "SeriesDescription": "Head_t1_mprage_sag_1_iso",
    "SeriesNumber": 10,
    "ShimSetting": [
      -8356,
      -914,
      -4234,
      -36,
      -238,
      48,
      -320,
      -142
    ],
    "SliceThickness": 1,
    "SoftwareVersions": "syngo_MR_B20P",
    "StationName": "MRC51066",
    "TxRefAmp": 296.97,
    "dataset": "ds002898",
    "modality": "T1w",
    "subject_id": "05"
  },
  "cjv": 0.531515805909438,
  "cnr": 2.6044100661635086,
  "efc": 0.5852090402037073,
  "fber": 1938.121062563507,
  "fwhm_avg": 4.027636666666666,
  "fwhm_x": 3.85835,
  "fwhm_y": 4.06856,
  "fwhm_z": 4.156,
  "icvs_csf": 0.18913879989944082,
  "icvs_gm": 0.43846681401067644,
  "icvs_wm": 0.37239438608988273,
  "inu_med": 1.4134905338287354,
  "inu_range": 0.6353878676891327,
  "provenance": {
    "md5sum": "8c25f91ed7fea7dc3130a66573b8ccfb",
    "settings": {
      "testing": false
    },
    "software": "mriqc",
    "version": "21.0.0rc2",
    "warnings": {
      "large_rot_frame": true,
      "small_air_mask": false
    },
    "webapi_port": null,
    "webapi_url": "https://mriqc.nimh.nih.gov/api/v1"
  },
  "qi_1": 0.0,
  "qi_2": 0.005247135310444676,
  "rpve_csf": 23.593892903036842,
  "rpve_gm": 10.998907517367176,
  "rpve_wm": 14.842489624831842,
  "size_x": 176,
  "size_y": 256,
  "size_z": 256,
  "snr_csf": 2.404232618565321,
  "snr_gm": 11.99362396658092,
  "snr_total": 10.030939629028856,
  "snr_wm": 15.694962301940329,
  "snrd_csf": 28.28049738535564,
  "snrd_gm": 56.22432218279038,
  "snrd_total": 52.715562555552246,
  "snrd_wm": 73.64186809851071,
  "spacing_x": 1.0,
  "spacing_y": 1.0,
  "spacing_z": 1.0,
  "summary_bg_k": 2.710553925426214,
  "summary_bg_mad": 8.896883982955574,
  "summary_bg_mean": 17.278089324616506,
  "summary_bg_median": 14.78782631456852,
  "summary_bg_n": 3159568.0,
  "summary_bg_p05": 3.0004285275936127,
  "summary_bg_p95": 38.862693309783936,
  "summary_bg_stdv": 11.64151781604517,
  "summary_csf_k": 41.42262461527954,
  "summary_csf_mad": 108.35133707813752,
  "summary_csf_mean": 412.96630303302123,
  "summary_csf_median": 384.0548515319824,
  "summary_csf_n": 21574.0,
  "summary_csf_p05": 253.46477180719376,
  "summary_csf_p95": 625.3536000475285,
  "summary_csf_stdv": 159.7374345521503,
  "summary_gm_k": 0.08070023495910394,
  "summary_gm_mad": 62.80776430824589,
  "summary_gm_mean": 763.9937153700989,
  "summary_gm_median": 763.5376214981079,
  "summary_gm_n": 29594.0,
  "summary_gm_p05": 660.9979765675962,
  "summary_gm_p95": 870.2207153476774,
  "summary_gm_stdv": 63.66088542601908,
  "summary_wm_k": 0.07112077369528702,
  "summary_wm_mad": 62.91367959375727,
  "summary_wm_mean": 1000.1417244651725,
  "summary_wm_median": 1000.0714037567377,
  "summary_wm_n": 235389.0,
  "summary_wm_p05": 895.4850379377604,
  "summary_wm_p95": 1105.9436675161123,
  "summary_wm_stdv": 63.71912593480614,
  "tpm_overlap_csf": 0.16734367609024048,
  "tpm_overlap_gm": 0.4560143053531647,
  "tpm_overlap_wm": 0.5088691115379333,
  "wm2max": 0.4441918011248927
}