{
  "aor": 0.0036343983402489627,
  "aqi": 0.03368509626556017,
  "bids_meta": {
    "AcquisitionMatrixPE": 64,
    "AcquisitionNumber": 1,
    "AcquisitionTime": "13:38:56.117500",
    "BandwidthPerPixelPhaseEncode": 56.818,
    "CoilString": "NN",
    "ConversionSoftware": "dcm2niix",
    "ConversionSoftwareVersion": "v1.0.20200331",
    "DerivedVendorReportedEchoSpacing": 0.000550002,
    "DeviceSerialNumber": "51066",
    "EchoTime": 0.03,
    "EffectiveEchoSpacing": 0.000275001,
    "FlipAngle": 90,
    "ImageOrientationPatientDICOM": [
      1,
      -2.04908e-10,
      8.946e-12,
      2.05103e-10,
      0.999048,
      -0.0436194
    ],
    "ImageType": [
      "ORIGINAL",
      "PRIMARY",
      "M",
      "ND",
      "NORM",
      "MOSAIC"
    ],
    "ImagingFrequency": 123.24,
    "InPlanePhaseEncodingDirectionDICOM": "ROW",
    "InstitutionAddress": "Blackburn_Road_770_Clayton_Victoria_AU_3168",
    "InstitutionName": "Monash_Biomedical_Imaging",
    "MRAcquisitionType": "2D",
    "MagneticFieldStrength": 3,
    "Manufacturer": "Siemens",
    "ManufacturersModelName": "Biograph_mMR",
    "Modality": "MR",
    "ParallelReductionFactorInPlane": 2,
    "PatientPosition": "HFS",
    "PercentPhaseFOV": 100,
    "PercentSampling": 100,
    "PhaseEncodingDirection": "i",
    "PixelBandwidth": 2367,
    "ProcedureStepDescription": "MR-PET_Scan",
    "ProtocolName": "Resting_3_ep2d_task_bold",
    "ReceiveCoilActiveElements": "T:HEA;HEP;NEP",
    "ReconMatrixPE": 64,
    "RepetitionTime": 2.45,
    "ScanOptions": "FS",
    "ScanningSequence": "EP",
    "SequenceVariant": "SK",
    "SeriesDescription": "Resting_3_ep2d_task_bold",
    "SeriesNumber": 44,
    "SliceThickness": 3,
    "SliceTiming": [
      1.225,
      0.0,
      1.2806818181818183,
      0.055681818181818186,
      1.3363636363636364,
      0.11136363636363637,
      1.3920454545454546,
      0.16704545454545455,
      1.4477272727272728,
      0.22272727272727275,
      1.5034090909090911,
      0.27840909090909094,
      1.5590909090909093,
      0.3340909090909091,
      1.6147727272727275,
      0.3897727272727273,
      1.6704545454545456,
      0.4454545454545455,
      1.7261363636363638,
      0.5011363636363637,
      1.781818181818182,
      0.5568181818181819,
      1.8375000000000001,
      0.6125,
      1.8931818181818183,
      0.6681818181818182,
      1.9488636363636365,
      0.7238636363636364,
      2.004545454545455,
      0.7795454545454547,
      2.060227272727273,
      0.8352272727272728,
      2.115909090909091,
      0.890909090909091,
      2.1715909090909093,
      0.9465909090909091,
      2.2272727272727275,
      1.0022727272727274,
      2.2829545454545457,
      1.0579545454545456,
      2.338636363636364,
      1.1136363636363638,
      2.394318181818182,
      1.169318181818182
    ],
    "SoftwareVersions": "syngo_MR_B20P",
    "SpacingBetweenSlices": 3,
    "StationName": "MRC51066",
    "TaskName": "rest",
    "TotalReadoutTime": 0.0173251,
    "dataset": "ds002898",
    "modality": "bold",
    "run_id": 3,
    "subject_id": "12",
    "task_id": "rest"
  },
  "dummy_trs": 1,
  "dvars_nstd": 44.98954547245833,
  "dvars_std": 1.1336387557916663,
  "dvars_vstd": 1.011788446625,
  "efc": 0.598323778356571,
  "fber": 521.719970703125,
  "fd_mean": 0.23934415625050717,
  "fd_num": 74,
  "fd_perc": 30.70539419087137,
  "fwhm_avg": 1.648594116959064,
  "fwhm_x": 1.6205035789473685,
  "fwhm_y": 1.7227621052631579,
  "fwhm_z": 1.6025166666666666,
  "gcor": 0.0445684,
  "gsr_x": 0.01970764249563217,
  "gsr_y": 0.020651528611779213,
  "provenance": {
    "md5sum": "f18c17444fad3c2211585b6c30a4b8e7",
    "settings": {
      "fd_thres": 0.2,
      "testing": false
    },
    "software": "mriqc",
    "version": "21.0.0rc2",
    "webapi_port": null,
    "webapi_url": "https://mriqc.nimh.nih.gov/api/v1"
  },
  "size_t": 241,
  "size_x": 64,
  "size_y": 64,
  "size_z": 44,
  "snr": 7.376790153618772,
  "spacing_tr": 2.450000047683716,
  "spacing_x": 2.96875,
  "spacing_y": 2.96875,
  "spacing_z": 3.0,
  "summary_bg_k": 44.15528155359099,
  "summary_bg_mad": 20.07357290493781,
  "summary_bg_mean": 56.750144958496094,
  "summary_bg_median": 34.30290603637695,
  "summary_bg_n": 97335.0,
  "summary_bg_p05": 16.124483108520508,
  "summary_bg_p95": 175.07303161621095,
  "summary_bg_stdv": 74.89550018310547,
  "summary_fg_k": 3.060968727072055,
  "summary_fg_mad": 92.78878291274006,
  "summary_fg_mean": 781.9436645507812,
  "summary_fg_median": 774.8921508789062,
  "summary_fg_n": 43295.0,
  "summary_fg_p05": 633.8759643554688,
  "summary_fg_p95": 955.2112548828125,
  "summary_fg_stdv": 105.04341125488281,
  "tsnr": 32.04433193022851
}