{
  "aor": 0.0019437190082644627,
  "aqi": 0.024866445041322315,
  "bids_meta": {
    "AcquisitionMatrixPE": 64,
    "AcquisitionNumber": 1,
    "AcquisitionTime": "15:53:29.292500",
    "BandwidthPerPixelPhaseEncode": 56.818,
    "CoilString": "NN",
    "ConversionSoftware": "dcm2niix",
    "ConversionSoftwareVersion": "v1.0.20200331",
    "DerivedVendorReportedEchoSpacing": 0.000550002,
    "DeviceSerialNumber": "51066",
    "EchoTime": 0.03,
    "EffectiveEchoSpacing": 0.000275001,
    "FlipAngle": 90,
    "ImageOrientationPatientDICOM": [
      0.999998,
      0.000105497,
      0.00183181,
      2.04527e-10,
      0.998346,
      -0.0574966
    ],
    "ImageType": [
      "ORIGINAL",
      "PRIMARY",
      "M",
      "ND",
      "NORM",
      "MOSAIC"
    ],
    "ImagingFrequency": 123.24,
    "InPlanePhaseEncodingDirectionDICOM": "ROW",
    "InstitutionAddress": "Blackburn_Road_770_Clayton_Victoria_AU_3168",
    "InstitutionName": "Monash_Biomedical_Imaging",
    "MRAcquisitionType": "2D",
    "MagneticFieldStrength": 3,
    "Manufacturer": "Siemens",
    "ManufacturersModelName": "Biograph_mMR",
    "Modality": "MR",
    "ParallelReductionFactorInPlane": 2,
    "PatientPosition": "HFS",
    "PercentPhaseFOV": 100,
    "PercentSampling": 100,
    "PhaseEncodingDirection": "i",
    "PixelBandwidth": 2367,
    "ProcedureStepDescription": "MR-PET_Scan",
    "ProtocolName": "Resting_2_ep2d_task_bold",
    "ReceiveCoilActiveElements": "T:HEA;HEP",
    "ReconMatrixPE": 64,
    "RepetitionTime": 2.45,
    "ScanOptions": "FS",
    "ScanningSequence": "EP",
    "SequenceVariant": "SK",
    "SeriesDescription": "Resting_2_ep2d_task_bold",
    "SeriesNumber": 32,
    "SliceThickness": 3,
    "SliceTiming": [
      1.225,
      0.0,
      1.2806818181818183,
      0.055681818181818186,
      1.3363636363636364,
      0.11136363636363637,
      1.3920454545454546,
      0.16704545454545455,
      1.4477272727272728,
      0.22272727272727275,
      1.5034090909090911,
      0.27840909090909094,
      1.5590909090909093,
      0.3340909090909091,
      1.6147727272727275,
      0.3897727272727273,
      1.6704545454545456,
      0.4454545454545455,
      1.7261363636363638,
      0.5011363636363637,
      1.781818181818182,
      0.5568181818181819,
      1.8375000000000001,
      0.6125,
      1.8931818181818183,
      0.6681818181818182,
      1.9488636363636365,
      0.7238636363636364,
      2.004545454545455,
      0.7795454545454547,
      2.060227272727273,
      0.8352272727272728,
      2.115909090909091,
      0.890909090909091,
      2.1715909090909093,
      0.9465909090909091,
      2.2272727272727275,
      1.0022727272727274,
      2.2829545454545457,
      1.0579545454545456,
      2.338636363636364,
      1.1136363636363638,
      2.394318181818182,
      1.169318181818182
    ],
    "SoftwareVersions": "syngo_MR_B20P",
    "SpacingBetweenSlices": 3,
    "StationName": "MRC51066",
    "TaskName": "rest",
    "TotalReadoutTime": 0.0173251,
    "dataset": "ds002898",
    "modality": "bold",
    "run_id": 2,
    "subject_id": "25",
    "task_id": "rest"
  },
  "dummy_trs": 0,
  "dvars_nstd": 38.43413326842323,
  "dvars_std": 1.0697632541078836,
  "dvars_vstd": 1.0117386051452284,
  "efc": 0.5598626940257603,
  "fber": 759.9810180664062,
  "fd_mean": 0.18049882419989396,
  "fd_num": 61,
  "fd_perc": 25.206611570247933,
  "fwhm_avg": 1.6495520935672514,
  "fwhm_x": 1.6204025263157895,
  "fwhm_y": 1.7619604210526314,
  "fwhm_z": 1.5662933333333333,
  "gcor": 0.0495816,
  "gsr_x": 0.004799762740731239,
  "gsr_y": 0.0336039699614048,
  "provenance": {
    "md5sum": "12b8cfdbfc7b2ae59f81733e5a14af52",
    "settings": {
      "fd_thres": 0.2,
      "testing": false
    },
    "software": "mriqc",
    "version": "21.0.0rc2",
    "webapi_port": null,
    "webapi_url": "https://mriqc.nimh.nih.gov/api/v1"
  },
  "size_t": 242,
  "size_x": 64,
  "size_y": 64,
  "size_z": 44,
  "snr": 6.828846348204983,
  "spacing_tr": 2.450000047683716,
  "spacing_x": 2.96875,
  "spacing_y": 2.96875,
  "spacing_z": 3.0,
  "summary_bg_k": 51.408669219194294,
  "summary_bg_mad": 12.038482408655113,
  "summary_bg_mean": 37.07566452026367,
  "summary_bg_median": 22.570247650146484,
  "summary_bg_n": 103735.0,
  "summary_bg_p05": 11.276859283447266,
  "summary_bg_p95": 97.76404724121079,
  "summary_bg_stdv": 56.914005279541016,
  "summary_fg_k": 2.075008900824354,
  "summary_fg_mad": 83.13906403603772,
  "summary_fg_mean": 629.602783203125,
  "summary_fg_median": 623.3140258789062,
  "summary_fg_n": 38748.0,
  "summary_fg_p05": 503.4466720581055,
  "summary_fg_p95": 785.6045166015625,
  "summary_fg_stdv": 91.27544403076172,
  "tsnr": 33.77911484974902
}