{
  "aor": 0.0005613636363636363,
  "aqi": 0.0224224979338843,
  "bids_meta": {
    "AcquisitionMatrixPE": 64,
    "AcquisitionNumber": 1,
    "AcquisitionTime": "16:24:35.707500",
    "BandwidthPerPixelPhaseEncode": 56.818,
    "CoilString": "NN",
    "ConversionSoftware": "dcm2niix",
    "ConversionSoftwareVersion": "v1.0.20200331",
    "DerivedVendorReportedEchoSpacing": 0.000550002,
    "DeviceSerialNumber": "51066",
    "EchoTime": 0.03,
    "EffectiveEchoSpacing": 0.000275001,
    "FlipAngle": 90,
    "ImageOrientationPatientDICOM": [
      0.999998,
      0.000105497,
      0.00183181,
      2.04527e-10,
      0.998346,
      -0.0574966
    ],
    "ImageType": [
      "ORIGINAL",
      "PRIMARY",
      "M",
      "ND",
      "NORM",
      "MOSAIC"
    ],
    "ImagingFrequency": 123.24,
    "InPlanePhaseEncodingDirectionDICOM": "ROW",
    "InstitutionAddress": "Blackburn_Road_770_Clayton_Victoria_AU_3168",
    "InstitutionName": "Monash_Biomedical_Imaging",
    "MRAcquisitionType": "2D",
    "MagneticFieldStrength": 3,
    "Manufacturer": "Siemens",
    "ManufacturersModelName": "Biograph_mMR",
    "Modality": "MR",
    "ParallelReductionFactorInPlane": 2,
    "PatientPosition": "HFS",
    "PercentPhaseFOV": 100,
    "PercentSampling": 100,
    "PhaseEncodingDirection": "i",
    "PixelBandwidth": 2367,
    "ProcedureStepDescription": "MR-PET_Scan",
    "ProtocolName": "Resting_5_ep2d_task_bold",
    "ReceiveCoilActiveElements": "T:HEA;HEP",
    "ReconMatrixPE": 64,
    "RepetitionTime": 2.45,
    "ScanOptions": "FS",
    "ScanningSequence": "EP",
    "SequenceVariant": "SK",
    "SeriesDescription": "Resting_5_ep2d_task_bold",
    "SeriesNumber": 35,
    "SliceThickness": 3,
    "SliceTiming": [
      1.225,
      0.0,
      1.2806818181818183,
      0.055681818181818186,
      1.3363636363636364,
      0.11136363636363637,
      1.3920454545454546,
      0.16704545454545455,
      1.4477272727272728,
      0.22272727272727275,
      1.5034090909090911,
      0.27840909090909094,
      1.5590909090909093,
      0.3340909090909091,
      1.6147727272727275,
      0.3897727272727273,
      1.6704545454545456,
      0.4454545454545455,
      1.7261363636363638,
      0.5011363636363637,
      1.781818181818182,
      0.5568181818181819,
      1.8375000000000001,
      0.6125,
      1.8931818181818183,
      0.6681818181818182,
      1.9488636363636365,
      0.7238636363636364,
      2.004545454545455,
      0.7795454545454547,
      2.060227272727273,
      0.8352272727272728,
      2.115909090909091,
      0.890909090909091,
      2.1715909090909093,
      0.9465909090909091,
      2.2272727272727275,
      1.0022727272727274,
      2.2829545454545457,
      1.0579545454545456,
      2.338636363636364,
      1.1136363636363638,
      2.394318181818182,
      1.169318181818182
    ],
    "SoftwareVersions": "syngo_MR_B20P",
    "SpacingBetweenSlices": 3,
    "StationName": "MRC51066",
    "TaskName": "rest",
    "TotalReadoutTime": 0.0173251,
    "dataset": "ds002898",
    "modality": "bold",
    "run_id": 5,
    "subject_id": "25",
    "task_id": "rest"
  },
  "dummy_trs": 0,
  "dvars_nstd": 37.179694907717824,
  "dvars_std": 1.0727146137759334,
  "dvars_vstd": 0.9969212373029047,
  "efc": 0.5597663230784562,
  "fber": 755.71044921875,
  "fd_mean": 0.08351592114913324,
  "fd_num": 12,
  "fd_perc": 4.958677685950414,
  "fwhm_avg": 1.6361736374269007,
  "fwhm_x": 1.5909288421052632,
  "fwhm_y": 1.7387587368421054,
  "fwhm_z": 1.5788333333333335,
  "gcor": 0.00604389,
  "gsr_x": 0.0039031226187944412,
  "gsr_y": 0.03328486904501915,
  "provenance": {
    "md5sum": "45533ce333f369f7f619657ea9340236",
    "settings": {
      "fd_thres": 0.2,
      "testing": false
    },
    "software": "mriqc",
    "version": "21.0.0rc2",
    "webapi_port": null,
    "webapi_url": "https://mriqc.nimh.nih.gov/api/v1"
  },
  "size_t": 242,
  "size_x": 64,
  "size_y": 64,
  "size_z": 44,
  "snr": 6.787220929317646,
  "spacing_tr": 2.450000047683716,
  "spacing_x": 2.96875,
  "spacing_y": 2.96875,
  "spacing_z": 3.0,
  "summary_bg_k": 50.66381439729648,
  "summary_bg_mad": 12.026230794825166,
  "summary_bg_mean": 37.146419525146484,
  "summary_bg_median": 22.51652717590332,
  "summary_bg_n": 103953.0,
  "summary_bg_p05": 11.061983108520508,
  "summary_bg_p95": 99.67685546874984,
  "summary_bg_stdv": 57.143775939941406,
  "summary_fg_k": 2.3682500568307523,
  "summary_fg_mad": 81.88318666240919,
  "summary_fg_mean": 627.6303100585938,
  "summary_fg_median": 620.7293090820312,
  "summary_fg_n": 38576.0,
  "summary_fg_p05": 501.6384048461914,
  "summary_fg_p95": 782.0919189453125,
  "summary_fg_stdv": 91.45440673828125,
  "tsnr": 37.267186402343214
}