{
  "aor": 0.0006174793388429753,
  "aqi": 0.024097250826446284,
  "bids_meta": {
    "AcquisitionMatrixPE": 64,
    "AcquisitionNumber": 1,
    "AcquisitionTime": "15:35:17.637500",
    "BandwidthPerPixelPhaseEncode": 56.818,
    "CoilString": "NN",
    "ConversionSoftware": "dcm2niix",
    "ConversionSoftwareVersion": "v1.0.20200331",
    "DerivedVendorReportedEchoSpacing": 0.000550002,
    "DeviceSerialNumber": "51066",
    "EchoTime": 0.03,
    "EffectiveEchoSpacing": 0.000275001,
    "FlipAngle": 90,
    "ImageOrientationPatientDICOM": [
      0.998232,
      0.00887157,
      0.0587653,
      4.62329e-10,
      0.988796,
      -0.149275
    ],
    "ImageType": [
      "ORIGINAL",
      "PRIMARY",
      "M",
      "ND",
      "NORM",
      "MOSAIC"
    ],
    "ImagingFrequency": 123.239,
    "InPlanePhaseEncodingDirectionDICOM": "ROW",
    "InstitutionAddress": "Blackburn_Road_770_Clayton_Victoria_AU_3168",
    "InstitutionName": "Monash_Biomedical_Imaging",
    "MRAcquisitionType": "2D",
    "MagneticFieldStrength": 3,
    "Manufacturer": "Siemens",
    "ManufacturersModelName": "Biograph_mMR",
    "Modality": "MR",
    "ParallelReductionFactorInPlane": 2,
    "PatientPosition": "HFS",
    "PercentPhaseFOV": 100,
    "PercentSampling": 100,
    "PhaseEncodingDirection": "i",
    "PixelBandwidth": 2367,
    "ProcedureStepDescription": "MR-PET_Scan",
    "ProtocolName": "Resting_1_ep2d_task_bold",
    "ReceiveCoilActiveElements": "T:HEA;HEP",
    "ReconMatrixPE": 64,
    "RepetitionTime": 2.45,
    "ScanOptions": "FS",
    "ScanningSequence": "EP",
    "SequenceVariant": "SK",
    "SeriesDescription": "Resting_1_ep2d_task_bold",
    "SeriesNumber": 30,
    "SliceThickness": 3,
    "SliceTiming": [
      1.225,
      0.0,
      1.2806818181818183,
      0.055681818181818186,
      1.3363636363636364,
      0.11136363636363637,
      1.3920454545454546,
      0.16704545454545455,
      1.4477272727272728,
      0.22272727272727275,
      1.5034090909090911,
      0.27840909090909094,
      1.5590909090909093,
      0.3340909090909091,
      1.6147727272727275,
      0.3897727272727273,
      1.6704545454545456,
      0.4454545454545455,
      1.7261363636363638,
      0.5011363636363637,
      1.781818181818182,
      0.5568181818181819,
      1.8375000000000001,
      0.6125,
      1.8931818181818183,
      0.6681818181818182,
      1.9488636363636365,
      0.7238636363636364,
      2.004545454545455,
      0.7795454545454547,
      2.060227272727273,
      0.8352272727272728,
      2.115909090909091,
      0.890909090909091,
      2.1715909090909093,
      0.9465909090909091,
      2.2272727272727275,
      1.0022727272727274,
      2.2829545454545457,
      1.0579545454545456,
      2.338636363636364,
      1.1136363636363638,
      2.394318181818182,
      1.169318181818182
    ],
    "SoftwareVersions": "syngo_MR_B20P",
    "SpacingBetweenSlices": 3,
    "StationName": "MRC51066",
    "TaskName": "rest",
    "TotalReadoutTime": 0.0173251,
    "dataset": "ds002898",
    "modality": "bold",
    "run_id": 1,
    "subject_id": "23",
    "task_id": "rest"
  },
  "dummy_trs": 0,
  "dvars_nstd": 37.76210575966801,
  "dvars_std": 1.108719311659751,
  "dvars_vstd": 1.01229077746888,
  "efc": 0.5797684743448726,
  "fber": 759.7213134765625,
  "fd_mean": 0.15646524845064774,
  "fd_num": 52,
  "fd_perc": 21.487603305785125,
  "fwhm_avg": 1.636740081871345,
  "fwhm_x": 1.579658105263158,
  "fwhm_y": 1.7173254736842105,
  "fwhm_z": 1.6132366666666667,
  "gcor": 0.0301,
  "gsr_x": 0.010408987291157246,
  "gsr_y": 0.016943946480751038,
  "provenance": {
    "md5sum": "c0bb42e0a1787147889c568c6664bea4",
    "settings": {
      "fd_thres": 0.2,
      "testing": false
    },
    "software": "mriqc",
    "version": "21.0.0rc2",
    "webapi_port": null,
    "webapi_url": "https://mriqc.nimh.nih.gov/api/v1"
  },
  "size_t": 242,
  "size_x": 64,
  "size_y": 64,
  "size_z": 44,
  "snr": 7.769648061755093,
  "spacing_tr": 2.450000047683716,
  "spacing_x": 2.96875,
  "spacing_y": 2.96875,
  "spacing_z": 3.0,
  "summary_bg_k": 52.13887610311849,
  "summary_bg_mad": 15.646966560761594,
  "summary_bg_mean": 45.21859359741211,
  "summary_bg_median": 27.47520637512207,
  "summary_bg_n": 99194.0,
  "summary_bg_p05": 13.227272033691406,
  "summary_bg_p95": 132.37519989013643,
  "summary_bg_stdv": 62.55841064453125,
  "summary_fg_k": 2.769580936973801,
  "summary_fg_mad": 87.92689009072657,
  "summary_fg_mean": 758.2967529296875,
  "summary_fg_median": 752.83056640625,
  "summary_fg_n": 42201.0,
  "summary_fg_p05": 621.0908813476562,
  "summary_fg_p95": 913.9296875,
  "summary_fg_stdv": 96.89263153076172,
  "tsnr": 39.139641772722825
}