{
  "aor": 0.0031798760330578515,
  "aqi": 0.0367361979338843,
  "bids_meta": {
    "AcquisitionMatrixPE": 64,
    "AcquisitionNumber": 1,
    "AcquisitionTime": "13:11:10.925000",
    "BandwidthPerPixelPhaseEncode": 56.818,
    "CoilString": "NN",
    "ConversionSoftware": "dcm2niix",
    "ConversionSoftwareVersion": "v1.0.20200331",
    "DerivedVendorReportedEchoSpacing": 0.000550002,
    "DeviceSerialNumber": "51066",
    "EchoTime": 0.03,
    "EffectiveEchoSpacing": 0.000275001,
    "FlipAngle": 90,
    "ImageOrientationPatientDICOM": [
      0.999987,
      -0.0003001,
      0.00507,
      2.18686e-10,
      0.998253,
      0.0590878
    ],
    "ImageType": [
      "ORIGINAL",
      "PRIMARY",
      "M",
      "ND",
      "NORM",
      "MOSAIC"
    ],
    "ImagingFrequency": 123.239,
    "InPlanePhaseEncodingDirectionDICOM": "ROW",
    "InstitutionAddress": "Blackburn_Road_770_Clayton_Victoria_AU_3168",
    "InstitutionName": "Monash_Biomedical_Imaging",
    "MRAcquisitionType": "2D",
    "MagneticFieldStrength": 3,
    "Manufacturer": "Siemens",
    "ManufacturersModelName": "Biograph_mMR",
    "Modality": "MR",
    "ParallelReductionFactorInPlane": 2,
    "PatientPosition": "HFS",
    "PercentPhaseFOV": 100,
    "PercentSampling": 100,
    "PhaseEncodingDirection": "i",
    "PixelBandwidth": 2367,
    "ProcedureStepDescription": "MR-PET_Scan",
    "ProtocolName": "Resting_1_ep2d_task_bold",
    "ReceiveCoilActiveElements": "T:HEA;HEP",
    "ReconMatrixPE": 64,
    "RepetitionTime": 2.45,
    "ScanOptions": "FS",
    "ScanningSequence": "EP",
    "SequenceVariant": "SK",
    "SeriesDescription": "Resting_1_ep2d_task_bold",
    "SeriesNumber": 31,
    "SliceThickness": 3,
    "SliceTiming": [
      1.225,
      0.0,
      1.2806818181818183,
      0.055681818181818186,
      1.3363636363636364,
      0.11136363636363637,
      1.3920454545454546,
      0.16704545454545455,
      1.4477272727272728,
      0.22272727272727275,
      1.5034090909090911,
      0.27840909090909094,
      1.5590909090909093,
      0.3340909090909091,
      1.6147727272727275,
      0.3897727272727273,
      1.6704545454545456,
      0.4454545454545455,
      1.7261363636363638,
      0.5011363636363637,
      1.781818181818182,
      0.5568181818181819,
      1.8375000000000001,
      0.6125,
      1.8931818181818183,
      0.6681818181818182,
      1.9488636363636365,
      0.7238636363636364,
      2.004545454545455,
      0.7795454545454547,
      2.060227272727273,
      0.8352272727272728,
      2.115909090909091,
      0.890909090909091,
      2.1715909090909093,
      0.9465909090909091,
      2.2272727272727275,
      1.0022727272727274,
      2.2829545454545457,
      1.0579545454545456,
      2.338636363636364,
      1.1136363636363638,
      2.394318181818182,
      1.169318181818182
    ],
    "SoftwareVersions": "syngo_MR_B20P",
    "SpacingBetweenSlices": 3,
    "StationName": "MRC51066",
    "TaskName": "rest",
    "TotalReadoutTime": 0.0173251,
    "dataset": "ds002898",
    "modality": "bold",
    "run_id": 1,
    "subject_id": "26",
    "task_id": "rest"
  },
  "dummy_trs": 0,
  "dvars_nstd": 44.35003508576762,
  "dvars_std": 1.188264063692946,
  "dvars_vstd": 1.0307684473029046,
  "efc": 0.5622893600982607,
  "fber": 678.3335571289062,
  "fd_mean": 0.21143844513093216,
  "fd_num": 92,
  "fd_perc": 38.01652892561984,
  "fwhm_avg": 1.6103278245614037,
  "fwhm_x": 1.5690442105263158,
  "fwhm_y": 1.6597692631578946,
  "fwhm_z": 1.60217,
  "gcor": 0.0449152,
  "gsr_x": 0.010497372597455978,
  "gsr_y": 0.008457002229988575,
  "provenance": {
    "md5sum": "5b69f5d451a4f94f7de527aeb5caf456",
    "settings": {
      "fd_thres": 0.2,
      "testing": false
    },
    "software": "mriqc",
    "version": "21.0.0rc2",
    "webapi_port": null,
    "webapi_url": "https://mriqc.nimh.nih.gov/api/v1"
  },
  "size_t": 242,
  "size_x": 64,
  "size_y": 64,
  "size_z": 44,
  "snr": 7.744312425335045,
  "spacing_tr": 2.450000047683716,
  "spacing_x": 2.96875,
  "spacing_y": 2.96875,
  "spacing_z": 3.0,
  "summary_bg_k": 27.249952168122782,
  "summary_bg_mad": 15.352896722610394,
  "summary_bg_mean": 46.56886672973633,
  "summary_bg_median": 28.173553466796875,
  "summary_bg_n": 105129.0,
  "summary_bg_p05": 14.020660400390625,
  "summary_bg_p95": 148.1545440673825,
  "summary_bg_stdv": 60.135555267333984,
  "summary_fg_k": 2.062650680485258,
  "summary_fg_mad": 88.25161653488595,
  "summary_fg_mean": 734.3286743164062,
  "summary_fg_median": 731.1796875,
  "summary_fg_n": 37240.0,
  "summary_fg_p05": 591.502230834961,
  "summary_fg_p95": 884.4053222656249,
  "summary_fg_stdv": 94.41378784179688,
  "tsnr": 31.47100323869381
}