{
  "aor": 0.002611327800829876,
  "aqi": 0.03833585062240664,
  "bids_meta": {
    "AcquisitionMatrixPE": 64,
    "AcquisitionNumber": 1,
    "AcquisitionTime": "13:42:1.280000",
    "BandwidthPerPixelPhaseEncode": 56.818,
    "CoilString": "NN",
    "ConversionSoftware": "dcm2niix",
    "ConversionSoftwareVersion": "v1.0.20200331",
    "DerivedVendorReportedEchoSpacing": 0.000550002,
    "DeviceSerialNumber": "51066",
    "EchoTime": 0.03,
    "EffectiveEchoSpacing": 0.000275001,
    "FlipAngle": 90,
    "ImageOrientationPatientDICOM": [
      0.999987,
      -0.0003001,
      0.00507,
      2.18686e-10,
      0.998253,
      0.0590878
    ],
    "ImageType": [
      "ORIGINAL",
      "PRIMARY",
      "M",
      "ND",
      "NORM",
      "MOSAIC"
    ],
    "ImagingFrequency": 123.24,
    "InPlanePhaseEncodingDirectionDICOM": "ROW",
    "InstitutionAddress": "Blackburn_Road_770_Clayton_Victoria_AU_3168",
    "InstitutionName": "Monash_Biomedical_Imaging",
    "MRAcquisitionType": "2D",
    "MagneticFieldStrength": 3,
    "Manufacturer": "Siemens",
    "ManufacturersModelName": "Biograph_mMR",
    "Modality": "MR",
    "ParallelReductionFactorInPlane": 2,
    "PatientPosition": "HFS",
    "PercentPhaseFOV": 100,
    "PercentSampling": 100,
    "PhaseEncodingDirection": "i",
    "PixelBandwidth": 2367,
    "ProcedureStepDescription": "MR-PET_Scan",
    "ProtocolName": "Resting_4_ep2d_task_bold",
    "ReceiveCoilActiveElements": "T:HEA;HEP",
    "ReconMatrixPE": 64,
    "RepetitionTime": 2.45,
    "ScanOptions": "FS",
    "ScanningSequence": "EP",
    "SequenceVariant": "SK",
    "SeriesDescription": "Resting_4_ep2d_task_bold",
    "SeriesNumber": 34,
    "SliceThickness": 3,
    "SliceTiming": [
      1.225,
      0.0,
      1.2806818181818183,
      0.055681818181818186,
      1.3363636363636364,
      0.11136363636363637,
      1.3920454545454546,
      0.16704545454545455,
      1.4477272727272728,
      0.22272727272727275,
      1.5034090909090911,
      0.27840909090909094,
      1.5590909090909093,
      0.3340909090909091,
      1.6147727272727275,
      0.3897727272727273,
      1.6704545454545456,
      0.4454545454545455,
      1.7261363636363638,
      0.5011363636363637,
      1.781818181818182,
      0.5568181818181819,
      1.8375000000000001,
      0.6125,
      1.8931818181818183,
      0.6681818181818182,
      1.9488636363636365,
      0.7238636363636364,
      2.004545454545455,
      0.7795454545454547,
      2.060227272727273,
      0.8352272727272728,
      2.115909090909091,
      0.890909090909091,
      2.1715909090909093,
      0.9465909090909091,
      2.2272727272727275,
      1.0022727272727274,
      2.2829545454545457,
      1.0579545454545456,
      2.338636363636364,
      1.1136363636363638,
      2.394318181818182,
      1.169318181818182
    ],
    "SoftwareVersions": "syngo_MR_B20P",
    "SpacingBetweenSlices": 3,
    "StationName": "MRC51066",
    "TaskName": "rest",
    "TotalReadoutTime": 0.0173251,
    "dataset": "ds002898",
    "modality": "bold",
    "run_id": 4,
    "subject_id": "26",
    "task_id": "rest"
  },
  "dummy_trs": 1,
  "dvars_nstd": 49.68162670125,
  "dvars_std": 1.090529698166667,
  "dvars_vstd": 0.9865952834583342,
  "efc": 0.5598356075169026,
  "fber": 738.3701782226562,
  "fd_mean": 0.2262303293143786,
  "fd_num": 119,
  "fd_perc": 49.37759336099585,
  "fwhm_avg": 1.6211074853801168,
  "fwhm_x": 1.5519865263157893,
  "fwhm_y": 1.6690492631578946,
  "fwhm_z": 1.6422866666666665,
  "gcor": 0.0623796,
  "gsr_x": 0.008981022983789444,
  "gsr_y": 0.01392683107405901,
  "provenance": {
    "md5sum": "991808a357429d72bd72e99b4fb3f1b5",
    "settings": {
      "fd_thres": 0.2,
      "testing": false
    },
    "software": "mriqc",
    "version": "21.0.0rc2",
    "webapi_port": null,
    "webapi_url": "https://mriqc.nimh.nih.gov/api/v1"
  },
  "size_t": 241,
  "size_x": 64,
  "size_y": 64,
  "size_z": 44,
  "snr": 7.931653914309001,
  "spacing_tr": 2.450000047683716,
  "spacing_x": 2.96875,
  "spacing_y": 2.96875,
  "spacing_z": 3.0,
  "summary_bg_k": 41.21137980795799,
  "summary_bg_mad": 14.801414327341488,
  "summary_bg_mean": 45.35881423950195,
  "summary_bg_median": 26.846473693847656,
  "summary_bg_n": 105173.0,
  "summary_bg_p05": 13.423236846923828,
  "summary_bg_p95": 141.10954895019492,
  "summary_bg_stdv": 63.21967315673828,
  "summary_fg_k": 1.9622127166037648,
  "summary_fg_mad": 86.04323238928538,
  "summary_fg_mean": 733.3823852539062,
  "summary_fg_median": 729.9378051757812,
  "summary_fg_n": 37270.0,
  "summary_fg_p05": 595.60791015625,
  "summary_fg_p95": 880.2095947265623,
  "summary_fg_stdv": 92.02721405029297,
  "tsnr": 30.56906841287855
}