{
  "bids_meta": {
    "AcquisitionMatrixPE": 256,
    "AcquisitionNumber": 1,
    "AcquisitionTime": "11:04:51.462500",
    "BaseResolution": 256,
    "ConversionSoftware": "dcm2niix",
    "ConversionSoftwareVersion": "v1.0.20200331",
    "DeviceSerialNumber": "51066",
    "EchoTime": 0.00234,
    "FlipAngle": 8,
    "ImageOrientationPatientDICOM": [
      -0.133944,
      0.990989,
      4.76783e-08,
      0.0310093,
      0.00419132,
      -0.99951
    ],
    "ImageType": [
      "ORIGINAL",
      "PRIMARY",
      "M",
      "ND",
      "NORM"
    ],
    "ImagingFrequency": 123.24,
    "InPlanePhaseEncodingDirectionDICOM": "ROW",
    "InstitutionAddress": "Blackburn_Road_770_Clayton_Victoria_AU_3168",
    "InstitutionName": "Monash_Biomedical_Imaging",
    "InversionTime": 0.9,
    "MRAcquisitionType": "3D",
    "MagneticFieldStrength": 3,
    "Manufacturer": "Siemens",
    "ManufacturersModelName": "Biograph_mMR",
    "Modality": "MR",
    "ParallelReductionFactorInPlane": 2,
    "PartialFourier": 1,
    "PatientPosition": "HFS",
    "PercentPhaseFOV": 100,
    "PercentSampling": 100,
    "PhaseEncodingSteps": 255,
    "PhaseResolution": 1,
    "PixelBandwidth": 190,
    "ProcedureStepDescription": "MR-PET_Scan",
    "ProtocolName": "Head_t1_mprage_sag_1_iso",
    "PulseSequenceDetails": "%SiemensSeq%_tfl",
    "ReceiveCoilName": "HeadNeck_MRPET",
    "ReconMatrixPE": 256,
    "RefLinesPE": 24,
    "RepetitionTime": 1.64,
    "SAR": 0.0562474,
    "ScanOptions": "IR",
    "ScanningSequence": "GR_IR",
    "SequenceName": "_tfl3d1_ns",
    "SequenceVariant": "SP_MP",
    "SeriesDescription": "Head_t1_mprage_sag_1_iso",
    "SeriesNumber": 10,
    "ShimSetting": [
      -8356,
      -914,
      -4234,
      -36,
      -238,
      48,
      -320,
      -142
    ],
    "SliceThickness": 1,
    "SoftwareVersions": "syngo_MR_B20P",
    "StationName": "MRC51066",
    "TxRefAmp": 286.683,
    "dataset": "ds002898",
    "modality": "T1w",
    "subject_id": "15"
  },
  "cjv": 0.41107480866399565,
  "cnr": 3.285820442190306,
  "efc": 0.5481381240009277,
  "fber": 2276.4220051709276,
  "fwhm_avg": 3.9144733333333335,
  "fwhm_x": 3.773,
  "fwhm_y": 3.93339,
  "fwhm_z": 4.03703,
  "icvs_csf": 0.18473976669924963,
  "icvs_gm": 0.42556919979559293,
  "icvs_wm": 0.38969103350515744,
  "inu_med": 1.6725378036499023,
  "inu_range": 0.5580783963203431,
  "provenance": {
    "md5sum": "3b176e23d4488dd9178037d339447e2b",
    "settings": {
      "testing": false
    },
    "software": "mriqc",
    "version": "21.0.0rc2",
    "warnings": {
      "large_rot_frame": true,
      "small_air_mask": false
    },
    "webapi_port": null,
    "webapi_url": "https://mriqc.nimh.nih.gov/api/v1"
  },
  "qi_1": 0.0,
  "qi_2": 0.004687598857162944,
  "rpve_csf": 28.85856544592327,
  "rpve_gm": 13.614362065126036,
  "rpve_wm": 17.524279466359793,
  "size_x": 176,
  "size_y": 256,
  "size_z": 256,
  "snr_csf": 1.5834487119575722,
  "snr_gm": 12.6237482235906,
  "snr_total": 11.302490856374519,
  "snr_wm": 19.70027563357538,
  "snrd_csf": 32.40657776560187,
  "snrd_gm": 62.1950001092001,
  "snrd_total": 59.45716810320897,
  "snrd_wm": 83.76992643482494,
  "spacing_x": 1.0,
  "spacing_y": 1.0,
  "spacing_z": 1.0,
  "summary_bg_k": 3.3226665873883636,
  "summary_bg_mad": 7.820663571104355,
  "summary_bg_mean": 15.148425755013875,
  "summary_bg_median": 12.923645675182343,
  "summary_bg_n": 3163540.0,
  "summary_bg_p05": 2.571541741490364,
  "summary_bg_p95": 34.48503412306309,
  "summary_bg_stdv": 10.403033864701609,
  "summary_csf_k": 39.179407286329536,
  "summary_csf_mad": 129.7741361330129,
  "summary_csf_mean": 434.22364918683866,
  "summary_csf_median": 386.8521896749735,
  "summary_csf_n": 18408.0,
  "summary_csf_p05": 253.15509705618024,
  "summary_csf_p95": 626.2891005948183,
  "summary_csf_stdv": 244.30325964573436,
  "summary_gm_k": 0.07531020293072066,
  "summary_gm_mad": 58.068427015449835,
  "summary_gm_mean": 742.5908574032508,
  "summary_gm_median": 742.4502566456795,
  "summary_gm_n": 22463.0,
  "summary_gm_p05": 646.8482471331954,
  "summary_gm_p95": 840.3007167577744,
  "summary_gm_stdv": 58.81246340160138,
  "summary_wm_k": 0.42200298445746354,
  "summary_wm_mad": 47.803806078375366,
  "summary_wm_mean": 997.2996383828618,
  "summary_wm_median": 1000.000052601099,
  "summary_wm_n": 221814.0,
  "summary_wm_p05": 908.6114153265953,
  "summary_wm_p95": 1076.025376394391,
  "summary_wm_stdv": 50.760599346806934,
  "tpm_overlap_csf": 0.15851853787899017,
  "tpm_overlap_gm": 0.45041292905807495,
  "tpm_overlap_wm": 0.5032036900520325,
  "wm2max": 0.46908782815905953
}