{
  "aor": 0.0006160330578512396,
  "aqi": 0.017872837603305786,
  "bids_meta": {
    "AcquisitionMatrixPE": 64,
    "AcquisitionNumber": 1,
    "AcquisitionTime": "15:59:51.002500",
    "BandwidthPerPixelPhaseEncode": 56.818,
    "CoilString": "NN",
    "ConversionSoftware": "dcm2niix",
    "ConversionSoftwareVersion": "v1.0.20200331",
    "DerivedVendorReportedEchoSpacing": 0.000550002,
    "DeviceSerialNumber": "51066",
    "EchoTime": 0.03,
    "EffectiveEchoSpacing": 0.000275001,
    "FlipAngle": 90,
    "ImageOrientationPatientDICOM": [
      0.998762,
      0.00903645,
      -0.0489259,
      2.3406e-11,
      0.983368,
      0.181625
    ],
    "ImageType": [
      "ORIGINAL",
      "PRIMARY",
      "M",
      "ND",
      "NORM",
      "MOSAIC"
    ],
    "ImagingFrequency": 123.24,
    "InPlanePhaseEncodingDirectionDICOM": "ROW",
    "InstitutionAddress": "Blackburn_Road_770_Clayton_Victoria_AU_3168",
    "InstitutionName": "Monash_Biomedical_Imaging",
    "MRAcquisitionType": "2D",
    "MagneticFieldStrength": 3,
    "Manufacturer": "Siemens",
    "ManufacturersModelName": "Biograph_mMR",
    "Modality": "MR",
    "ParallelReductionFactorInPlane": 2,
    "PatientPosition": "HFS",
    "PercentPhaseFOV": 100,
    "PercentSampling": 100,
    "PhaseEncodingDirection": "i",
    "PixelBandwidth": 2367,
    "ProcedureStepDescription": "MR-PET_Scan",
    "ProtocolName": "Resting_5_ep2d_task_bold",
    "ReceiveCoilActiveElements": "T:HEA;HEP",
    "ReconMatrixPE": 64,
    "RepetitionTime": 2.45,
    "ScanOptions": "FS",
    "ScanningSequence": "EP",
    "SequenceVariant": "SK",
    "SeriesDescription": "Resting_5_ep2d_task_bold",
    "SeriesNumber": 35,
    "SliceThickness": 3,
    "SliceTiming": [
      1.225,
      0.0,
      1.2806818181818183,
      0.055681818181818186,
      1.3363636363636364,
      0.11136363636363637,
      1.3920454545454546,
      0.16704545454545455,
      1.4477272727272728,
      0.22272727272727275,
      1.5034090909090911,
      0.27840909090909094,
      1.5590909090909093,
      0.3340909090909091,
      1.6147727272727275,
      0.3897727272727273,
      1.6704545454545456,
      0.4454545454545455,
      1.7261363636363638,
      0.5011363636363637,
      1.781818181818182,
      0.5568181818181819,
      1.8375000000000001,
      0.6125,
      1.8931818181818183,
      0.6681818181818182,
      1.9488636363636365,
      0.7238636363636364,
      2.004545454545455,
      0.7795454545454547,
      2.060227272727273,
      0.8352272727272728,
      2.115909090909091,
      0.890909090909091,
      2.1715909090909093,
      0.9465909090909091,
      2.2272727272727275,
      1.0022727272727274,
      2.2829545454545457,
      1.0579545454545456,
      2.338636363636364,
      1.1136363636363638,
      2.394318181818182,
      1.169318181818182
    ],
    "SoftwareVersions": "syngo_MR_B20P",
    "SpacingBetweenSlices": 3,
    "StationName": "MRC51066",
    "TaskName": "rest",
    "TotalReadoutTime": 0.0173251,
    "dataset": "ds002898",
    "modality": "bold",
    "run_id": 5,
    "subject_id": "27",
    "task_id": "rest"
  },
  "dummy_trs": 0,
  "dvars_nstd": 35.89200422680502,
  "dvars_std": 1.1081419968049793,
  "dvars_vstd": 1.0153019927385887,
  "efc": 0.5280072013620861,
  "fber": 884.7291259765625,
  "fd_mean": 0.09579868533621953,
  "fd_num": 14,
  "fd_perc": 5.785123966942149,
  "fwhm_avg": 1.6349840116959065,
  "fwhm_x": 1.6142652631578946,
  "fwhm_y": 1.684170105263158,
  "fwhm_z": 1.6065166666666666,
  "gcor": 0.0192151,
  "gsr_x": 0.003594428300857544,
  "gsr_y": 0.015898924320936203,
  "provenance": {
    "md5sum": "1f1a7cf420a1bd5c5506d1d0eb757287",
    "settings": {
      "fd_thres": 0.2,
      "testing": false
    },
    "software": "mriqc",
    "version": "21.0.0rc2",
    "webapi_port": null,
    "webapi_url": "https://mriqc.nimh.nih.gov/api/v1"
  },
  "size_t": 242,
  "size_x": 64,
  "size_y": 64,
  "size_z": 44,
  "snr": 7.8213640877954225,
  "spacing_tr": 2.450000047683716,
  "spacing_x": 2.96875,
  "spacing_y": 2.96875,
  "spacing_z": 3.0,
  "summary_bg_k": 46.83802983226972,
  "summary_bg_mad": 11.873070775794421,
  "summary_bg_mean": 35.53052520751953,
  "summary_bg_median": 23.632230758666992,
  "summary_bg_n": 110971.0,
  "summary_bg_p05": 12.421486854553223,
  "summary_bg_p95": 95.54338455200195,
  "summary_bg_stdv": 40.13239669799805,
  "summary_fg_k": 2.6926123850419055,
  "summary_fg_mad": 83.43311407931373,
  "summary_fg_mean": 703.6531372070312,
  "summary_fg_median": 700.037109375,
  "summary_fg_n": 33262.0,
  "summary_fg_p05": 575.1425109863281,
  "summary_fg_p95": 845.0656860351562,
  "summary_fg_stdv": 89.5018539428711,
  "tsnr": 42.3883885378018
}