{
  "bids_meta": {
    "AcquisitionMatrixPE": 256,
    "AcquisitionNumber": 1,
    "AcquisitionTime": "10:57:57.142500",
    "BaseResolution": 256,
    "CoilString": "T:HEA;HEP;NEP",
    "ConversionSoftware": "dcm2niix",
    "ConversionSoftwareVersion": "v1.0.20200331",
    "DeviceSerialNumber": "51066",
    "DwellTime": 1.03e-05,
    "EchoTime": 0.00234,
    "FlipAngle": 8,
    "ImageOrientationPatientDICOM": [
      -0.0418751,
      0.999123,
      1.31011e-08,
      0.00347433,
      0.000145628,
      -0.999994
    ],
    "ImageType": [
      "ORIGINAL",
      "PRIMARY",
      "M",
      "ND",
      "NORM"
    ],
    "ImagingFrequency": 123.24,
    "InPlanePhaseEncodingDirectionDICOM": "ROW",
    "InstitutionAddress": "Blackburn_Road_770_Clayton_Victoria_AU_3168",
    "InstitutionName": "Monash_Biomedical_Imaging",
    "InstitutionalDepartmentName": "Department",
    "InversionTime": 0.9,
    "MRAcquisitionType": "3D",
    "MagneticFieldStrength": 3,
    "Manufacturer": "Siemens",
    "ManufacturersModelName": "Biograph_mMR",
    "Modality": "MR",
    "ParallelReductionFactorInPlane": 2,
    "PartialFourier": 1,
    "PatientPosition": "HFS",
    "PercentPhaseFOV": 100,
    "PercentSampling": 100,
    "PhaseEncodingSteps": 255,
    "PhaseResolution": 1,
    "PixelBandwidth": 190,
    "ProcedureStepDescription": "MR-PET_Scan",
    "ProtocolName": "Head_t1_mprage_sag_1_iso",
    "PulseSequenceDetails": "%SiemensSeq%_tfl",
    "ReceiveCoilName": "HeadNeck_MRPET",
    "ReconMatrixPE": 256,
    "RefLinesPE": 24,
    "RepetitionTime": 1.64,
    "SAR": 0.0587017,
    "ScanOptions": "IR",
    "ScanningSequence": "GR_IR",
    "SequenceName": "_tfl3d1_ns",
    "SequenceVariant": "SP_MP",
    "SeriesDescription": "Head_t1_mprage_sag_1_iso",
    "SeriesNumber": 14,
    "ShimSetting": [
      -8356,
      -914,
      -4234,
      -36,
      -238,
      48,
      -320,
      -142
    ],
    "SliceThickness": 1,
    "SoftwareVersions": "syngo_MR_B20P",
    "StationName": "MRC51066",
    "TxRefAmp": 293.219,
    "dataset": "ds002898",
    "modality": "T1w",
    "subject_id": "03"
  },
  "cjv": 0.47766998305859926,
  "cnr": 2.8762453653640616,
  "efc": 0.5547287563087477,
  "fber": 1747.6092308610891,
  "fwhm_avg": 3.641413333333333,
  "fwhm_x": 3.57901,
  "fwhm_y": 3.59543,
  "fwhm_z": 3.7498,
  "icvs_csf": 0.189416811744047,
  "icvs_gm": 0.43008696906241395,
  "icvs_wm": 0.38049621919353904,
  "inu_med": 1.5960121154785156,
  "inu_range": 0.48903278112411486,
  "provenance": {
    "md5sum": "27fa6ed50afa1258e27d83e4fb4d5cc2",
    "settings": {
      "testing": false
    },
    "software": "mriqc",
    "version": "21.0.0rc2",
    "warnings": {
      "large_rot_frame": true,
      "small_air_mask": false
    },
    "webapi_port": null,
    "webapi_url": "https://mriqc.nimh.nih.gov/api/v1"
  },
  "qi_1": 0.0,
  "qi_2": 0.004747514855541066,
  "rpve_csf": 31.243679840367243,
  "rpve_gm": 14.780833830897432,
  "rpve_wm": 19.476471988033722,
  "size_x": 176,
  "size_y": 256,
  "size_z": 256,
  "snr_csf": 3.2559156397785682,
  "snr_gm": 12.212785553667297,
  "snr_total": 10.743185350494736,
  "snr_wm": 16.760854858038346,
  "snrd_csf": 20.90596490743825,
  "snrd_gm": 42.518942249510395,
  "snrd_total": 40.011666671132794,
  "snrd_wm": 56.610092856449754,
  "spacing_x": 1.0,
  "spacing_y": 1.0,
  "spacing_z": 1.0,
  "summary_bg_k": 3.6260844846719475,
  "summary_bg_mad": 11.572783877679118,
  "summary_bg_mean": 17.75892772090663,
  "summary_bg_median": 15.727088570594788,
  "summary_bg_n": 3167949.0,
  "summary_bg_p05": 2.6597282141447067,
  "summary_bg_p95": 40.9945066049695,
  "summary_bg_stdv": 12.162443671121977,
  "summary_csf_k": 26.800045716562988,
  "summary_csf_mad": 97.12566024748475,
  "summary_csf_mean": 388.54020776977933,
  "summary_csf_median": 369.2974805161357,
  "summary_csf_n": 16556.0,
  "summary_csf_p05": 250.9973951652646,
  "summary_csf_p95": 579.3581892549992,
  "summary_csf_stdv": 113.4201153297167,
  "summary_gm_k": -0.04090175974496324,
  "summary_gm_mad": 61.4643410392291,
  "summary_gm_mean": 751.8630862521121,
  "summary_gm_median": 751.0841196030378,
  "summary_gm_n": 13593.0,
  "summary_gm_p05": 649.8988071084023,
  "summary_gm_p95": 853.7149365618825,
  "summary_gm_stdv": 61.49755829148457,
  "summary_wm_k": 0.2602435214570127,
  "summary_wm_mad": 57.43529776329637,
  "summary_wm_mean": 999.306934706983,
  "summary_wm_median": 999.9999883398414,
  "summary_wm_n": 183541.0,
  "summary_wm_p05": 899.1037767380476,
  "summary_wm_p95": 1096.2127654775977,
  "summary_wm_stdv": 59.66266473989583,
  "tpm_overlap_csf": 0.1792394518852234,
  "tpm_overlap_gm": 0.44550761580467224,
  "tpm_overlap_wm": 0.506820559501648,
  "wm2max": 0.4825232492437454
}