{
  "aor": 0.0010189669421487605,
  "aqi": 0.02310361157024793,
  "bids_meta": {
    "AcquisitionMatrixPE": 64,
    "AcquisitionNumber": 1,
    "AcquisitionTime": "13:44:59.312500",
    "BandwidthPerPixelPhaseEncode": 56.818,
    "CoilString": "NN",
    "ConversionSoftware": "dcm2niix",
    "ConversionSoftwareVersion": "v1.0.20200331",
    "DerivedVendorReportedEchoSpacing": 0.000550002,
    "DeviceSerialNumber": "51066",
    "EchoTime": 0.03,
    "EffectiveEchoSpacing": 0.000275001,
    "FlipAngle": 90,
    "ImageOrientationPatientDICOM": [
      0.999631,
      0.00117429,
      0.0271533,
      2.22585e-10,
      0.999066,
      -0.0432063
    ],
    "ImageType": [
      "ORIGINAL",
      "PRIMARY",
      "M",
      "ND",
      "NORM",
      "MOSAIC"
    ],
    "ImagingFrequency": 123.24,
    "InPlanePhaseEncodingDirectionDICOM": "ROW",
    "InstitutionAddress": "Blackburn_Road_770_Clayton_Victoria_AU_3168",
    "InstitutionName": "Monash_Biomedical_Imaging",
    "MRAcquisitionType": "2D",
    "MagneticFieldStrength": 3,
    "Manufacturer": "Siemens",
    "ManufacturersModelName": "Biograph_mMR",
    "Modality": "MR",
    "ParallelReductionFactorInPlane": 2,
    "PatientPosition": "HFS",
    "PercentPhaseFOV": 100,
    "PercentSampling": 100,
    "PhaseEncodingDirection": "i",
    "PixelBandwidth": 2367,
    "ProcedureStepDescription": "MR-PET_Scan",
    "ProtocolName": "Resting_2_ep2d_task_bold",
    "ReceiveCoilActiveElements": "T:HEA;HEP",
    "ReconMatrixPE": 64,
    "RepetitionTime": 2.45,
    "ScanOptions": "FS",
    "ScanningSequence": "EP",
    "SequenceVariant": "SK",
    "SeriesDescription": "Resting_2_ep2d_task_bold",
    "SeriesNumber": 32,
    "SliceThickness": 3,
    "SliceTiming": [
      1.225,
      0.0,
      1.2806818181818183,
      0.055681818181818186,
      1.3363636363636364,
      0.11136363636363637,
      1.3920454545454546,
      0.16704545454545455,
      1.4477272727272728,
      0.22272727272727275,
      1.5034090909090911,
      0.27840909090909094,
      1.5590909090909093,
      0.3340909090909091,
      1.6147727272727275,
      0.3897727272727273,
      1.6704545454545456,
      0.4454545454545455,
      1.7261363636363638,
      0.5011363636363637,
      1.781818181818182,
      0.5568181818181819,
      1.8375000000000001,
      0.6125,
      1.8931818181818183,
      0.6681818181818182,
      1.9488636363636365,
      0.7238636363636364,
      2.004545454545455,
      0.7795454545454547,
      2.060227272727273,
      0.8352272727272728,
      2.115909090909091,
      0.890909090909091,
      2.1715909090909093,
      0.9465909090909091,
      2.2272727272727275,
      1.0022727272727274,
      2.2829545454545457,
      1.0579545454545456,
      2.338636363636364,
      1.1136363636363638,
      2.394318181818182,
      1.169318181818182
    ],
    "SoftwareVersions": "syngo_MR_B20P",
    "SpacingBetweenSlices": 3,
    "StationName": "MRC51066",
    "TaskName": "rest",
    "TotalReadoutTime": 0.0173251,
    "dataset": "ds002898",
    "modality": "bold",
    "run_id": 2,
    "subject_id": "11",
    "task_id": "rest"
  },
  "dummy_trs": 0,
  "dvars_nstd": 38.10191558892116,
  "dvars_std": 1.1069282179253104,
  "dvars_vstd": 1.001343434232365,
  "efc": 0.5223502077472594,
  "fber": 900.423095703125,
  "fd_mean": 0.1607567850365681,
  "fd_num": 54,
  "fd_perc": 22.31404958677686,
  "fwhm_avg": 1.5819321403508775,
  "fwhm_x": 1.5643048421052632,
  "fwhm_y": 1.6228715789473684,
  "fwhm_z": 1.5586200000000001,
  "gcor": 0.0427228,
  "gsr_x": 0.012269127182662487,
  "gsr_y": 0.009491514414548874,
  "provenance": {
    "md5sum": "bfd67092125a0065579b08b86961e18c",
    "settings": {
      "fd_thres": 0.2,
      "testing": false
    },
    "software": "mriqc",
    "version": "21.0.0rc2",
    "webapi_port": null,
    "webapi_url": "https://mriqc.nimh.nih.gov/api/v1"
  },
  "size_t": 242,
  "size_x": 64,
  "size_y": 64,
  "size_z": 44,
  "snr": 7.416712527820419,
  "spacing_tr": 2.450000047683716,
  "spacing_x": 2.96875,
  "spacing_y": 2.96875,
  "spacing_z": 3.0,
  "summary_bg_k": 35.888113817135626,
  "summary_bg_mad": 12.902315209323618,
  "summary_bg_mean": 42.28774642944336,
  "summary_bg_median": 24.64049530029297,
  "summary_bg_n": 113310.0,
  "summary_bg_p05": 11.958677291870117,
  "summary_bg_p95": 134.68594360351562,
  "summary_bg_stdv": 58.21431350708008,
  "summary_fg_k": 2.1107207245430217,
  "summary_fg_mad": 92.81887112304604,
  "summary_fg_mean": 737.37060546875,
  "summary_fg_median": 731.0578002929688,
  "summary_fg_n": 30536.0,
  "summary_fg_p05": 594.6942138671875,
  "summary_fg_p95": 897.0474700927734,
  "summary_fg_stdv": 98.56736755371094,
  "tsnr": 36.619922663550824
}