{
  "bids_meta": {
    "AcquisitionMatrixPE": 256,
    "AcquisitionNumber": 1,
    "AcquisitionTime": "15:02:0.875000",
    "BaseResolution": 256,
    "CoilString": "T:HEA;HEP;NEP",
    "ConversionSoftware": "dcm2niix",
    "ConversionSoftwareVersion": "v1.0.20200331",
    "DeviceSerialNumber": "51066",
    "DwellTime": 1.03e-05,
    "EchoTime": 0.00234,
    "FlipAngle": 8,
    "ImageOrientationPatientDICOM": [
      -0.0139193,
      0.999903,
      -1.2302e-08,
      0.0312882,
      0.000435539,
      -0.99951
    ],
    "ImageType": [
      "ORIGINAL",
      "PRIMARY",
      "M",
      "ND",
      "NORM"
    ],
    "ImagingFrequency": 123.24,
    "InPlanePhaseEncodingDirectionDICOM": "ROW",
    "InstitutionAddress": "Blackburn_Road_770_Clayton_Victoria_AU_3168",
    "InstitutionName": "Monash_Biomedical_Imaging",
    "InstitutionalDepartmentName": "Department",
    "InversionTime": 0.9,
    "MRAcquisitionType": "3D",
    "MagneticFieldStrength": 3,
    "Manufacturer": "Siemens",
    "ManufacturersModelName": "Biograph_mMR",
    "Modality": "MR",
    "ParallelReductionFactorInPlane": 2,
    "PartialFourier": 1,
    "PatientPosition": "HFS",
    "PercentPhaseFOV": 100,
    "PercentSampling": 100,
    "PhaseEncodingSteps": 255,
    "PhaseResolution": 1,
    "PixelBandwidth": 190,
    "ProcedureStepDescription": "MR-PET_Scan",
    "ProtocolName": "Head_t1_mprage_sag_1_iso",
    "PulseSequenceDetails": "%SiemensSeq%_tfl",
    "ReceiveCoilName": "HeadNeck_MRPET",
    "ReconMatrixPE": 256,
    "RefLinesPE": 24,
    "RepetitionTime": 1.64,
    "SAR": 0.0591471,
    "ScanOptions": "IR",
    "ScanningSequence": "GR_IR",
    "SequenceName": "_tfl3d1_ns",
    "SequenceVariant": "SP_MP",
    "SeriesDescription": "Head_t1_mprage_sag_1_iso",
    "SeriesNumber": 11,
    "ShimSetting": [
      -8356,
      -914,
      -4234,
      -36,
      -238,
      48,
      -320,
      -142
    ],
    "SliceThickness": 1,
    "SoftwareVersions": "syngo_MR_B20P",
    "StationName": "MRC51066",
    "TxRefAmp": 294.379,
    "dataset": "ds002898",
    "modality": "T1w",
    "subject_id": "22"
  },
  "cjv": 0.469747071625478,
  "cnr": 2.898667882099834,
  "efc": 0.5668101460152167,
  "fber": 2001.7968887796555,
  "fwhm_avg": 3.8261800000000004,
  "fwhm_x": 3.78385,
  "fwhm_y": 3.69281,
  "fwhm_z": 4.00188,
  "icvs_csf": 0.1803971787196366,
  "icvs_gm": 0.43821994097337585,
  "icvs_wm": 0.3813828803069876,
  "inu_med": 1.3011958599090576,
  "inu_range": 0.4431050300598143,
  "provenance": {
    "md5sum": "bdbceb4d2823f6d56ae12fcd042be713",
    "settings": {
      "testing": false
    },
    "software": "mriqc",
    "version": "21.0.0rc2",
    "warnings": {
      "large_rot_frame": true,
      "small_air_mask": false
    },
    "webapi_port": null,
    "webapi_url": "https://mriqc.nimh.nih.gov/api/v1"
  },
  "qi_1": 0.0,
  "qi_2": 0.006039111804416149,
  "rpve_csf": 29.484275790714495,
  "rpve_gm": 13.414035886230955,
  "rpve_wm": 17.874533182474348,
  "size_x": 176,
  "size_y": 256,
  "size_z": 256,
  "snr_csf": 1.588818847393913,
  "snr_gm": 12.256973565754375,
  "snr_total": 10.566258758030832,
  "snr_wm": 17.852983860944207,
  "snrd_csf": 31.075778289139915,
  "snrd_gm": 57.936292835272994,
  "snrd_total": 55.20390161434474,
  "snrd_wm": 76.59963371862129,
  "spacing_x": 1.0,
  "spacing_y": 1.0,
  "spacing_z": 1.0,
  "summary_bg_k": 2.828117058321731,
  "summary_bg_mad": 8.553289211774024,
  "summary_bg_mean": 16.243545151602085,
  "summary_bg_median": 14.26071122288704,
  "summary_bg_n": 2638441.0,
  "summary_bg_p05": 2.852142244577408,
  "summary_bg_p95": 37.0778491795063,
  "summary_bg_stdv": 10.959852727717255,
  "summary_csf_k": 37.7274048636693,
  "summary_csf_mad": 125.60841572796235,
  "summary_csf_mean": 457.8112169145282,
  "summary_csf_median": 405.71723429113626,
  "summary_csf_n": 16004.0,
  "summary_csf_p05": 266.67529986798763,
  "summary_csf_p95": 654.3624576743691,
  "summary_csf_stdv": 255.34978972831973,
  "summary_gm_k": -0.1069925036058077,
  "summary_gm_mad": 62.17952943840218,
  "summary_gm_mean": 757.4989918505468,
  "summary_gm_median": 756.4010875448585,
  "summary_gm_n": 25547.0,
  "summary_gm_p05": 657.11412672624,
  "summary_gm_p95": 861.0682257793842,
  "summary_gm_stdv": 61.71068895876831,
  "summary_wm_k": 0.4551310185463291,
  "summary_wm_mad": 52.28077900230415,
  "summary_wm_mean": 998.453207276503,
  "summary_wm_median": 1000.0647852122784,
  "summary_wm_n": 215745.0,
  "summary_wm_p05": 902.1196276769042,
  "summary_wm_p95": 1087.7033378183842,
  "summary_wm_stdv": 56.016544645873346,
  "tpm_overlap_csf": 0.15749698877334595,
  "tpm_overlap_gm": 0.4532717168331146,
  "tpm_overlap_wm": 0.5055083632469177,
  "wm2max": 0.45735856898466365
}