{
  "bids_meta": {
    "AcquisitionMatrixPE": 256,
    "AcquisitionNumber": 1,
    "AcquisitionTime": "12:30:45.210000",
    "BaseResolution": 256,
    "CoilString": "T:HEA;HEP",
    "ConversionSoftware": "dcm2niix",
    "ConversionSoftwareVersion": "v1.0.20200331",
    "DeviceSerialNumber": "51066",
    "DwellTime": 1.03e-05,
    "EchoTime": 0.00234,
    "FlipAngle": 8,
    "ImageOrientationPatientDICOM": [
      -0.00519308,
      0.999987,
      -1.80893e-08,
      0.0312909,
      0.00016248,
      -0.99951
    ],
    "ImageType": [
      "ORIGINAL",
      "PRIMARY",
      "M",
      "ND",
      "NORM"
    ],
    "ImagingFrequency": 123.24,
    "InPlanePhaseEncodingDirectionDICOM": "ROW",
    "InstitutionAddress": "Blackburn_Road_770_Clayton_Victoria_AU_3168",
    "InstitutionName": "Monash_Biomedical_Imaging",
    "InstitutionalDepartmentName": "Department",
    "InversionTime": 0.9,
    "MRAcquisitionType": "3D",
    "MagneticFieldStrength": 3,
    "Manufacturer": "Siemens",
    "ManufacturersModelName": "Biograph_mMR",
    "Modality": "MR",
    "ParallelReductionFactorInPlane": 2,
    "PartialFourier": 1,
    "PatientPosition": "HFS",
    "PercentPhaseFOV": 100,
    "PercentSampling": 100,
    "PhaseEncodingSteps": 255,
    "PhaseResolution": 1,
    "PixelBandwidth": 190,
    "ProcedureStepDescription": "MR-PET_Scan",
    "ProtocolName": "Head_t1_mprage_sag_1_iso",
    "PulseSequenceDetails": "%SiemensSeq%_tfl",
    "ReceiveCoilName": "HeadNeck_MRPET",
    "ReconMatrixPE": 256,
    "RefLinesPE": 24,
    "RepetitionTime": 1.64,
    "SAR": 0.0553498,
    "ScanOptions": "IR",
    "ScanningSequence": "GR_IR",
    "SequenceName": "_tfl3d1_ns",
    "SequenceVariant": "SP_MP",
    "SeriesDescription": "Head_t1_mprage_sag_1_iso",
    "SeriesNumber": 10,
    "ShimSetting": [
      -8356,
      -914,
      -4234,
      -36,
      -238,
      48,
      -320,
      -142
    ],
    "SliceThickness": 1,
    "SoftwareVersions": "syngo_MR_B20P",
    "StationName": "MRC51066",
    "TxRefAmp": 285.428,
    "dataset": "ds002898",
    "modality": "T1w",
    "subject_id": "01"
  },
  "cjv": 0.4661181695992121,
  "cnr": 2.9507910648935725,
  "efc": 0.5450645143288803,
  "fber": 1435.0274949780862,
  "fwhm_avg": 3.76902,
  "fwhm_x": 3.70909,
  "fwhm_y": 3.70687,
  "fwhm_z": 3.8911,
  "icvs_csf": 0.19433039306689634,
  "icvs_gm": 0.41791932540302124,
  "icvs_wm": 0.3877502815300824,
  "inu_med": 1.4671796560287476,
  "inu_range": 0.4900113344192505,
  "provenance": {
    "md5sum": "09978721690d9a29967258becb28cbc5",
    "settings": {
      "testing": false
    },
    "software": "mriqc",
    "version": "21.0.0rc2",
    "warnings": {
      "large_rot_frame": true,
      "small_air_mask": false
    },
    "webapi_port": null,
    "webapi_url": "https://mriqc.nimh.nih.gov/api/v1"
  },
  "qi_1": 0.0,
  "qi_2": 0.0049892239510475325,
  "rpve_csf": 27.21616900109571,
  "rpve_gm": 13.355590302904993,
  "rpve_wm": 17.131393981466243,
  "size_x": 176,
  "size_y": 256,
  "size_z": 256,
  "snr_csf": 1.8387380051254336,
  "snr_gm": 11.757693734790506,
  "snr_total": 10.458683375046869,
  "snr_wm": 17.779618385224666,
  "snrd_csf": 18.548471222620133,
  "snrd_gm": 39.306356303471176,
  "snrd_total": 36.82474265790622,
  "snrd_wm": 52.61940044762735,
  "spacing_x": 1.0,
  "spacing_y": 1.0,
  "spacing_z": 1.0,
  "summary_bg_k": 2.5132650623915067,
  "summary_bg_mad": 12.451309269818326,
  "summary_bg_mean": 18.339469858021985,
  "summary_bg_median": 17.065305933356285,
  "summary_bg_n": 3445055.0,
  "summary_bg_p05": 2.821822240948677,
  "summary_bg_p95": 41.58828493207693,
  "summary_bg_stdv": 12.334648909257464,
  "summary_csf_k": 51.93133852870423,
  "summary_csf_mad": 106.1847654530107,
  "summary_csf_mean": 401.52153331579353,
  "summary_csf_median": 352.5262213870883,
  "summary_csf_n": 22995.0,
  "summary_csf_p05": 242.79092933610082,
  "summary_csf_p95": 619.7460689805448,
  "summary_csf_stdv": 191.7176645292806,
  "summary_gm_k": -0.06640258018471679,
  "summary_gm_mad": 64.24875583226256,
  "summary_gm_mean": 747.6090265204706,
  "summary_gm_median": 747.0438451692462,
  "summary_gm_n": 20002.0,
  "summary_gm_p05": 643.5132027361542,
  "summary_gm_p95": 853.463496087119,
  "summary_gm_stdv": 63.53500844274541,
  "summary_wm_k": 0.3116455634852535,
  "summary_wm_mad": 53.69004557145663,
  "summary_wm_mean": 999.0240116403008,
  "summary_wm_median": 1000.0672394409776,
  "summary_wm_n": 217705.0,
  "summary_wm_p05": 903.8565382733941,
  "summary_wm_p95": 1089.626502469182,
  "summary_wm_stdv": 56.24782944886547,
  "tpm_overlap_csf": 0.1736087054014206,
  "tpm_overlap_gm": 0.45249658823013306,
  "tpm_overlap_wm": 0.51055508852005,
  "wm2max": 0.45285831634670964
}