{
  "bids_meta": {
    "AcquisitionMatrixPE": 256,
    "AcquisitionNumber": 1,
    "AcquisitionTime": "15:24:16.440000",
    "BaseResolution": 256,
    "CoilString": "T:HEA;HEP;NEP",
    "ConversionSoftware": "dcm2niix",
    "ConversionSoftwareVersion": "v1.0.20200331",
    "DeviceSerialNumber": "51066",
    "DwellTime": 1.03e-05,
    "EchoTime": 0.00234,
    "FlipAngle": 8,
    "ImageOrientationPatientDICOM": [
      -0.024414,
      0.999702,
      1.53883e-09,
      -0.0122561,
      -0.000299308,
      -0.999925
    ],
    "ImageType": [
      "ORIGINAL",
      "PRIMARY",
      "M",
      "ND",
      "NORM"
    ],
    "ImagingFrequency": 123.24,
    "InPlanePhaseEncodingDirectionDICOM": "ROW",
    "InstitutionAddress": "Blackburn_Road_770_Clayton_Victoria_AU_3168",
    "InstitutionName": "Monash_Biomedical_Imaging",
    "InstitutionalDepartmentName": "Department",
    "InversionTime": 0.9,
    "MRAcquisitionType": "3D",
    "MagneticFieldStrength": 3,
    "Manufacturer": "Siemens",
    "ManufacturersModelName": "Biograph_mMR",
    "Modality": "MR",
    "ParallelReductionFactorInPlane": 2,
    "PartialFourier": 1,
    "PatientPosition": "HFS",
    "PercentPhaseFOV": 100,
    "PercentSampling": 100,
    "PhaseEncodingSteps": 255,
    "PhaseResolution": 1,
    "PixelBandwidth": 190,
    "ProcedureStepDescription": "MR-PET_Scan",
    "ProtocolName": "Head_t1_mprage_sag_1_iso",
    "PulseSequenceDetails": "%SiemensSeq%_tfl",
    "ReceiveCoilName": "HeadNeck_MRPET",
    "ReconMatrixPE": 256,
    "RefLinesPE": 24,
    "RepetitionTime": 1.64,
    "SAR": 0.0539948,
    "ScanOptions": "IR",
    "ScanningSequence": "GR_IR",
    "SequenceName": "_tfl3d1_ns",
    "SequenceVariant": "SP_MP",
    "SeriesDescription": "Head_t1_mprage_sag_1_iso",
    "SeriesNumber": 11,
    "ShimSetting": [
      -8356,
      -914,
      -4234,
      -36,
      -238,
      48,
      -320,
      -142
    ],
    "SliceThickness": 1,
    "SoftwareVersions": "syngo_MR_B20P",
    "StationName": "MRC51066",
    "TxRefAmp": 300.122,
    "dataset": "ds002898",
    "modality": "T1w",
    "subject_id": "20"
  },
  "cjv": 0.5499665817024671,
  "cnr": 2.5409006294861785,
  "efc": 0.5714096499108202,
  "fber": 2283.9011678890306,
  "fwhm_avg": 4.0263333333333335,
  "fwhm_x": 3.96372,
  "fwhm_y": 3.95868,
  "fwhm_z": 4.1566,
  "icvs_csf": 0.17744093174893058,
  "icvs_gm": 0.4478857890258361,
  "icvs_wm": 0.3746732792252333,
  "inu_med": 1.3816179037094116,
  "inu_range": 0.6297681331634521,
  "provenance": {
    "md5sum": "67f7815bcf3aa6fd9a39fff3f095d645",
    "settings": {
      "testing": false
    },
    "software": "mriqc",
    "version": "21.0.0rc2",
    "warnings": {
      "large_rot_frame": true,
      "small_air_mask": false
    },
    "webapi_port": null,
    "webapi_url": "https://mriqc.nimh.nih.gov/api/v1"
  },
  "qi_1": 0.0,
  "qi_2": 0.004554653213904846,
  "rpve_csf": 25.36466987028877,
  "rpve_gm": 11.210968496132795,
  "rpve_wm": 15.349241441891309,
  "size_x": 176,
  "size_y": 256,
  "size_z": 256,
  "snr_csf": 1.4712094484501943,
  "snr_gm": 11.98848106052572,
  "snr_total": 9.790632439240374,
  "snr_wm": 15.912206808745209,
  "snrd_csf": 31.827188052515787,
  "snrd_gm": 60.032100226931945,
  "snrd_total": 56.607508746674036,
  "snrd_wm": 77.96323796057439,
  "spacing_x": 1.0,
  "spacing_y": 1.0,
  "spacing_z": 1.0,
  "summary_bg_k": 3.1347223002733218,
  "summary_bg_mad": 8.40314518278839,
  "summary_bg_mean": 16.04655010369777,
  "summary_bg_median": 14.02043467760086,
  "summary_bg_n": 3483745.0,
  "summary_bg_p05": 2.7593408674001694,
  "summary_bg_p95": 36.54262229800224,
  "summary_bg_stdv": 10.894190841962656,
  "summary_csf_k": 23.055010535712444,
  "summary_csf_mad": 123.8358237463552,
  "summary_csf_mean": 465.16451606928945,
  "summary_csf_median": 408.23329481482506,
  "summary_csf_n": 15459.0,
  "summary_csf_p05": 263.4723067685962,
  "summary_csf_p95": 699.6868095144629,
  "summary_csf_stdv": 277.4724504993692,
  "summary_gm_k": -0.08542451452623245,
  "summary_gm_mad": 64.68210436751589,
  "summary_gm_mean": 770.4655242012675,
  "summary_gm_median": 770.0052555650473,
  "summary_gm_n": 29457.0,
  "summary_gm_p05": 665.5082711488009,
  "summary_gm_p95": 876.9483583718538,
  "summary_gm_stdv": 64.22766834088421,
  "summary_wm_k": 0.041622603344092735,
  "summary_wm_mad": 61.807344173404076,
  "summary_wm_mean": 998.2128238427322,
  "summary_wm_median": 1000.0000457018614,
  "summary_wm_n": 235323.0,
  "summary_wm_p05": 891.1179466098547,
  "summary_wm_p95": 1098.9634330272675,
  "summary_wm_stdv": 62.84470362782921,
  "tpm_overlap_csf": 0.15704551339149475,
  "tpm_overlap_gm": 0.45768752694129944,
  "tpm_overlap_wm": 0.5031533241271973,
  "wm2max": 0.4183014120753035
}