{
  "bids_meta": {
    "AcquisitionMatrixPE": 256,
    "AcquisitionNumber": 1,
    "AcquisitionTime": "14:38:13.005000",
    "BaseResolution": 256,
    "CoilString": "T:HEA;HEP;NEP",
    "ConversionSoftware": "dcm2niix",
    "ConversionSoftwareVersion": "v1.0.20200331",
    "DeviceSerialNumber": "51066",
    "DwellTime": 1.03e-05,
    "EchoTime": 0.00234,
    "FlipAngle": 8,
    "ImageOrientationPatientDICOM": [
      0.00350448,
      0.999994,
      4.93732e-08,
      0.00167795,
      -5.83101e-06,
      -0.999999
    ],
    "ImageType": [
      "ORIGINAL",
      "PRIMARY",
      "M",
      "ND",
      "NORM"
    ],
    "ImagingFrequency": 123.24,
    "InPlanePhaseEncodingDirectionDICOM": "ROW",
    "InstitutionAddress": "Blackburn_Road_770_Clayton_Victoria_AU_3168",
    "InstitutionName": "Monash_Biomedical_Imaging",
    "InstitutionalDepartmentName": "Department",
    "InversionTime": 0.9,
    "MRAcquisitionType": "3D",
    "MagneticFieldStrength": 3,
    "Manufacturer": "Siemens",
    "ManufacturersModelName": "Biograph_mMR",
    "Modality": "MR",
    "ParallelReductionFactorInPlane": 2,
    "PartialFourier": 1,
    "PatientPosition": "HFS",
    "PercentPhaseFOV": 100,
    "PercentSampling": 100,
    "PhaseEncodingSteps": 255,
    "PhaseResolution": 1,
    "PixelBandwidth": 190,
    "ProcedureStepDescription": "MR-PET_Scan",
    "ProtocolName": "Head_t1_mprage_sag_1_iso",
    "PulseSequenceDetails": "%SiemensSeq%_tfl",
    "ReceiveCoilName": "HeadNeck_MRPET",
    "ReconMatrixPE": 256,
    "RefLinesPE": 24,
    "RepetitionTime": 1.64,
    "SAR": 0.0564573,
    "ScanOptions": "IR",
    "ScanningSequence": "GR_IR",
    "SequenceName": "_tfl3d1_ns",
    "SequenceVariant": "SP_MP",
    "SeriesDescription": "Head_t1_mprage_sag_1_iso",
    "SeriesNumber": 10,
    "ShimSetting": [
      -8356,
      -914,
      -4234,
      -36,
      -238,
      48,
      -320,
      -142
    ],
    "SliceThickness": 1,
    "SoftwareVersions": "syngo_MR_B20P",
    "StationName": "MRC51066",
    "TxRefAmp": 298.137,
    "dataset": "ds002898",
    "modality": "T1w",
    "subject_id": "08"
  },
  "cjv": 0.4928075544340763,
  "cnr": 2.774168429167638,
  "efc": 0.5866843708739904,
  "fber": 1556.7489081540089,
  "fwhm_avg": 3.8477599999999996,
  "fwhm_x": 3.80037,
  "fwhm_y": 3.73405,
  "fwhm_z": 4.00886,
  "icvs_csf": 0.19706581672253373,
  "icvs_gm": 0.4270810056583025,
  "icvs_wm": 0.37585317761916376,
  "inu_med": 1.3421013355255127,
  "inu_range": 0.5244748890399933,
  "provenance": {
    "md5sum": "8e47f399d24c1160046c6533b16bf8dc",
    "settings": {
      "testing": false
    },
    "software": "mriqc",
    "version": "21.0.0rc2",
    "warnings": {
      "large_rot_frame": true,
      "small_air_mask": false
    },
    "webapi_port": null,
    "webapi_url": "https://mriqc.nimh.nih.gov/api/v1"
  },
  "qi_1": 0.0,
  "qi_2": 0.0029876283508476586,
  "rpve_csf": 26.41641845108865,
  "rpve_gm": 12.959615779272603,
  "rpve_wm": 17.24416659010779,
  "size_x": 176,
  "size_y": 256,
  "size_z": 256,
  "snr_csf": 3.5721230370861923,
  "snr_gm": 12.540722690973777,
  "snr_total": 11.264786861318237,
  "snr_wm": 17.681514855894743,
  "snrd_csf": 19.420747813849694,
  "snrd_gm": 40.26498941350244,
  "snrd_total": 37.422210249245346,
  "snrd_wm": 52.58089352038389,
  "spacing_x": 1.0,
  "spacing_y": 1.0,
  "spacing_z": 1.0,
  "summary_bg_k": 5.304530357541406,
  "summary_bg_mad": 12.459590365279563,
  "summary_bg_mean": 20.497459429952436,
  "summary_bg_median": 16.867759600281715,
  "summary_bg_n": 2910720.0,
  "summary_bg_p05": 2.8212978690862656,
  "summary_bg_p95": 47.30176001787186,
  "summary_bg_stdv": 14.199585897455606,
  "summary_csf_k": 0.5182033719976702,
  "summary_csf_mad": 90.77701551846539,
  "summary_csf_mean": 393.28691650274624,
  "summary_csf_median": 369.3499103933573,
  "summary_csf_n": 18824.0,
  "summary_csf_p05": 262.74987165257335,
  "summary_csf_p95": 594.8646529354154,
  "summary_csf_stdv": 103.3951226810496,
  "summary_gm_k": -0.0010601703863022394,
  "summary_gm_mad": 60.6070074196813,
  "summary_gm_mean": 766.4409905807489,
  "summary_gm_median": 765.7722748070955,
  "summary_gm_n": 20473.0,
  "summary_gm_p05": 666.2224793583155,
  "summary_gm_p95": 867.8432300537823,
  "summary_gm_stdv": 61.06135917712341,
  "summary_wm_k": 0.20912866707647249,
  "summary_wm_mad": 54.82219760723007,
  "summary_wm_mean": 998.9467170190275,
  "summary_wm_median": 1000.0000255554914,
  "summary_wm_n": 217979.0,
  "summary_wm_p05": 903.6557047069073,
  "summary_wm_p95": 1090.4016125947237,
  "summary_wm_stdv": 56.55611184357738,
  "tpm_overlap_csf": 0.1904556155204773,
  "tpm_overlap_gm": 0.4615750312805176,
  "tpm_overlap_wm": 0.5144171118736267,
  "wm2max": 0.45335546726174275
}