{
  "bids_meta": {
    "AcquisitionMatrixPE": 256,
    "AcquisitionNumber": 1,
    "AcquisitionTime": "14:45:48.147500",
    "BaseResolution": 256,
    "CoilString": "T:HEA;HEP;NEP",
    "ConversionSoftware": "dcm2niix",
    "ConversionSoftwareVersion": "v1.0.20200331",
    "DeviceSerialNumber": "51066",
    "DwellTime": 1.03e-05,
    "EchoTime": 0.00234,
    "FlipAngle": 8,
    "ImageOrientationPatientDICOM": [
      -0.102701,
      0.994712,
      -1.08851e-08,
      -0.00513442,
      -0.000530124,
      -0.999987
    ],
    "ImageType": [
      "ORIGINAL",
      "PRIMARY",
      "M",
      "ND",
      "NORM"
    ],
    "ImagingFrequency": 123.24,
    "InPlanePhaseEncodingDirectionDICOM": "ROW",
    "InstitutionAddress": "Blackburn_Road_770_Clayton_Victoria_AU_3168",
    "InstitutionName": "Monash_Biomedical_Imaging",
    "InstitutionalDepartmentName": "Department",
    "InversionTime": 0.9,
    "MRAcquisitionType": "3D",
    "MagneticFieldStrength": 3,
    "Manufacturer": "Siemens",
    "ManufacturersModelName": "Biograph_mMR",
    "Modality": "MR",
    "ParallelReductionFactorInPlane": 2,
    "PartialFourier": 1,
    "PatientPosition": "HFS",
    "PercentPhaseFOV": 100,
    "PercentSampling": 100,
    "PhaseEncodingSteps": 255,
    "PhaseResolution": 1,
    "PixelBandwidth": 190,
    "ProcedureStepDescription": "MR-PET_Scan",
    "ProtocolName": "Head_t1_mprage_sag_1_iso",
    "PulseSequenceDetails": "%SiemensSeq%_tfl",
    "ReceiveCoilName": "HeadNeck_MRPET",
    "ReconMatrixPE": 256,
    "RefLinesPE": 24,
    "RepetitionTime": 1.64,
    "SAR": 0.0544648,
    "ScanOptions": "IR",
    "ScanningSequence": "GR_IR",
    "SequenceName": "_tfl3d1_ns",
    "SequenceVariant": "SP_MP",
    "SeriesDescription": "Head_t1_mprage_sag_1_iso",
    "SeriesNumber": 10,
    "ShimSetting": [
      -8356,
      -914,
      -4234,
      -36,
      -238,
      48,
      -320,
      -142
    ],
    "SliceThickness": 1,
    "SoftwareVersions": "syngo_MR_B20P",
    "StationName": "MRC51066",
    "TxRefAmp": 289.283,
    "dataset": "ds002898",
    "modality": "T1w",
    "subject_id": "27"
  },
  "cjv": 0.4760023233176789,
  "cnr": 2.8354830402809053,
  "efc": 0.5293223481305316,
  "fber": 2013.9945855893377,
  "fwhm_avg": 3.748163333333333,
  "fwhm_x": 3.69384,
  "fwhm_y": 3.62801,
  "fwhm_z": 3.92264,
  "icvs_csf": 0.18339289664204678,
  "icvs_gm": 0.44742723340459895,
  "icvs_wm": 0.3691798699533543,
  "inu_med": 1.3273563385009766,
  "inu_range": 0.48470709323883066,
  "provenance": {
    "md5sum": "6d2c1978b79702417bcceb435ca41ecd",
    "settings": {
      "testing": false
    },
    "software": "mriqc",
    "version": "21.0.0rc2",
    "warnings": {
      "large_rot_frame": true,
      "small_air_mask": false
    },
    "webapi_port": null,
    "webapi_url": "https://mriqc.nimh.nih.gov/api/v1"
  },
  "qi_1": 0.0,
  "qi_2": 0.005124165792166616,
  "rpve_csf": 32.91233473600818,
  "rpve_gm": 14.857287800501302,
  "rpve_wm": 20.38257203842049,
  "size_x": 176,
  "size_y": 256,
  "size_z": 256,
  "snr_csf": 2.060345413719929,
  "snr_gm": 12.69638854467763,
  "snr_total": 10.562848499990002,
  "snr_wm": 16.931811541572447,
  "snrd_csf": 19.951007139825112,
  "snrd_gm": 40.32916762557487,
  "snrd_total": 37.80307111433086,
  "snrd_wm": 53.1290385775926,
  "spacing_x": 1.0,
  "spacing_y": 1.0,
  "spacing_z": 1.0,
  "summary_bg_k": 2.963281915715706,
  "summary_bg_mad": 12.33104120854262,
  "summary_bg_mean": 18.54291530669148,
  "summary_bg_median": 16.84225083142519,
  "summary_bg_n": 3455242.0,
  "summary_bg_p05": 2.8416966423392296,
  "summary_bg_p95": 42.278901264071465,
  "summary_bg_stdv": 12.522812111164933,
  "summary_csf_k": 49.27016964215164,
  "summary_csf_mad": 98.5455709916031,
  "summary_csf_mean": 412.9968600885054,
  "summary_csf_median": 375.5198148339987,
  "summary_csf_n": 14272.0,
  "summary_csf_p05": 261.5747104436159,
  "summary_csf_p95": 611.3043955065308,
  "summary_csf_stdv": 182.25422605351417,
  "summary_gm_k": -0.02596695095168222,
  "summary_gm_mad": 59.80554986143171,
  "summary_gm_mean": 759.7838274985114,
  "summary_gm_median": 759.0795518755913,
  "summary_gm_n": 22624.0,
  "summary_gm_p05": 662.8084144070745,
  "summary_gm_p95": 859.1627214252949,
  "summary_gm_stdv": 59.785723557445436,
  "summary_wm_k": 0.4037148232570451,
  "summary_wm_mad": 54.87313337801466,
  "summary_wm_mean": 996.927008362787,
  "summary_wm_median": 999.9999794065952,
  "summary_wm_n": 177171.0,
  "summary_wm_p05": 892.0155069977045,
  "summary_wm_p95": 1088.716362386942,
  "summary_wm_stdv": 59.06025795379905,
  "tpm_overlap_csf": 0.17116178572177887,
  "tpm_overlap_gm": 0.4541715979576111,
  "tpm_overlap_wm": 0.5017576813697815,
  "wm2max": 0.4472850829355104
}