{
  "bids_meta": {
    "AcquisitionMatrixPE": 256,
    "AcquisitionNumber": 1,
    "AcquisitionTime": "12:50:32.070000",
    "BaseResolution": 256,
    "CoilString": "T:HEA;HEP;NEP",
    "ConversionSoftware": "dcm2niix",
    "ConversionSoftwareVersion": "v1.0.20200331",
    "DeviceSerialNumber": "51066",
    "DwellTime": 1.03e-05,
    "EchoTime": 0.00234,
    "FlipAngle": 8,
    "ImageOrientationPatientDICOM": [
      0.0140023,
      0.999902,
      7.09328e-09,
      0.0243109,
      -0.000340435,
      -0.999704
    ],
    "ImageType": [
      "ORIGINAL",
      "PRIMARY",
      "M",
      "ND",
      "NORM"
    ],
    "ImagingFrequency": 123.24,
    "InPlanePhaseEncodingDirectionDICOM": "ROW",
    "InstitutionAddress": "Blackburn_Road_770_Clayton_Victoria_AU_3168",
    "InstitutionName": "Monash_Biomedical_Imaging",
    "InstitutionalDepartmentName": "Department",
    "InversionTime": 0.9,
    "MRAcquisitionType": "3D",
    "MagneticFieldStrength": 3,
    "Manufacturer": "Siemens",
    "ManufacturersModelName": "Biograph_mMR",
    "Modality": "MR",
    "ParallelReductionFactorInPlane": 2,
    "PartialFourier": 1,
    "PatientPosition": "HFS",
    "PercentPhaseFOV": 100,
    "PercentSampling": 100,
    "PhaseEncodingSteps": 255,
    "PhaseResolution": 1,
    "PixelBandwidth": 190,
    "ProcedureStepDescription": "MR-PET_Scan",
    "ProtocolName": "Head_t1_mprage_sag_1_iso",
    "PulseSequenceDetails": "%SiemensSeq%_tfl",
    "ReceiveCoilName": "HeadNeck_MRPET",
    "ReconMatrixPE": 256,
    "RefLinesPE": 24,
    "RepetitionTime": 1.64,
    "SAR": 0.0522724,
    "ScanOptions": "IR",
    "ScanningSequence": "GR_IR",
    "SequenceName": "_tfl3d1_ns",
    "SequenceVariant": "SP_MP",
    "SeriesDescription": "Head_t1_mprage_sag_1_iso",
    "SeriesNumber": 11,
    "ShimSetting": [
      -8356,
      -914,
      -4234,
      -36,
      -238,
      48,
      -320,
      -142
    ],
    "SliceThickness": 1,
    "SoftwareVersions": "syngo_MR_B20P",
    "StationName": "MRC51066",
    "TxRefAmp": 303.01,
    "dataset": "ds002898",
    "modality": "T1w",
    "subject_id": "02"
  },
  "cjv": 0.7301444035951501,
  "cnr": 1.9474541908259748,
  "efc": 0.578365496269196,
  "fber": 2017.3030477372859,
  "fwhm_avg": 3.85185,
  "fwhm_x": 3.72367,
  "fwhm_y": 3.84428,
  "fwhm_z": 3.9876,
  "icvs_csf": 0.18566221249494205,
  "icvs_gm": 0.4221952207015253,
  "icvs_wm": 0.39214256680353266,
  "inu_med": 1.620167851448059,
  "inu_range": 0.7430128335952759,
  "provenance": {
    "md5sum": "e67ea0cb51c6b3edc9c60c6eb1533373",
    "settings": {
      "testing": false
    },
    "software": "mriqc",
    "version": "21.0.0rc2",
    "warnings": {
      "large_rot_frame": true,
      "small_air_mask": false
    },
    "webapi_port": null,
    "webapi_url": "https://mriqc.nimh.nih.gov/api/v1"
  },
  "qi_1": 0.0,
  "qi_2": 0.004499618802208601,
  "rpve_csf": 25.62844861361423,
  "rpve_gm": 12.133359691396942,
  "rpve_wm": 15.296119561831238,
  "size_x": 176,
  "size_y": 256,
  "size_z": 256,
  "snr_csf": 2.355622072572347,
  "snr_gm": 10.32504749269111,
  "snr_total": 8.655819504717508,
  "snr_wm": 13.286788948889068,
  "snrd_csf": 28.073965220347098,
  "snrd_gm": 53.85686433118084,
  "snrd_total": 50.0496279870699,
  "snrd_wm": 68.21805440968176,
  "spacing_x": 1.0,
  "spacing_y": 1.0,
  "spacing_z": 1.0,
  "summary_bg_k": 3.7289424142655445,
  "summary_bg_mad": 9.60356270667158,
  "summary_bg_mean": 19.041660704403284,
  "summary_bg_median": 15.419277280569077,
  "summary_bg_n": 3694447.0,
  "summary_bg_p05": 3.027529329061508,
  "summary_bg_p95": 44.568048030138016,
  "summary_bg_stdv": 13.224157881419137,
  "summary_csf_k": 39.71340579692128,
  "summary_csf_mad": 103.76023185251685,
  "summary_csf_mean": 442.3702804422729,
  "summary_csf_median": 411.53276577591896,
  "summary_csf_n": 18687.0,
  "summary_csf_p05": 276.01914485394957,
  "summary_csf_p95": 663.9935079902411,
  "summary_csf_stdv": 174.69769841920592,
  "summary_gm_k": -0.17605988623134516,
  "summary_gm_mad": 77.92456044054711,
  "summary_gm_mean": 791.956685216748,
  "summary_gm_median": 789.4810782968998,
  "summary_gm_n": 15834.0,
  "summary_gm_p05": 670.185861583054,
  "summary_gm_p95": 922.0586998462677,
  "summary_gm_stdv": 76.46029217108925,
  "summary_wm_k": 0.04719994263146576,
  "summary_wm_mad": 75.7846361417779,
  "summary_wm_mean": 1002.2478325260277,
  "summary_wm_median": 999.9999781548977,
  "summary_wm_n": 251561.0,
  "summary_wm_p05": 882.9824492037296,
  "summary_wm_p95": 1129.6908856928349,
  "summary_wm_stdv": 75.26257806985684,
  "tpm_overlap_csf": 0.1649959534406662,
  "tpm_overlap_gm": 0.44778934121131897,
  "tpm_overlap_wm": 0.5078233480453491,
  "wm2max": 0.4109565358415316
}