{
  "aor": 0.0020593801652892567,
  "aqi": 0.03041884132231405,
  "bids_meta": {
    "AcquisitionMatrixPE": 64,
    "AcquisitionNumber": 1,
    "AcquisitionTime": "15:35:5.540000",
    "BandwidthPerPixelPhaseEncode": 56.818,
    "CoilString": "NN",
    "ConversionSoftware": "dcm2niix",
    "ConversionSoftwareVersion": "v1.0.20200331",
    "DerivedVendorReportedEchoSpacing": 0.000550002,
    "DeviceSerialNumber": "51066",
    "EchoTime": 0.03,
    "EffectiveEchoSpacing": 0.000275001,
    "FlipAngle": 90,
    "ImageOrientationPatientDICOM": [
      0.999734,
      0.000964163,
      0.0230617,
      1.87044e-10,
      0.999127,
      -0.0417715
    ],
    "ImageType": [
      "ORIGINAL",
      "PRIMARY",
      "M",
      "ND",
      "NORM",
      "MOSAIC"
    ],
    "ImagingFrequency": 123.239,
    "InPlanePhaseEncodingDirectionDICOM": "ROW",
    "InstitutionAddress": "Blackburn_Road_770_Clayton_Victoria_AU_3168",
    "InstitutionName": "Monash_Biomedical_Imaging",
    "MRAcquisitionType": "2D",
    "MagneticFieldStrength": 3,
    "Manufacturer": "Siemens",
    "ManufacturersModelName": "Biograph_mMR",
    "Modality": "MR",
    "ParallelReductionFactorInPlane": 2,
    "PatientPosition": "HFS",
    "PercentPhaseFOV": 100,
    "PercentSampling": 100,
    "PhaseEncodingDirection": "i",
    "PixelBandwidth": 2367,
    "ProcedureStepDescription": "MR-PET_Scan",
    "ProtocolName": "Resting_1_ep2d_task_bold",
    "ReceiveCoilActiveElements": "T:HEA;HEP;NEP",
    "ReconMatrixPE": 64,
    "RepetitionTime": 2.45,
    "ScanOptions": "FS",
    "ScanningSequence": "EP",
    "SequenceVariant": "SK",
    "SeriesDescription": "Resting_1_ep2d_task_bold",
    "SeriesNumber": 31,
    "SliceThickness": 3,
    "SliceTiming": [
      1.225,
      0.0,
      1.2806818181818183,
      0.055681818181818186,
      1.3363636363636364,
      0.11136363636363637,
      1.3920454545454546,
      0.16704545454545455,
      1.4477272727272728,
      0.22272727272727275,
      1.5034090909090911,
      0.27840909090909094,
      1.5590909090909093,
      0.3340909090909091,
      1.6147727272727275,
      0.3897727272727273,
      1.6704545454545456,
      0.4454545454545455,
      1.7261363636363638,
      0.5011363636363637,
      1.781818181818182,
      0.5568181818181819,
      1.8375000000000001,
      0.6125,
      1.8931818181818183,
      0.6681818181818182,
      1.9488636363636365,
      0.7238636363636364,
      2.004545454545455,
      0.7795454545454547,
      2.060227272727273,
      0.8352272727272728,
      2.115909090909091,
      0.890909090909091,
      2.1715909090909093,
      0.9465909090909091,
      2.2272727272727275,
      1.0022727272727274,
      2.2829545454545457,
      1.0579545454545456,
      2.338636363636364,
      1.1136363636363638,
      2.394318181818182,
      1.169318181818182
    ],
    "SoftwareVersions": "syngo_MR_B20P",
    "SpacingBetweenSlices": 3,
    "StationName": "MRC51066",
    "TaskName": "rest",
    "TotalReadoutTime": 0.0173251,
    "dataset": "ds002898",
    "modality": "bold",
    "run_id": 1,
    "subject_id": "22",
    "task_id": "rest"
  },
  "dummy_trs": 0,
  "dvars_nstd": 39.37670958605806,
  "dvars_std": 1.089131633485478,
  "dvars_vstd": 1.0086097450622407,
  "efc": 0.5646240746012181,
  "fber": 719.3592529296875,
  "fd_mean": 0.14251623998219684,
  "fd_num": 30,
  "fd_perc": 12.396694214876034,
  "fwhm_avg": 1.6104627836257308,
  "fwhm_x": 1.5956075789473683,
  "fwhm_y": 1.6247141052631577,
  "fwhm_z": 1.6110666666666666,
  "gcor": 0.0273782,
  "gsr_x": 0.010624902322888374,
  "gsr_y": 0.011385956779122353,
  "provenance": {
    "md5sum": "c07a6087d3cd7108b58a220e1338dac0",
    "settings": {
      "fd_thres": 0.2,
      "testing": false
    },
    "software": "mriqc",
    "version": "21.0.0rc2",
    "webapi_port": null,
    "webapi_url": "https://mriqc.nimh.nih.gov/api/v1"
  },
  "size_t": 242,
  "size_x": 64,
  "size_y": 64,
  "size_z": 44,
  "snr": 7.313010643756941,
  "spacing_tr": 2.450000047683716,
  "spacing_x": 2.96875,
  "spacing_y": 2.96875,
  "spacing_z": 3.0,
  "summary_bg_k": 71.57126155465548,
  "summary_bg_mad": 13.7416391266536,
  "summary_bg_mean": 45.06681442260742,
  "summary_bg_median": 27.958677291870117,
  "summary_bg_n": 102793.0,
  "summary_bg_p05": 14.528924942016602,
  "summary_bg_p95": 121.15619354248042,
  "summary_bg_stdv": 67.57793426513672,
  "summary_fg_k": 1.514273975933449,
  "summary_fg_mad": 101.12326241292448,
  "summary_fg_mean": 754.9561767578125,
  "summary_fg_median": 749.218994140625,
  "summary_fg_n": 39199.0,
  "summary_fg_p05": 606.0999694824219,
  "summary_fg_p95": 921.8392028808593,
  "summary_fg_stdv": 102.44883728027344,
  "tsnr": 33.08902643783949
}