{
  "bids_meta": {
    "AcquisitionMatrixPE": 256,
    "AcquisitionNumber": 1,
    "AcquisitionTime": "14:26:35.372500",
    "BaseResolution": 256,
    "CoilString": "T:HEA;HEP",
    "ConversionSoftware": "dcm2niix",
    "ConversionSoftwareVersion": "v1.0.20200331",
    "DeviceSerialNumber": "51066",
    "DwellTime": 1.03e-05,
    "EchoTime": 0.00234,
    "FlipAngle": 8,
    "ImageOrientationPatientDICOM": [
      -0.00167535,
      0.999999,
      -1.08224e-08,
      0.0434783,
      7.28305e-05,
      -0.999054
    ],
    "ImageType": [
      "ORIGINAL",
      "PRIMARY",
      "M",
      "ND",
      "NORM"
    ],
    "ImagingFrequency": 123.24,
    "InPlanePhaseEncodingDirectionDICOM": "ROW",
    "InstitutionAddress": "Blackburn_Road_770_Clayton_Victoria_AU_3168",
    "InstitutionName": "Monash_Biomedical_Imaging",
    "InstitutionalDepartmentName": "Department",
    "InversionTime": 0.9,
    "MRAcquisitionType": "3D",
    "MagneticFieldStrength": 3,
    "Manufacturer": "Siemens",
    "ManufacturersModelName": "Biograph_mMR",
    "Modality": "MR",
    "ParallelReductionFactorInPlane": 2,
    "PartialFourier": 1,
    "PatientPosition": "HFS",
    "PercentPhaseFOV": 100,
    "PercentSampling": 100,
    "PhaseEncodingSteps": 255,
    "PhaseResolution": 1,
    "PixelBandwidth": 190,
    "ProcedureStepDescription": "MR-PET_Scan",
    "ProtocolName": "Head_t1_mprage_sag_1_iso",
    "PulseSequenceDetails": "%SiemensSeq%_tfl",
    "ReceiveCoilName": "HeadNeck_MRPET",
    "ReconMatrixPE": 256,
    "RefLinesPE": 24,
    "RepetitionTime": 1.64,
    "SAR": 0.0538672,
    "ScanOptions": "IR",
    "ScanningSequence": "GR_IR",
    "SequenceName": "_tfl3d1_ns",
    "SequenceVariant": "SP_MP",
    "SeriesDescription": "Head_t1_mprage_sag_1_iso",
    "SeriesNumber": 10,
    "ShimSetting": [
      -8356,
      -914,
      -4234,
      -36,
      -238,
      48,
      -320,
      -142
    ],
    "SliceThickness": 1,
    "SoftwareVersions": "syngo_MR_B20P",
    "StationName": "MRC51066",
    "TxRefAmp": 301.906,
    "dataset": "ds002898",
    "modality": "T1w",
    "subject_id": "04"
  },
  "cjv": 0.47352111846378747,
  "cnr": 2.8715178642095065,
  "efc": 0.5700167746784117,
  "fber": 2616.890864197531,
  "fwhm_avg": 3.9604733333333333,
  "fwhm_x": 3.82058,
  "fwhm_y": 3.9483,
  "fwhm_z": 4.11254,
  "icvs_csf": 0.1918830496924715,
  "icvs_gm": 0.42946197552016474,
  "icvs_wm": 0.37865497478736376,
  "inu_med": 1.269026279449463,
  "inu_range": 0.4962928593158722,
  "provenance": {
    "md5sum": "d894388cb57a7a2d477d4b261e394fef",
    "settings": {
      "testing": false
    },
    "software": "mriqc",
    "version": "21.0.0rc2",
    "warnings": {
      "large_rot_frame": true,
      "small_air_mask": false
    },
    "webapi_port": null,
    "webapi_url": "https://mriqc.nimh.nih.gov/api/v1"
  },
  "qi_1": 0.0,
  "qi_2": 0.004107468477518478,
  "rpve_csf": 27.681009482933618,
  "rpve_gm": 13.296014416909228,
  "rpve_wm": 17.466324184366755,
  "size_x": 176,
  "size_y": 256,
  "size_z": 256,
  "snr_csf": 3.231853270165212,
  "snr_gm": 13.002304828661908,
  "snr_total": 11.303567030358748,
  "snr_wm": 17.676542992249125,
  "snrd_csf": 25.527227808175585,
  "snrd_gm": 55.1090942353024,
  "snrd_total": 50.93467786872546,
  "snrd_wm": 72.1677115626984,
  "spacing_x": 1.0,
  "spacing_y": 1.0,
  "spacing_z": 1.0,
  "summary_bg_k": 4.985115633871965,
  "summary_bg_mad": 9.077970671570048,
  "summary_bg_mean": 15.656362673115122,
  "summary_bg_median": 12.178710646927357,
  "summary_bg_n": 3229639.0,
  "summary_bg_p05": 3.0278562381863594,
  "summary_bg_p95": 36.266989164054394,
  "summary_bg_stdv": 11.255287229859125,
  "summary_csf_k": 20.800780143006296,
  "summary_csf_mad": 82.00100980253384,
  "summary_csf_mean": 381.79724644322545,
  "summary_csf_median": 353.7208943143487,
  "summary_csf_n": 20192.0,
  "summary_csf_p05": 258.9826369062066,
  "summary_csf_p95": 586.4856604825707,
  "summary_csf_stdv": 109.44560464258078,
  "summary_gm_k": -0.017172999075663498,
  "summary_gm_mad": 58.95693040547141,
  "summary_gm_mean": 763.3554144089389,
  "summary_gm_median": 763.6253432705998,
  "summary_gm_n": 16948.0,
  "summary_gm_p05": 665.8827796172351,
  "summary_gm_p95": 858.6764791566878,
  "summary_gm_stdv": 58.72826583602664,
  "summary_wm_k": 0.34932113989014946,
  "summary_wm_mad": 52.97145523740325,
  "summary_wm_mean": 996.6368095516898,
  "summary_wm_median": 999.9999869316816,
  "summary_wm_n": 209028.0,
  "summary_wm_p05": 895.774446643889,
  "summary_wm_p95": 1083.9725332707167,
  "summary_wm_stdv": 56.57201158299445,
  "tpm_overlap_csf": 0.17921702563762665,
  "tpm_overlap_gm": 0.4454025626182556,
  "tpm_overlap_wm": 0.5099514722824097,
  "wm2max": 0.4464135528054788
}