{
  "aor": 0.00831107438016529,
  "aqi": 0.04968373842975207,
  "bids_meta": {
    "AcquisitionMatrixPE": 64,
    "AcquisitionNumber": 1,
    "AcquisitionTime": "11:37:17.260000",
    "BandwidthPerPixelPhaseEncode": 56.818,
    "CoilString": "NN",
    "ConversionSoftware": "dcm2niix",
    "ConversionSoftwareVersion": "v1.0.20200331",
    "DerivedVendorReportedEchoSpacing": 0.000550002,
    "DeviceSerialNumber": "51066",
    "EchoTime": 0.03,
    "EffectiveEchoSpacing": 0.000275001,
    "FlipAngle": 90,
    "ImageOrientationPatientDICOM": [
      1,
      1.30107e-05,
      0.000109284,
      2.04825e-10,
      0.992987,
      -0.118222
    ],
    "ImageType": [
      "ORIGINAL",
      "PRIMARY",
      "M",
      "ND",
      "NORM",
      "MOSAIC"
    ],
    "ImagingFrequency": 123.24,
    "InPlanePhaseEncodingDirectionDICOM": "ROW",
    "InstitutionAddress": "Blackburn_Road_770_Clayton_Victoria_AU_3168",
    "InstitutionName": "Monash_Biomedical_Imaging",
    "MRAcquisitionType": "2D",
    "MagneticFieldStrength": 3,
    "Manufacturer": "Siemens",
    "ManufacturersModelName": "Biograph_mMR",
    "Modality": "MR",
    "ParallelReductionFactorInPlane": 2,
    "PatientPosition": "HFS",
    "PercentPhaseFOV": 100,
    "PercentSampling": 100,
    "PhaseEncodingDirection": "i",
    "PixelBandwidth": 2367,
    "ProcedureStepDescription": "MR-PET_Scan",
    "ProtocolName": "Resting_2_ep2d_task_bold",
    "ReceiveCoilActiveElements": "T:HEA;HEP;NEP",
    "ReconMatrixPE": 64,
    "RepetitionTime": 2.45,
    "ScanOptions": "FS",
    "ScanningSequence": "EP",
    "SequenceVariant": "SK",
    "SeriesDescription": "Resting_2_ep2d_task_bold",
    "SeriesNumber": 34,
    "SliceThickness": 3,
    "SliceTiming": [
      1.225,
      0.0,
      1.2806818181818183,
      0.055681818181818186,
      1.3363636363636364,
      0.11136363636363637,
      1.3920454545454546,
      0.16704545454545455,
      1.4477272727272728,
      0.22272727272727275,
      1.5034090909090911,
      0.27840909090909094,
      1.5590909090909093,
      0.3340909090909091,
      1.6147727272727275,
      0.3897727272727273,
      1.6704545454545456,
      0.4454545454545455,
      1.7261363636363638,
      0.5011363636363637,
      1.781818181818182,
      0.5568181818181819,
      1.8375000000000001,
      0.6125,
      1.8931818181818183,
      0.6681818181818182,
      1.9488636363636365,
      0.7238636363636364,
      2.004545454545455,
      0.7795454545454547,
      2.060227272727273,
      0.8352272727272728,
      2.115909090909091,
      0.890909090909091,
      2.1715909090909093,
      0.9465909090909091,
      2.2272727272727275,
      1.0022727272727274,
      2.2829545454545457,
      1.0579545454545456,
      2.338636363636364,
      1.1136363636363638,
      2.394318181818182,
      1.169318181818182
    ],
    "SoftwareVersions": "syngo_MR_B20P",
    "SpacingBetweenSlices": 3,
    "StationName": "MRC51066",
    "TaskName": "rest",
    "TotalReadoutTime": 0.0173251,
    "dataset": "ds002898",
    "modality": "bold",
    "run_id": 2,
    "subject_id": "03",
    "task_id": "rest"
  },
  "dummy_trs": 0,
  "dvars_nstd": 50.580817147302895,
  "dvars_std": 1.1165812099585073,
  "dvars_vstd": 1.0458068518257266,
  "efc": 0.542821525859205,
  "fber": 637.9487915039062,
  "fd_mean": 0.5548422201551774,
  "fd_num": 121,
  "fd_perc": 50.0,
  "fwhm_avg": 1.7014435555555554,
  "fwhm_x": 1.7004833684210525,
  "fwhm_y": 1.7840606315789473,
  "fwhm_z": 1.6197866666666665,
  "gcor": 0.0435592,
  "gsr_x": 0.01279450673609972,
  "gsr_y": 0.017910344526171684,
  "provenance": {
    "md5sum": "69f25b8743349555ec8b93e58ca1dcd0",
    "settings": {
      "fd_thres": 0.2,
      "testing": false
    },
    "software": "mriqc",
    "version": "21.0.0rc2",
    "webapi_port": null,
    "webapi_url": "https://mriqc.nimh.nih.gov/api/v1"
  },
  "size_t": 242,
  "size_x": 64,
  "size_y": 64,
  "size_z": 44,
  "snr": 7.272347215033115,
  "spacing_tr": 2.450000047683716,
  "spacing_x": 2.96875,
  "spacing_y": 2.96875,
  "spacing_z": 3.0,
  "summary_bg_k": 62.14668165971534,
  "summary_bg_mad": 15.65309166071674,
  "summary_bg_mean": 44.99534606933594,
  "summary_bg_median": 30.301651000976562,
  "summary_bg_n": 109449.0,
  "summary_bg_p05": 14.896693229675293,
  "summary_bg_p95": 114.35784759521445,
  "summary_bg_stdv": 57.23345184326172,
  "summary_fg_k": 2.464905878755218,
  "summary_fg_mad": 91.90296790316052,
  "summary_fg_mean": 759.3850708007812,
  "summary_fg_median": 753.1941528320312,
  "summary_fg_n": 33651.0,
  "summary_fg_p05": 610.2293395996094,
  "summary_fg_p95": 926.7168884277344,
  "summary_fg_stdv": 103.56806945800781,
  "tsnr": 24.37219558545621
}