{
  "bids_meta": {
    "AcquisitionMatrixPE": 256,
    "AcquisitionNumber": 1,
    "AcquisitionTime": "10:36:3.987500",
    "BaseResolution": 256,
    "CoilString": "T:HEA;HEP",
    "ConversionSoftware": "dcm2niix",
    "ConversionSoftwareVersion": "v1.0.20200331",
    "DeviceSerialNumber": "51066",
    "DwellTime": 1.03e-05,
    "EchoTime": 0.00234,
    "FlipAngle": 8,
    "ImageOrientationPatientDICOM": [
      0.015746,
      0.999876,
      9.8108e-11,
      0.0260562,
      -0.000410331,
      -0.99966
    ],
    "ImageType": [
      "ORIGINAL",
      "PRIMARY",
      "M",
      "ND",
      "NORM"
    ],
    "ImagingFrequency": 123.24,
    "InPlanePhaseEncodingDirectionDICOM": "ROW",
    "InstitutionAddress": "Blackburn_Road_770_Clayton_Victoria_AU_3168",
    "InstitutionName": "Monash_Biomedical_Imaging",
    "InstitutionalDepartmentName": "Department",
    "InversionTime": 0.9,
    "MRAcquisitionType": "3D",
    "MagneticFieldStrength": 3,
    "Manufacturer": "Siemens",
    "ManufacturersModelName": "Biograph_mMR",
    "Modality": "MR",
    "ParallelReductionFactorInPlane": 2,
    "PartialFourier": 1,
    "PatientPosition": "HFS",
    "PercentPhaseFOV": 100,
    "PercentSampling": 100,
    "PhaseEncodingSteps": 255,
    "PhaseResolution": 1,
    "PixelBandwidth": 190,
    "ProcedureStepDescription": "MR-PET_Scan",
    "ProtocolName": "Head_t1_mprage_sag_1_iso",
    "PulseSequenceDetails": "%SiemensSeq%_tfl",
    "ReceiveCoilName": "HeadNeck_MRPET",
    "ReconMatrixPE": 256,
    "RefLinesPE": 24,
    "RepetitionTime": 1.64,
    "SAR": 0.0502328,
    "ScanOptions": "IR",
    "ScanningSequence": "GR_IR",
    "SequenceName": "_tfl3d1_ns",
    "SequenceVariant": "SP_MP",
    "SeriesDescription": "Head_t1_mprage_sag_1_iso",
    "SeriesNumber": 10,
    "ShimSetting": [
      -8356,
      -914,
      -4234,
      -36,
      -238,
      48,
      -320,
      -142
    ],
    "SliceThickness": 1,
    "SoftwareVersions": "syngo_MR_B20P",
    "StationName": "MRC51066",
    "TxRefAmp": 289.65,
    "dataset": "ds002898",
    "modality": "T1w",
    "subject_id": "09"
  },
  "cjv": 0.44804114485602947,
  "cnr": 3.061589801919951,
  "efc": 0.5403881854122986,
  "fber": 2505.2858098967604,
  "fwhm_avg": 3.8235233333333336,
  "fwhm_x": 3.80669,
  "fwhm_y": 3.75973,
  "fwhm_z": 3.90415,
  "icvs_csf": 0.1675910705419533,
  "icvs_gm": 0.44365448112826167,
  "icvs_wm": 0.38875444832978506,
  "inu_med": 1.7009193897247314,
  "inu_range": 0.5523446142673489,
  "provenance": {
    "md5sum": "248bf0585068a45af9e82ef694770006",
    "settings": {
      "testing": false
    },
    "software": "mriqc",
    "version": "21.0.0rc2",
    "warnings": {
      "large_rot_frame": true,
      "small_air_mask": false
    },
    "webapi_port": null,
    "webapi_url": "https://mriqc.nimh.nih.gov/api/v1"
  },
  "qi_1": 0.0,
  "qi_2": 0.006724918423590802,
  "rpve_csf": 33.782589092323605,
  "rpve_gm": 14.54801482684978,
  "rpve_wm": 19.236553020765136,
  "size_x": 176,
  "size_y": 256,
  "size_z": 256,
  "snr_csf": 2.7201517742844024,
  "snr_gm": 13.00928633714436,
  "snr_total": 11.690101896533543,
  "snr_wm": 19.340867578171864,
  "snrd_csf": 26.821450497844662,
  "snrd_gm": 53.07595706225649,
  "snrd_total": 49.94803844912582,
  "snrd_wm": 69.94670778727628,
  "spacing_x": 1.0,
  "spacing_y": 1.0,
  "spacing_z": 1.0,
  "summary_bg_k": 4.992667491518269,
  "summary_bg_mad": 9.366221876851808,
  "summary_bg_mean": 16.53048894665862,
  "summary_bg_median": 15.495560094714165,
  "summary_bg_n": 3285936.0,
  "summary_bg_p05": 3.099112018942833,
  "summary_bg_p95": 37.48733576759696,
  "summary_bg_stdv": 11.448879841854389,
  "summary_csf_k": 25.210777831018973,
  "summary_csf_mad": 116.81269170941594,
  "summary_csf_mean": 409.8448918295166,
  "summary_csf_median": 383.455514036119,
  "summary_csf_n": 7139.0,
  "summary_csf_p05": 246.43304398320615,
  "summary_csf_p95": 618.9343889985233,
  "summary_csf_stdv": 140.95855250871398,
  "summary_gm_k": -0.0751526364122781,
  "summary_gm_mad": 59.02486994091517,
  "summary_gm_mean": 759.2305056341554,
  "summary_gm_median": 758.8056581765413,
  "summary_gm_n": 29584.0,
  "summary_gm_p05": 663.8059551343322,
  "summary_gm_p95": 856.070096924901,
  "summary_gm_stdv": 58.327014550082346,
  "summary_wm_k": 0.37175333142753253,
  "summary_wm_mad": 49.04012397785617,
  "summary_wm_mean": 999.236315782497,
  "summary_wm_median": 1000.000010881573,
  "summary_wm_n": 208776.0,
  "summary_wm_p05": 912.3308997303247,
  "summary_wm_p95": 1083.0800523124635,
  "summary_wm_stdv": 51.70386550270297,
  "tpm_overlap_csf": 0.16306152939796448,
  "tpm_overlap_gm": 0.4644222855567932,
  "tpm_overlap_wm": 0.5189075469970703,
  "wm2max": 0.4496723835590826
}