{
  "bids_meta": {
    "AcquisitionMatrixPE": 256,
    "AcquisitionNumber": 1,
    "AcquisitionTime": "15:16:25.767500",
    "BaseResolution": 256,
    "ConversionSoftware": "dcm2niix",
    "ConversionSoftwareVersion": "v1.0.20200331",
    "DeviceSerialNumber": "51066",
    "EchoTime": 0.00234,
    "FlipAngle": 8,
    "ImageOrientationPatientDICOM": [
      -0.116656,
      0.993172,
      -3.69972e-08,
      -0.0069852,
      -0.000820502,
      -0.999975
    ],
    "ImageType": [
      "ORIGINAL",
      "PRIMARY",
      "M",
      "ND",
      "NORM"
    ],
    "ImagingFrequency": 123.24,
    "InPlanePhaseEncodingDirectionDICOM": "ROW",
    "InstitutionAddress": "Blackburn_Road_770_Clayton_Victoria_AU_3168",
    "InstitutionName": "Monash_Biomedical_Imaging",
    "InversionTime": 0.9,
    "MRAcquisitionType": "3D",
    "MagneticFieldStrength": 3,
    "Manufacturer": "Siemens",
    "ManufacturersModelName": "Biograph_mMR",
    "Modality": "MR",
    "ParallelReductionFactorInPlane": 2,
    "PartialFourier": 1,
    "PatientPosition": "HFS",
    "PercentPhaseFOV": 100,
    "PercentSampling": 100,
    "PhaseEncodingSteps": 255,
    "PhaseResolution": 1,
    "PixelBandwidth": 190,
    "ProcedureStepDescription": "MR-PET_Scan",
    "ProtocolName": "Head_t1_mprage_sag_1_iso",
    "PulseSequenceDetails": "%SiemensSeq%_tfl",
    "ReceiveCoilName": "HeadNeck_MRPET",
    "ReconMatrixPE": 256,
    "RefLinesPE": 24,
    "RepetitionTime": 1.64,
    "SAR": 0.0531735,
    "ScanOptions": "IR",
    "ScanningSequence": "GR_IR",
    "SequenceName": "_tfl3d1_ns",
    "SequenceVariant": "SP_MP",
    "SeriesDescription": "Head_t1_mprage_sag_1_iso",
    "SeriesNumber": 11,
    "ShimSetting": [
      -8356,
      -914,
      -4234,
      -36,
      -238,
      48,
      -320,
      -142
    ],
    "SliceThickness": 1,
    "SoftwareVersions": "syngo_MR_B20P",
    "StationName": "MRC51066",
    "TxRefAmp": 298.011,
    "dataset": "ds002898",
    "modality": "T1w",
    "subject_id": "18"
  },
  "cjv": 0.45569465893838534,
  "cnr": 3.0004852737206718,
  "efc": 0.5857000330086491,
  "fber": 2164.1240322559,
  "fwhm_avg": 3.7243566666666665,
  "fwhm_x": 3.64416,
  "fwhm_y": 3.77317,
  "fwhm_z": 3.75574,
  "icvs_csf": 0.19011216628413355,
  "icvs_gm": 0.4193109353795727,
  "icvs_wm": 0.3905768983362937,
  "inu_med": 1.6489719152450562,
  "inu_range": 0.5496582508087156,
  "provenance": {
    "md5sum": "0d96cd52592fa910ab92594668f464b4",
    "settings": {
      "testing": false
    },
    "software": "mriqc",
    "version": "21.0.0rc2",
    "warnings": {
      "large_rot_frame": true,
      "small_air_mask": false
    },
    "webapi_port": null,
    "webapi_url": "https://mriqc.nimh.nih.gov/api/v1"
  },
  "qi_1": 0.0,
  "qi_2": 0.005303946153183053,
  "rpve_csf": 24.326640430829023,
  "rpve_gm": 11.79315275174257,
  "rpve_wm": 15.043683575165101,
  "size_x": 176,
  "size_y": 256,
  "size_z": 256,
  "snr_csf": 2.3756325978146204,
  "snr_gm": 11.663614634871278,
  "snr_total": 10.966632560140518,
  "snr_wm": 18.860650447735654,
  "snrd_csf": 30.638806525336893,
  "snrd_gm": 59.70220490828305,
  "snrd_total": 56.713092101531515,
  "snrd_wm": 79.79826487097462,
  "spacing_x": 1.0,
  "spacing_y": 1.0,
  "spacing_z": 1.0,
  "summary_bg_k": 2.5330823987048605,
  "summary_bg_mad": 8.20990752270332,
  "summary_bg_mean": 16.422896818922172,
  "summary_bg_median": 13.723365783691406,
  "summary_bg_n": 2690431.0,
  "summary_bg_p05": 2.768749237060547,
  "summary_bg_p95": 36.956783294677734,
  "summary_bg_stdv": 10.90866661153405,
  "summary_csf_k": 24.033186175323472,
  "summary_csf_mad": 104.14089216298667,
  "summary_csf_mean": 414.3205222035665,
  "summary_csf_median": 383.95329093933105,
  "summary_csf_n": 16783.0,
  "summary_csf_p05": 252.8650526046753,
  "summary_csf_p95": 624.3950860977172,
  "summary_csf_stdv": 161.61667943347717,
  "summary_gm_k": -0.13778637894160672,
  "summary_gm_mad": 64.4299264281717,
  "summary_gm_mean": 748.8641872218028,
  "summary_gm_median": 748.1641960144043,
  "summary_gm_n": 18264.0,
  "summary_gm_p05": 644.1555290222168,
  "summary_gm_p95": 855.4833240509033,
  "summary_gm_stdv": 64.14338412384103,
  "summary_wm_k": 0.36524561774341535,
  "summary_wm_mad": 50.33030263918122,
  "summary_wm_mean": 999.3141949183484,
  "summary_wm_median": 999.9999961853027,
  "summary_wm_n": 249930.0,
  "summary_wm_p05": 910.3165969848633,
  "summary_wm_p95": 1085.048749923706,
  "summary_wm_stdv": 53.02033449982149,
  "tpm_overlap_csf": 0.1594504714012146,
  "tpm_overlap_gm": 0.43551215529441833,
  "tpm_overlap_wm": 0.49773672223091125,
  "wm2max": 0.4609238451935081
}