{
  "bids_meta": {
    "AcquisitionMatrixPE": 256,
    "AcquisitionNumber": 1,
    "AcquisitionTime": "12:37:4.385000",
    "BaseResolution": 256,
    "CoilString": "T:HEA;HEP;NEP",
    "ConversionSoftware": "dcm2niix",
    "ConversionSoftwareVersion": "v1.0.20200331",
    "DeviceSerialNumber": "51066",
    "DwellTime": 1.03e-05,
    "EchoTime": 0.00234,
    "FlipAngle": 8,
    "ImageOrientationPatientDICOM": [
      0.0854321,
      0.996344,
      -3.43302e-09,
      -0.00700753,
      0.000600861,
      -0.999975
    ],
    "ImageType": [
      "ORIGINAL",
      "PRIMARY",
      "M",
      "ND",
      "NORM"
    ],
    "ImagingFrequency": 123.239,
    "InPlanePhaseEncodingDirectionDICOM": "ROW",
    "InstitutionAddress": "Blackburn_Road_770_Clayton_Victoria_AU_3168",
    "InstitutionName": "Monash_Biomedical_Imaging",
    "InstitutionalDepartmentName": "Department",
    "InversionTime": 0.9,
    "MRAcquisitionType": "3D",
    "MagneticFieldStrength": 3,
    "Manufacturer": "Siemens",
    "ManufacturersModelName": "Biograph_mMR",
    "Modality": "MR",
    "ParallelReductionFactorInPlane": 2,
    "PartialFourier": 1,
    "PatientPosition": "HFS",
    "PercentPhaseFOV": 100,
    "PercentSampling": 100,
    "PhaseEncodingSteps": 255,
    "PhaseResolution": 1,
    "PixelBandwidth": 190,
    "ProcedureStepDescription": "MR-PET_Scan",
    "ProtocolName": "Head_t1_mprage_sag_1_iso",
    "PulseSequenceDetails": "%SiemensSeq%_tfl",
    "ReceiveCoilName": "HeadNeck_MRPET",
    "ReconMatrixPE": 256,
    "RefLinesPE": 24,
    "RepetitionTime": 1.64,
    "SAR": 0.0557343,
    "ScanOptions": "IR",
    "ScanningSequence": "GR_IR",
    "SequenceName": "_tfl3d1_ns",
    "SequenceVariant": "SP_MP",
    "SeriesDescription": "Head_t1_mprage_sag_1_iso",
    "SeriesNumber": 11,
    "ShimSetting": [
      -8356,
      -914,
      -4234,
      -36,
      -238,
      48,
      -320,
      -142
    ],
    "SliceThickness": 1,
    "SoftwareVersions": "syngo_MR_B20P",
    "StationName": "MRC51066",
    "TxRefAmp": 290.815,
    "dataset": "ds002898",
    "modality": "T1w",
    "subject_id": "26"
  },
  "cjv": 0.4848285883515766,
  "cnr": 2.7739655156433813,
  "efc": 0.5675139707370106,
  "fber": 1794.852180014872,
  "fwhm_avg": 3.8135966666666667,
  "fwhm_x": 3.7164,
  "fwhm_y": 3.7673,
  "fwhm_z": 3.95709,
  "icvs_csf": 0.1655558752024663,
  "icvs_gm": 0.448030188036196,
  "icvs_wm": 0.38641393676133773,
  "inu_med": 1.660689115524292,
  "inu_range": 0.6502683460712433,
  "provenance": {
    "md5sum": "5a4aca4f2b0cd3f786e65b23f6feb25c",
    "settings": {
      "testing": false
    },
    "software": "mriqc",
    "version": "21.0.0rc2",
    "warnings": {
      "large_rot_frame": true,
      "small_air_mask": false
    },
    "webapi_port": null,
    "webapi_url": "https://mriqc.nimh.nih.gov/api/v1"
  },
  "qi_1": 0.0,
  "qi_2": 0.0035186476264501532,
  "rpve_csf": 33.418281813783494,
  "rpve_gm": 13.907475300806672,
  "rpve_wm": 18.167915580510915,
  "size_x": 176,
  "size_y": 256,
  "size_z": 256,
  "snr_csf": 2.719938538157055,
  "snr_gm": 13.030240854083756,
  "snr_total": 10.469747650474632,
  "snr_wm": 15.659063559183087,
  "snrd_csf": 22.746919949513682,
  "snrd_gm": 43.107003412787,
  "snrd_total": 40.909864075990704,
  "snrd_wm": 56.875668865671436,
  "spacing_x": 1.0,
  "spacing_y": 1.0,
  "spacing_z": 1.0,
  "summary_bg_k": 3.577229724474666,
  "summary_bg_mad": 11.518746022397798,
  "summary_bg_mean": 18.350717125493933,
  "summary_bg_median": 15.7151267118752,
  "summary_bg_n": 3062073.0,
  "summary_bg_p05": 2.5897587090730667,
  "summary_bg_p95": 41.6715719550848,
  "summary_bg_stdv": 12.437982837458,
  "summary_csf_k": 46.396901204079164,
  "summary_csf_mad": 103.05787160948333,
  "summary_csf_mean": 426.1014077896773,
  "summary_csf_median": 399.941146094352,
  "summary_csf_n": 12043.0,
  "summary_csf_p05": 270.3354943357408,
  "summary_csf_p95": 629.9470343515277,
  "summary_csf_stdv": 147.03440369149772,
  "summary_gm_k": 0.07069253936016295,
  "summary_gm_mad": 56.98288751989213,
  "summary_gm_mean": 758.5542320654453,
  "summary_gm_median": 757.9164294712245,
  "summary_gm_n": 25688.0,
  "summary_gm_p05": 663.6256691999733,
  "summary_gm_p95": 855.8563951961696,
  "summary_gm_stdv": 58.164824846352566,
  "summary_wm_k": 0.23020830341896747,
  "summary_wm_mad": 60.38615339014603,
  "summary_wm_mean": 997.4746685345822,
  "summary_wm_median": 1000.0000106170774,
  "summary_wm_n": 193544.0,
  "summary_wm_p05": 886.462634485215,
  "summary_wm_p95": 1099.2937138490379,
  "summary_wm_stdv": 63.86061487280861,
  "tpm_overlap_csf": 0.1525236964225769,
  "tpm_overlap_gm": 0.45243215560913086,
  "tpm_overlap_wm": 0.49531716108322144,
  "wm2max": 0.4680053990028372
}