{
  "aor": 0.004612768595041322,
  "aqi": 0.04039398305785124,
  "bids_meta": {
    "AcquisitionMatrixPE": 64,
    "AcquisitionNumber": 1,
    "AcquisitionTime": "11:53:55.307500",
    "BandwidthPerPixelPhaseEncode": 56.818,
    "CoilString": "NN",
    "ConversionSoftware": "dcm2niix",
    "ConversionSoftwareVersion": "v1.0.20200331",
    "DerivedVendorReportedEchoSpacing": 0.000550002,
    "DeviceSerialNumber": "51066",
    "EchoTime": 0.03,
    "EffectiveEchoSpacing": 0.000275001,
    "FlipAngle": 90,
    "ImageOrientationPatientDICOM": [
      1,
      -2.04125e-10,
      2.0015e-11,
      2.05103e-10,
      0.995227,
      -0.0975829
    ],
    "ImageType": [
      "ORIGINAL",
      "PRIMARY",
      "M",
      "ND",
      "NORM",
      "MOSAIC"
    ],
    "ImagingFrequency": 123.24,
    "InPlanePhaseEncodingDirectionDICOM": "ROW",
    "InstitutionAddress": "Blackburn_Road_770_Clayton_Victoria_AU_3168",
    "InstitutionName": "Monash_Biomedical_Imaging",
    "MRAcquisitionType": "2D",
    "MagneticFieldStrength": 3,
    "Manufacturer": "Siemens",
    "ManufacturersModelName": "Biograph_mMR",
    "Modality": "MR",
    "ParallelReductionFactorInPlane": 2,
    "PatientPosition": "HFS",
    "PercentPhaseFOV": 100,
    "PercentSampling": 100,
    "PhaseEncodingDirection": "i",
    "PixelBandwidth": 2367,
    "ProcedureStepDescription": "MR-PET_Scan",
    "ProtocolName": "Resting_6_ep2d_task_bold",
    "ReceiveCoilActiveElements": "T:HEA;HEP",
    "ReconMatrixPE": 64,
    "RepetitionTime": 2.45,
    "ScanOptions": "FS",
    "ScanningSequence": "EP",
    "SequenceVariant": "SK",
    "SeriesDescription": "Resting_6_ep2d_task_bold",
    "SeriesNumber": 36,
    "SliceThickness": 3,
    "SliceTiming": [
      1.225,
      0.0,
      1.2806818181818183,
      0.055681818181818186,
      1.3363636363636364,
      0.11136363636363637,
      1.3920454545454546,
      0.16704545454545455,
      1.4477272727272728,
      0.22272727272727275,
      1.5034090909090911,
      0.27840909090909094,
      1.5590909090909093,
      0.3340909090909091,
      1.6147727272727275,
      0.3897727272727273,
      1.6704545454545456,
      0.4454545454545455,
      1.7261363636363638,
      0.5011363636363637,
      1.781818181818182,
      0.5568181818181819,
      1.8375000000000001,
      0.6125,
      1.8931818181818183,
      0.6681818181818182,
      1.9488636363636365,
      0.7238636363636364,
      2.004545454545455,
      0.7795454545454547,
      2.060227272727273,
      0.8352272727272728,
      2.115909090909091,
      0.890909090909091,
      2.1715909090909093,
      0.9465909090909091,
      2.2272727272727275,
      1.0022727272727274,
      2.2829545454545457,
      1.0579545454545456,
      2.338636363636364,
      1.1136363636363638,
      2.394318181818182,
      1.169318181818182
    ],
    "SoftwareVersions": "syngo_MR_B20P",
    "SpacingBetweenSlices": 3,
    "StationName": "MRC51066",
    "TaskName": "rest",
    "TotalReadoutTime": 0.0173251,
    "dataset": "ds002898",
    "modality": "bold",
    "run_id": 6,
    "subject_id": "05",
    "task_id": "rest"
  },
  "dummy_trs": 0,
  "dvars_nstd": 44.619108381991694,
  "dvars_std": 1.0709980945643154,
  "dvars_vstd": 1.0042766023651453,
  "efc": 0.6205898865615779,
  "fber": 581.8975219726562,
  "fd_mean": 0.3111744838423948,
  "fd_num": 107,
  "fd_perc": 44.21487603305785,
  "fwhm_avg": 1.6154463040935674,
  "fwhm_x": 1.5452395789473685,
  "fwhm_y": 1.700096,
  "fwhm_z": 1.6010033333333331,
  "gcor": 0.0739229,
  "gsr_x": 0.010101125575602055,
  "gsr_y": 0.030238237231969833,
  "provenance": {
    "md5sum": "dc49a71a6c300aa758db3f81b39724bd",
    "settings": {
      "fd_thres": 0.2,
      "testing": false
    },
    "software": "mriqc",
    "version": "21.0.0rc2",
    "webapi_port": null,
    "webapi_url": "https://mriqc.nimh.nih.gov/api/v1"
  },
  "size_t": 242,
  "size_x": 64,
  "size_y": 64,
  "size_z": 44,
  "snr": 7.284384391675217,
  "spacing_tr": 2.450000047683716,
  "spacing_x": 2.96875,
  "spacing_y": 2.96875,
  "spacing_z": 3.0,
  "summary_bg_k": 17.107800964424012,
  "summary_bg_mad": 18.060790404719214,
  "summary_bg_mean": 56.746456146240234,
  "summary_bg_median": 29.458677291870117,
  "summary_bg_n": 93146.0,
  "summary_bg_p05": 13.439049005508423,
  "summary_bg_p95": 203.75721740722656,
  "summary_bg_stdv": 70.97710418701172,
  "summary_fg_k": 1.7961958139320657,
  "summary_fg_mad": 92.23986536772938,
  "summary_fg_mean": 715.0060424804688,
  "summary_fg_median": 709.3346557617188,
  "summary_fg_n": 46943.0,
  "summary_fg_p05": 571.2532592773438,
  "summary_fg_p95": 871.2747314453126,
  "summary_fg_stdv": 97.37639617919922,
  "tsnr": 27.298267987556756
}