{
  "aor": 0.0008691322314049588,
  "aqi": 0.04355738016528926,
  "bids_meta": {
    "AcquisitionMatrixPE": 64,
    "AcquisitionNumber": 1,
    "AcquisitionTime": "14:00:33.307500",
    "BandwidthPerPixelPhaseEncode": 56.818,
    "CoilString": "NN",
    "ConversionSoftware": "dcm2niix",
    "ConversionSoftwareVersion": "v1.0.20200331",
    "DerivedVendorReportedEchoSpacing": 0.000550002,
    "DeviceSerialNumber": "51066",
    "EchoTime": 0.03,
    "EffectiveEchoSpacing": 0.000275001,
    "FlipAngle": 90,
    "ImageOrientationPatientDICOM": [
      1,
      -2.05103e-10,
      0,
      2.05103e-10,
      1,
      0
    ],
    "ImageType": [
      "ORIGINAL",
      "PRIMARY",
      "M",
      "ND",
      "NORM",
      "MOSAIC"
    ],
    "ImagingFrequency": 123.24,
    "InPlanePhaseEncodingDirectionDICOM": "ROW",
    "InstitutionAddress": "Blackburn_Road_770_Clayton_Victoria_AU_3168",
    "InstitutionName": "Monash_Biomedical_Imaging",
    "MRAcquisitionType": "2D",
    "MagneticFieldStrength": 3,
    "Manufacturer": "Siemens",
    "ManufacturersModelName": "Biograph_mMR",
    "Modality": "MR",
    "ParallelReductionFactorInPlane": 2,
    "PatientPosition": "HFS",
    "PercentPhaseFOV": 100,
    "PercentSampling": 100,
    "PhaseEncodingDirection": "i",
    "PixelBandwidth": 2367,
    "ProcedureStepDescription": "MR-PET_Scan",
    "ProtocolName": "Resting_4_ep2d_task_bold",
    "ReceiveCoilActiveElements": "T:HEA;HEP",
    "ReconMatrixPE": 64,
    "RepetitionTime": 2.45,
    "ScanOptions": "FS",
    "ScanningSequence": "EP",
    "SequenceVariant": "SK",
    "SeriesDescription": "Resting_4_ep2d_task_bold",
    "SeriesNumber": 34,
    "SliceThickness": 3,
    "SliceTiming": [
      1.225,
      0.0,
      1.2806818181818183,
      0.055681818181818186,
      1.3363636363636364,
      0.11136363636363637,
      1.3920454545454546,
      0.16704545454545455,
      1.4477272727272728,
      0.22272727272727275,
      1.5034090909090911,
      0.27840909090909094,
      1.5590909090909093,
      0.3340909090909091,
      1.6147727272727275,
      0.3897727272727273,
      1.6704545454545456,
      0.4454545454545455,
      1.7261363636363638,
      0.5011363636363637,
      1.781818181818182,
      0.5568181818181819,
      1.8375000000000001,
      0.6125,
      1.8931818181818183,
      0.6681818181818182,
      1.9488636363636365,
      0.7238636363636364,
      2.004545454545455,
      0.7795454545454547,
      2.060227272727273,
      0.8352272727272728,
      2.115909090909091,
      0.890909090909091,
      2.1715909090909093,
      0.9465909090909091,
      2.2272727272727275,
      1.0022727272727274,
      2.2829545454545457,
      1.0579545454545456,
      2.338636363636364,
      1.1136363636363638,
      2.394318181818182,
      1.169318181818182
    ],
    "SoftwareVersions": "syngo_MR_B20P",
    "SpacingBetweenSlices": 3,
    "StationName": "MRC51066",
    "TaskName": "rest",
    "TotalReadoutTime": 0.0173251,
    "dataset": "ds002898",
    "modality": "bold",
    "run_id": 4,
    "subject_id": "24",
    "task_id": "rest"
  },
  "dummy_trs": 0,
  "dvars_nstd": 32.341795593236526,
  "dvars_std": 1.021604223278008,
  "dvars_vstd": 0.9832359933195015,
  "efc": 0.5199003043013706,
  "fber": 967.1166381835938,
  "fd_mean": 0.19165687471063977,
  "fd_num": 75,
  "fd_perc": 30.99173553719008,
  "fwhm_avg": 1.654354187134503,
  "fwhm_x": 1.5827873684210527,
  "fwhm_y": 1.7576185263157895,
  "fwhm_z": 1.6226566666666666,
  "gcor": 0.0185584,
  "gsr_x": -0.0011577524710446596,
  "gsr_y": 0.01425292156636715,
  "provenance": {
    "md5sum": "ca743a5ad02148d741599dca2d169c98",
    "settings": {
      "fd_thres": 0.2,
      "testing": false
    },
    "software": "mriqc",
    "version": "21.0.0rc2",
    "webapi_port": null,
    "webapi_url": "https://mriqc.nimh.nih.gov/api/v1"
  },
  "size_t": 242,
  "size_x": 64,
  "size_y": 64,
  "size_z": 44,
  "snr": 9.04814244303414,
  "spacing_tr": 2.450000047683716,
  "spacing_x": 2.96875,
  "spacing_y": 2.96875,
  "spacing_z": 3.0,
  "summary_bg_k": 51.22140345297175,
  "summary_bg_mad": 12.081369419698387,
  "summary_bg_mean": 38.54597091674805,
  "summary_bg_median": 25.061983108520508,
  "summary_bg_n": 112094.0,
  "summary_bg_p05": 13.070247650146484,
  "summary_bg_p95": 102.78388252258294,
  "summary_bg_stdv": 49.265968322753906,
  "summary_fg_k": 4.999605993584141,
  "summary_fg_mad": 70.30718889011793,
  "summary_fg_mean": 772.052734375,
  "summary_fg_median": 769.9813842773438,
  "summary_fg_n": 31666.0,
  "summary_fg_p05": 648.4741516113281,
  "summary_fg_p95": 905.2313842773438,
  "summary_fg_stdv": 85.09693908691406,
  "tsnr": 35.562349405139685
}